{
  "aor": 0.0005066538461538462,
  "aqi": 0.019372510384615384,
  "bids_meta": {
    "EchoTime": 0.03,
    "EffectiveEchoSpacing": 0.000390006,
    "FlipAngle": 90,
    "ImageType": [
      "ORIGINAL",
      "PRIMARY",
      "M",
      "ND",
      "NORM",
      "MOS"
    ],
    "MagneticFieldStrength": 3,
    "Manufacturer": "Siemens",
    "ManufacturersModelName": "TrioTim",
    "PhaseEncodingDirection": "j-",
    "PulseSequenceType": "Gradient Echo EPI",
    "RepetitionTime": 2.5,
    "SliceTiming": [
      0,
      1.285,
      0.0625,
      1.35,
      0.1275,
      1.415,
      0.1925,
      1.48,
      0.2575,
      1.5425,
      0.32,
      1.6075,
      0.385,
      1.6725,
      0.45,
      1.7375,
      0.5125,
      1.8,
      0.5775,
      1.865,
      0.6425,
      1.93,
      0.7075,
      1.9925,
      0.77,
      2.0575,
      0.835,
      2.1225,
      0.9,
      2.1875,
      0.965,
      2.25,
      1.0275,
      2.315,
      1.0925,
      2.38,
      1.1575,
      2.445,
      1.2225
    ],
    "TaskName": "Experimental Run 3",
    "dataset": "ds000253",
    "modality": "bold",
    "subject_id": "19",
    "task_id": "run3"
  },
  "dummy_trs": 0,
  "dvars_nstd": 42.90271524853277,
  "dvars_std": 1.057512657528958,
  "dvars_vstd": 0.9887473577220072,
  "efc": 0.5933415789710322,
  "fber": 669.755615234375,
  "fd_mean": 0.08897477581059798,
  "fd_num": 18,
  "fd_perc": 6.923076923076923,
  "fwhm_avg": 2.0455894444444445,
  "fwhm_x": 2.131725,
  "fwhm_y": 2.28531,
  "fwhm_z": 1.7197333333333333,
  "gcor": 0.013043,
  "gsr_x": 0.01692277006804943,
  "gsr_y": 0.013464861549437046,
  "provenance": {
    "md5sum": "ea360e1d56ada719f408bf5951e3f516",
    "settings": {
      "fd_thres": 0.2,
      "testing": false
    },
    "software": "mriqc",
    "version": "22.0.1",
    "webapi_port": null,
    "webapi_url": "https://mriqc.nimh.nih.gov/api/v1"
  },
  "size_t": 260,
  "size_x": 96,
  "size_y": 96,
  "size_z": 39,
  "snr": 5.938481480301221,
  "spacing_tr": 2.5,
  "spacing_x": 2.0,
  "spacing_y": 2.0,
  "spacing_z": 3.0,
  "summary_bg_k": 23.301805245903648,
  "summary_bg_mad": 7.390201740617483,
  "summary_bg_mean": 20.734935760498047,
  "summary_bg_median": 12.519230842590332,
  "summary_bg_n": 201504.0,
  "summary_bg_p05": 5.661538600921631,
  "summary_bg_p95": 63.21923065185547,
  "summary_bg_stdv": 27.35887908935547,
  "summary_fg_k": 1.2037544174731432,
  "summary_fg_mad": 52.64378060506482,
  "summary_fg_mean": 335.9444274902344,
  "summary_fg_median": 331.3884582519531,
  "summary_fg_n": 94173.0,
  "summary_fg_p05": 255.0807647705078,
  "summary_fg_p95": 428.92460327148433,
  "summary_fg_stdv": 55.80327224731445,
  "tsnr": 32.893192934338
}