{
  "aor": 0.0004229230769230769,
  "aqi": 0.01676709,
  "bids_meta": {
    "EchoTime": 0.03,
    "EffectiveEchoSpacing": 0.000390006,
    "FlipAngle": 90,
    "ImageType": [
      "ORIGINAL",
      "PRIMARY",
      "M",
      "ND",
      "NORM",
      "MOS"
    ],
    "MagneticFieldStrength": 3,
    "Manufacturer": "Siemens",
    "ManufacturersModelName": "TrioTim",
    "PhaseEncodingDirection": "j-",
    "PulseSequenceType": "Gradient Echo EPI",
    "RepetitionTime": 2.5,
    "SliceTiming": [
      0,
      1.2875,
      0.065,
      1.3525,
      0.13,
      1.4175,
      0.195,
      1.48,
      0.2575,
      1.545,
      0.3225,
      1.61,
      0.3875,
      1.675,
      0.4525,
      1.7375,
      0.515,
      1.8025,
      0.58,
      1.8675,
      0.645,
      1.9325,
      0.71,
      1.995,
      0.7725,
      2.06,
      0.8375,
      2.125,
      0.9025,
      2.19,
      0.9675,
      2.2525,
      1.03,
      2.3175,
      1.095,
      2.3825,
      1.16,
      2.4475,
      1.225
    ],
    "TaskName": "Experimental Run 4",
    "dataset": "ds000253",
    "modality": "bold",
    "subject_id": "19",
    "task_id": "run4"
  },
  "dummy_trs": 0,
  "dvars_nstd": 42.284713907181484,
  "dvars_std": 1.062443156100386,
  "dvars_vstd": 0.9986564050193045,
  "efc": 0.5945284726144578,
  "fber": 643.6356811523438,
  "fd_mean": 0.08593811785625602,
  "fd_num": 17,
  "fd_perc": 6.538461538461538,
  "fwhm_avg": 2.034812222222222,
  "fwhm_x": 2.11166,
  "fwhm_y": 2.27024,
  "fwhm_z": 1.7225366666666666,
  "gcor": 0.0119206,
  "gsr_x": 0.01608136296272278,
  "gsr_y": 0.013797089457511902,
  "provenance": {
    "md5sum": "172c3d0b662f52f8cbd83d823a8def77",
    "settings": {
      "fd_thres": 0.2,
      "testing": false
    },
    "software": "mriqc",
    "version": "22.0.1",
    "webapi_port": null,
    "webapi_url": "https://mriqc.nimh.nih.gov/api/v1"
  },
  "size_t": 260,
  "size_x": 96,
  "size_y": 96,
  "size_z": 39,
  "snr": 5.982546098626579,
  "spacing_tr": 2.5,
  "spacing_x": 2.0,
  "spacing_y": 2.0,
  "spacing_z": 3.0,
  "summary_bg_k": 22.80002229711652,
  "summary_bg_mad": 7.435819737478708,
  "summary_bg_mean": 21.01412010192871,
  "summary_bg_median": 12.692307472229004,
  "summary_bg_n": 201443.0,
  "summary_bg_p05": 5.8423075675964355,
  "summary_bg_p95": 65.03845977783203,
  "summary_bg_stdv": 27.6021785736084,
  "summary_fg_k": 1.1657392270087836,
  "summary_fg_mad": 52.569645969596635,
  "summary_fg_mean": 336.0156555175781,
  "summary_fg_median": 331.3384704589844,
  "summary_fg_n": 94116.0,
  "summary_fg_p05": 256.0961608886719,
  "summary_fg_p95": 428.0913543701172,
  "summary_fg_stdv": 55.38389587402344,
  "tsnr": 34.333126589655876
}