{
  "aor": 0.0008479615384615384,
  "aqi": 0.019435753846153845,
  "bids_meta": {
    "EchoTime": 0.03,
    "EffectiveEchoSpacing": 0.000390006,
    "FlipAngle": 90,
    "ImageType": [
      "ORIGINAL",
      "PRIMARY",
      "M",
      "ND",
      "NORM",
      "MOS"
    ],
    "MagneticFieldStrength": 3,
    "Manufacturer": "Siemens",
    "ManufacturersModelName": "TrioTim",
    "PhaseEncodingDirection": "j-",
    "PulseSequenceType": "Gradient Echo EPI",
    "RepetitionTime": 2.5,
    "SliceTiming": [
      0,
      1.2875,
      0.065,
      1.3525,
      0.13,
      1.4175,
      0.1925,
      1.48,
      0.2575,
      1.545,
      0.3225,
      1.61,
      0.3875,
      1.6725,
      0.45,
      1.7375,
      0.515,
      1.8025,
      0.58,
      1.8675,
      0.645,
      1.93,
      0.7075,
      1.995,
      0.7725,
      2.06,
      0.8375,
      2.125,
      0.9025,
      2.1875,
      0.965,
      2.2525,
      1.03,
      2.3175,
      1.095,
      2.3825,
      1.16,
      2.445,
      1.2225
    ],
    "TaskName": "Experimental Run 1",
    "dataset": "ds000253",
    "modality": "bold",
    "subject_id": "19",
    "task_id": "run1"
  },
  "dummy_trs": 0,
  "dvars_nstd": 44.21085236880312,
  "dvars_std": 1.071881922046331,
  "dvars_vstd": 1.0029246586100378,
  "efc": 0.5918415038110305,
  "fber": 674.362060546875,
  "fd_mean": 0.15179412649864918,
  "fd_num": 62,
  "fd_perc": 23.846153846153847,
  "fwhm_avg": 2.05764,
  "fwhm_x": 2.150365,
  "fwhm_y": 2.309275,
  "fwhm_z": 1.7132800000000001,
  "gcor": 0.0206966,
  "gsr_x": 0.016264431178569794,
  "gsr_y": 0.014532113447785378,
  "provenance": {
    "md5sum": "bac17c8ef6855044b393393e4378413a",
    "settings": {
      "fd_thres": 0.2,
      "testing": false
    },
    "software": "mriqc",
    "version": "22.0.1",
    "webapi_port": null,
    "webapi_url": "https://mriqc.nimh.nih.gov/api/v1"
  },
  "size_t": 260,
  "size_x": 96,
  "size_y": 96,
  "size_z": 39,
  "snr": 5.8666556155400436,
  "spacing_tr": 2.5,
  "spacing_x": 2.0,
  "spacing_y": 2.0,
  "spacing_z": 3.0,
  "summary_bg_k": 23.12881372656896,
  "summary_bg_mad": 7.270454057006876,
  "summary_bg_mean": 20.381376266479492,
  "summary_bg_median": 12.438461303710938,
  "summary_bg_n": 201824.0,
  "summary_bg_p05": 5.599999904632568,
  "summary_bg_p95": 60.68846130371094,
  "summary_bg_stdv": 26.478445053100586,
  "summary_fg_k": 1.384067459563962,
  "summary_fg_mad": 52.41284793528782,
  "summary_fg_mean": 334.4026794433594,
  "summary_fg_median": 330.20770263671875,
  "summary_fg_n": 93738.0,
  "summary_fg_p05": 252.63788146972655,
  "summary_fg_p95": 428.008267211914,
  "summary_fg_stdv": 56.28520965576172,
  "tsnr": 32.30090197501704
}