{
  "aor": 0.0003599615384615385,
  "aqi": 0.016972939615384618,
  "bids_meta": {
    "EchoTime": 0.03,
    "EffectiveEchoSpacing": 0.000390006,
    "FlipAngle": 90,
    "ImageType": [
      "ORIGINAL",
      "PRIMARY",
      "M",
      "ND",
      "NORM",
      "MOS"
    ],
    "MagneticFieldStrength": 3,
    "Manufacturer": "Siemens",
    "ManufacturersModelName": "TrioTim",
    "PhaseEncodingDirection": "j-",
    "PulseSequenceType": "Gradient Echo EPI",
    "RepetitionTime": 2.5,
    "SliceTiming": [
      0,
      1.2875,
      0.065,
      1.35,
      0.1275,
      1.415,
      0.1925,
      1.48,
      0.2575,
      1.545,
      0.3225,
      1.6075,
      0.385,
      1.6725,
      0.45,
      1.7375,
      0.515,
      1.8025,
      0.58,
      1.865,
      0.6425,
      1.93,
      0.7075,
      1.995,
      0.7725,
      2.06,
      0.835,
      2.1225,
      0.9,
      2.1875,
      0.965,
      2.2525,
      1.03,
      2.315,
      1.0925,
      2.38,
      1.1575,
      2.445,
      1.2225
    ],
    "TaskName": "Experimental Run 2",
    "dataset": "ds000253",
    "modality": "bold",
    "subject_id": "19",
    "task_id": "run2"
  },
  "dummy_trs": 0,
  "dvars_nstd": 42.60824967918917,
  "dvars_std": 1.063946847760618,
  "dvars_vstd": 0.9983083986872585,
  "efc": 0.5925608853836657,
  "fber": 660.4776611328125,
  "fd_mean": 0.09861193956946299,
  "fd_num": 14,
  "fd_perc": 5.384615384615385,
  "fwhm_avg": 2.0508422222222222,
  "fwhm_x": 2.1305,
  "fwhm_y": 2.30105,
  "fwhm_z": 1.7209766666666668,
  "gcor": 0.0132383,
  "gsr_x": 0.01727716624736786,
  "gsr_y": 0.01464084256440401,
  "provenance": {
    "md5sum": "c0de675e5f00ff8b97d6a45c73c4a004",
    "settings": {
      "fd_thres": 0.2,
      "testing": false
    },
    "software": "mriqc",
    "version": "22.0.1",
    "webapi_port": null,
    "webapi_url": "https://mriqc.nimh.nih.gov/api/v1"
  },
  "size_t": 260,
  "size_x": 96,
  "size_y": 96,
  "size_z": 39,
  "snr": 5.901109760013658,
  "spacing_tr": 2.5,
  "spacing_x": 2.0,
  "spacing_y": 2.0,
  "spacing_z": 3.0,
  "summary_bg_k": 22.894919306592403,
  "summary_bg_mad": 7.3559884197115215,
  "summary_bg_mean": 20.618227005004883,
  "summary_bg_median": 12.573077201843262,
  "summary_bg_n": 201663.0,
  "summary_bg_p05": 5.75,
  "summary_bg_p95": 62.518076324462825,
  "summary_bg_stdv": 27.040494918823242,
  "summary_fg_k": 1.2944399234179134,
  "summary_fg_mad": 52.894666509044725,
  "summary_fg_mean": 335.6488342285156,
  "summary_fg_median": 331.3692321777344,
  "summary_fg_n": 93987.0,
  "summary_fg_p05": 254.27922821044922,
  "summary_fg_p95": 428.8538513183594,
  "summary_fg_stdv": 56.15341567993164,
  "tsnr": 33.99112575512845
}