{
  "aor": 0.0006203846153846154,
  "aqi": 0.03255430461538461,
  "bids_meta": {
    "EchoTime": 0.03,
    "EffectiveEchoSpacing": 0.000390006,
    "FlipAngle": 90,
    "ImageType": [
      "ORIGINAL",
      "PRIMARY",
      "M",
      "ND",
      "NORM",
      "MOS"
    ],
    "MagneticFieldStrength": 3,
    "Manufacturer": "Siemens",
    "ManufacturersModelName": "TrioTim",
    "PhaseEncodingDirection": "j-",
    "PulseSequenceType": "Gradient Echo EPI",
    "RepetitionTime": 2.5,
    "SliceTiming": [
      0,
      1.2875,
      0.065,
      1.3525,
      0.13,
      1.4175,
      0.195,
      1.48,
      0.2575,
      1.545,
      0.3225,
      1.61,
      0.3875,
      1.675,
      0.4525,
      1.7375,
      0.515,
      1.8025,
      0.58,
      1.8675,
      0.645,
      1.9325,
      0.7075,
      1.995,
      0.7725,
      2.06,
      0.8375,
      2.125,
      0.9025,
      2.1875,
      0.965,
      2.2525,
      1.03,
      2.3175,
      1.095,
      2.3825,
      1.16,
      2.445,
      1.2225
    ],
    "TaskName": "Experimental Run 4",
    "dataset": "ds000253",
    "modality": "bold",
    "subject_id": "15",
    "task_id": "run4"
  },
  "dummy_trs": 0,
  "dvars_nstd": 44.22929192355212,
  "dvars_std": 1.025257154169884,
  "dvars_vstd": 0.9548285254826254,
  "efc": 0.6061067659051549,
  "fber": 714.4658813476562,
  "fd_mean": 0.1880524304879506,
  "fd_num": 83,
  "fd_perc": 31.923076923076923,
  "fwhm_avg": 2.0669355555555553,
  "fwhm_x": 2.05841,
  "fwhm_y": 2.42912,
  "fwhm_z": 1.7132766666666666,
  "gcor": 0.00460533,
  "gsr_x": -8.948057075031102e-05,
  "gsr_y": 0.03508072718977928,
  "provenance": {
    "md5sum": "c443dcd39d48539c33cfdd0edb46e64c",
    "settings": {
      "fd_thres": 0.2,
      "testing": false
    },
    "software": "mriqc",
    "version": "22.0.1",
    "webapi_port": null,
    "webapi_url": "https://mriqc.nimh.nih.gov/api/v1"
  },
  "size_t": 260,
  "size_x": 96,
  "size_y": 96,
  "size_z": 39,
  "snr": 6.080590956515231,
  "spacing_tr": 2.5,
  "spacing_x": 2.0,
  "spacing_y": 2.0,
  "spacing_z": 3.0,
  "summary_bg_k": 34.54220318701444,
  "summary_bg_mad": 9.83079391152589,
  "summary_bg_mean": 30.104053497314453,
  "summary_bg_median": 17.615385055541992,
  "summary_bg_n": 192718.0,
  "summary_bg_p05": 8.411538124084473,
  "summary_bg_p95": 90.70172843933099,
  "summary_bg_stdv": 41.359195709228516,
  "summary_fg_k": 1.4012881197971359,
  "summary_fg_mad": 76.45663088608204,
  "summary_fg_mean": 491.7110290527344,
  "summary_fg_median": 486.74615478515625,
  "summary_fg_n": 99812.0,
  "summary_fg_p05": 371.54998779296875,
  "summary_fg_p95": 619.3436309814452,
  "summary_fg_stdv": 80.04875183105469,
  "tsnr": 29.76175349042751
}