{
  "aor": 0.0013300632911392406,
  "aqi": 0.021316225632911395,
  "bids_meta": {
    "EchoTime": 0.03,
    "EffectiveEchoSpacing": 0.000390006,
    "FlipAngle": 90,
    "ImageType": [
      "ORIGINAL",
      "PRIMARY",
      "M",
      "ND",
      "NORM",
      "MOS"
    ],
    "MagneticFieldStrength": 3,
    "Manufacturer": "Siemens",
    "ManufacturersModelName": "TrioTim",
    "PhaseEncodingDirection": "j-",
    "PulseSequenceType": "Gradient Echo EPI",
    "RepetitionTime": 2.5,
    "SliceTiming": [
      0,
      1.2875,
      0.065,
      1.3525,
      0.13,
      1.4175,
      0.195,
      1.48,
      0.2575,
      1.545,
      0.3225,
      1.61,
      0.3875,
      1.675,
      0.4525,
      1.7375,
      0.515,
      1.8025,
      0.58,
      1.8675,
      0.645,
      1.9325,
      0.71,
      1.995,
      0.7725,
      2.06,
      0.8375,
      2.125,
      0.9025,
      2.19,
      0.965,
      2.2525,
      1.03,
      2.3175,
      1.095,
      2.3825,
      1.16,
      2.445,
      1.2225
    ],
    "TaskName": "Localizer",
    "dataset": "ds000253",
    "modality": "bold",
    "subject_id": "15",
    "task_id": "localizer"
  },
  "dummy_trs": 0,
  "dvars_nstd": 45.84897694657146,
  "dvars_std": 1.0967275765079354,
  "dvars_vstd": 1.0032605971428568,
  "efc": 0.606817361332377,
  "fber": 682.1756591796875,
  "fd_mean": 0.22649892516695594,
  "fd_num": 121,
  "fd_perc": 38.29113924050633,
  "fwhm_avg": 2.0266344444444444,
  "fwhm_x": 2.02515,
  "fwhm_y": 2.37951,
  "fwhm_z": 1.6752433333333334,
  "gcor": 0.0124278,
  "gsr_x": -0.002831150544807315,
  "gsr_y": 0.033723197877407074,
  "provenance": {
    "md5sum": "39a623801d7d6f1157655459a92652db",
    "settings": {
      "fd_thres": 0.2,
      "testing": false
    },
    "software": "mriqc",
    "version": "22.0.1",
    "webapi_port": null,
    "webapi_url": "https://mriqc.nimh.nih.gov/api/v1"
  },
  "size_t": 316,
  "size_x": 96,
  "size_y": 96,
  "size_z": 39,
  "snr": 5.967660668790294,
  "spacing_tr": 2.5,
  "spacing_x": 2.0,
  "spacing_y": 2.0,
  "spacing_z": 3.0,
  "summary_bg_k": 37.25106552759486,
  "summary_bg_mad": 10.364141373271089,
  "summary_bg_mean": 30.585058212280273,
  "summary_bg_median": 18.212026596069336,
  "summary_bg_n": 192310.0,
  "summary_bg_p05": 8.306962013244629,
  "summary_bg_p95": 90.99715385437004,
  "summary_bg_stdv": 41.677371978759766,
  "summary_fg_k": 1.4177814660113386,
  "summary_fg_mad": 78.29644576679168,
  "summary_fg_mean": 489.9693908691406,
  "summary_fg_median": 484.6803894042969,
  "summary_fg_n": 100259.0,
  "summary_fg_p05": 370.39842529296874,
  "summary_fg_p95": 620.0227905273437,
  "summary_fg_stdv": 81.21741485595703,
  "tsnr": 32.05920459283516
}