{
  "aor": 0.0010069999999999999,
  "aqi": 0.018655656923076924,
  "bids_meta": {
    "EchoTime": 0.03,
    "EffectiveEchoSpacing": 0.000390006,
    "FlipAngle": 90,
    "ImageType": [
      "ORIGINAL",
      "PRIMARY",
      "M",
      "ND",
      "NORM",
      "MOS"
    ],
    "MagneticFieldStrength": 3,
    "Manufacturer": "Siemens",
    "ManufacturersModelName": "TrioTim",
    "PhaseEncodingDirection": "j-",
    "PulseSequenceType": "Gradient Echo EPI",
    "RepetitionTime": 2.5,
    "SliceTiming": [
      0,
      1.285,
      0.0625,
      1.35,
      0.1275,
      1.415,
      0.1925,
      1.48,
      0.2575,
      1.5425,
      0.32,
      1.6075,
      0.385,
      1.6725,
      0.45,
      1.7375,
      0.5125,
      1.8,
      0.5775,
      1.865,
      0.6425,
      1.93,
      0.7075,
      1.9925,
      0.77,
      2.0575,
      0.835,
      2.1225,
      0.9,
      2.1875,
      0.965,
      2.25,
      1.0275,
      2.315,
      1.0925,
      2.38,
      1.1575,
      2.445,
      1.2225
    ],
    "TaskName": "Experimental Run 1",
    "dataset": "ds000253",
    "modality": "bold",
    "subject_id": "15",
    "task_id": "run1"
  },
  "dummy_trs": 0,
  "dvars_nstd": 44.78592534606176,
  "dvars_std": 1.10542257903475,
  "dvars_vstd": 1.0023914976061776,
  "efc": 0.6058347137359478,
  "fber": 689.023681640625,
  "fd_mean": 0.1513934035241747,
  "fd_num": 42,
  "fd_perc": 16.153846153846153,
  "fwhm_avg": 2.0149816666666664,
  "fwhm_x": 2.00217,
  "fwhm_y": 2.350055,
  "fwhm_z": 1.6927199999999998,
  "gcor": 0.0109434,
  "gsr_x": -0.0023540237452834845,
  "gsr_y": 0.03301126882433891,
  "provenance": {
    "md5sum": "50690bfde94a61bda091b1d48ae2e15c",
    "settings": {
      "fd_thres": 0.2,
      "testing": false
    },
    "software": "mriqc",
    "version": "22.0.1",
    "webapi_port": null,
    "webapi_url": "https://mriqc.nimh.nih.gov/api/v1"
  },
  "size_t": 260,
  "size_x": 96,
  "size_y": 96,
  "size_z": 39,
  "snr": 6.009212388310582,
  "spacing_tr": 2.5,
  "spacing_x": 2.0,
  "spacing_y": 2.0,
  "spacing_z": 3.0,
  "summary_bg_k": 37.09039182486482,
  "summary_bg_mad": 9.608402730398254,
  "summary_bg_mean": 29.8164005279541,
  "summary_bg_median": 17.634614944458008,
  "summary_bg_n": 192454.0,
  "summary_bg_p05": 8.519230842590332,
  "summary_bg_p95": 89.98596496582033,
  "summary_bg_stdv": 41.529823303222656,
  "summary_fg_k": 1.5282389362954865,
  "summary_fg_mad": 77.7425059791585,
  "summary_fg_mean": 490.38629150390625,
  "summary_fg_median": 485.14422607421875,
  "summary_fg_n": 99980.0,
  "summary_fg_p05": 372.0459503173828,
  "summary_fg_p95": 618.0540252685546,
  "summary_fg_stdv": 80.7330093383789,
  "tsnr": 34.48074866901152
}