{
  "aor": 0.0006670253164556963,
  "aqi": 0.02342678481012658,
  "bids_meta": {
    "EchoTime": 0.03,
    "EffectiveEchoSpacing": 0.000370002,
    "FlipAngle": 90,
    "ImageType": [
      "ORIGINAL",
      "PRIMARY",
      "M",
      "ND",
      "NORM",
      "MOS"
    ],
    "MagneticFieldStrength": 3,
    "Manufacturer": "Siemens",
    "ManufacturersModelName": "TrioTim",
    "PhaseEncodingDirection": "j-",
    "PulseSequenceType": "Gradient Echo EPI",
    "RepetitionTime": 2.5,
    "SliceTiming": [
      0,
      1.285,
      0.0625,
      1.35,
      0.1275,
      1.415,
      0.1925,
      1.48,
      0.2575,
      1.5425,
      0.32,
      1.6075,
      0.385,
      1.6725,
      0.45,
      1.7375,
      0.515,
      1.8,
      0.5775,
      1.865,
      0.6425,
      1.93,
      0.7075,
      1.995,
      0.7725,
      2.0575,
      0.835,
      2.1225,
      0.9,
      2.1875,
      0.965,
      2.2525,
      1.03,
      2.315,
      1.0925,
      2.38,
      1.1575,
      2.445,
      1.2225
    ],
    "TaskName": "Localizer",
    "dataset": "ds000253",
    "modality": "bold",
    "subject_id": "04",
    "task_id": "localizer"
  },
  "dummy_trs": 0,
  "dvars_nstd": 47.34465296901585,
  "dvars_std": 1.09248296873016,
  "dvars_vstd": 0.9962747260317469,
  "efc": 0.5979033074689297,
  "fber": 527.3783569335938,
  "fd_mean": 0.06251213754086783,
  "fd_num": 12,
  "fd_perc": 3.7974683544303796,
  "fwhm_avg": 1.8847072222222223,
  "fwhm_x": 1.9309,
  "fwhm_y": 2.132145,
  "fwhm_z": 1.5910766666666667,
  "gcor": 0.019308,
  "gsr_x": 0.0010206821607425809,
  "gsr_y": 0.03298801928758621,
  "provenance": {
    "md5sum": "e7761fba27f41d48b7457af7b1ad666c",
    "settings": {
      "fd_thres": 0.2,
      "testing": false
    },
    "software": "mriqc",
    "version": "22.0.1",
    "webapi_port": null,
    "webapi_url": "https://mriqc.nimh.nih.gov/api/v1"
  },
  "size_t": 316,
  "size_x": 96,
  "size_y": 96,
  "size_z": 39,
  "snr": 6.081185741746878,
  "spacing_tr": 2.5,
  "spacing_x": 2.0,
  "spacing_y": 2.0,
  "spacing_z": 3.0,
  "summary_bg_k": 23.76702413476782,
  "summary_bg_mad": 12.40037231708528,
  "summary_bg_mean": 39.857643127441406,
  "summary_bg_median": 22.471519470214844,
  "summary_bg_n": 205675.0,
  "summary_bg_p05": 11.306962013244629,
  "summary_bg_p95": 135.01867065429676,
  "summary_bg_stdv": 49.997283935546875,
  "summary_fg_k": 2.6422687273716488,
  "summary_fg_mad": 74.69314504414862,
  "summary_fg_mean": 533.3553466796875,
  "summary_fg_median": 526.4556884765625,
  "summary_fg_n": 89525.0,
  "summary_fg_p05": 416.0715393066406,
  "summary_fg_p95": 679.66708984375,
  "summary_fg_stdv": 86.57073974609375,
  "tsnr": 31.43538870033808
}