{
  "aor": 0.0012337692307692306,
  "aqi": 0.026466605384615385,
  "bids_meta": {
    "EchoTime": 0.03,
    "EffectiveEchoSpacing": 0.000370002,
    "FlipAngle": 90,
    "ImageType": [
      "ORIGINAL",
      "PRIMARY",
      "M",
      "ND",
      "NORM",
      "MOS"
    ],
    "MagneticFieldStrength": 3,
    "Manufacturer": "Siemens",
    "ManufacturersModelName": "TrioTim",
    "PhaseEncodingDirection": "j-",
    "PulseSequenceType": "Gradient Echo EPI",
    "RepetitionTime": 2.5,
    "SliceTiming": [
      0,
      1.2875,
      0.065,
      1.3525,
      0.13,
      1.4175,
      0.195,
      1.48,
      0.2575,
      1.545,
      0.3225,
      1.61,
      0.3875,
      1.675,
      0.45,
      1.7375,
      0.515,
      1.8025,
      0.58,
      1.8675,
      0.645,
      1.93,
      0.7075,
      1.995,
      0.7725,
      2.06,
      0.8375,
      2.125,
      0.9025,
      2.1875,
      0.965,
      2.2525,
      1.03,
      2.3175,
      1.095,
      2.3825,
      1.16,
      2.445,
      1.2225
    ],
    "TaskName": "Experimental Run 3",
    "dataset": "ds000253",
    "modality": "bold",
    "subject_id": "04",
    "task_id": "run3"
  },
  "dummy_trs": 0,
  "dvars_nstd": 48.60135498911193,
  "dvars_std": 1.0856955460617757,
  "dvars_vstd": 0.9954370236679535,
  "efc": 0.5998533224088954,
  "fber": 500.928955078125,
  "fd_mean": 0.05603529693035986,
  "fd_num": 6,
  "fd_perc": 2.3076923076923075,
  "fwhm_avg": 1.9038755555555555,
  "fwhm_x": 1.94914,
  "fwhm_y": 2.16298,
  "fwhm_z": 1.5995066666666666,
  "gcor": 0.00909164,
  "gsr_x": 0.0014114611549302936,
  "gsr_y": 0.03374866023659706,
  "provenance": {
    "md5sum": "4a29fb08fdfe2e61c6bc2d2886437a46",
    "settings": {
      "fd_thres": 0.2,
      "testing": false
    },
    "software": "mriqc",
    "version": "22.0.1",
    "webapi_port": null,
    "webapi_url": "https://mriqc.nimh.nih.gov/api/v1"
  },
  "size_t": 260,
  "size_x": 96,
  "size_y": 96,
  "size_z": 39,
  "snr": 6.004523834508715,
  "spacing_tr": 2.5,
  "spacing_x": 2.0,
  "spacing_y": 2.0,
  "spacing_z": 3.0,
  "summary_bg_k": 22.530023835116243,
  "summary_bg_mad": 13.001281101812175,
  "summary_bg_mean": 40.725318908691406,
  "summary_bg_median": 23.038461685180664,
  "summary_bg_n": 205741.0,
  "summary_bg_p05": 11.530769348144531,
  "summary_bg_p95": 137.38845825195312,
  "summary_bg_stdv": 50.37102127075195,
  "summary_fg_k": 2.42687264879397,
  "summary_fg_mad": 75.46727171216381,
  "summary_fg_mean": 531.8084106445312,
  "summary_fg_median": 524.71728515625,
  "summary_fg_n": 89472.0,
  "summary_fg_p05": 413.15806884765624,
  "summary_fg_p95": 681.0115356445312,
  "summary_fg_stdv": 87.38650512695312,
  "tsnr": 29.762739026919007
}