{
  "aor": 0.001468,
  "aqi": 0.025821315,
  "bids_meta": {
    "EchoTime": 0.03,
    "EffectiveEchoSpacing": 0.000390006,
    "FlipAngle": 90,
    "ImageType": [
      "ORIGINAL",
      "PRIMARY",
      "M",
      "ND",
      "NORM",
      "MOS"
    ],
    "MagneticFieldStrength": 3,
    "Manufacturer": "Siemens",
    "ManufacturersModelName": "TrioTim",
    "PhaseEncodingDirection": "j-",
    "PulseSequenceType": "Gradient Echo EPI",
    "RepetitionTime": 2.5,
    "SliceTiming": [
      0,
      1.2875,
      0.065,
      1.3525,
      0.1275,
      1.415,
      0.1925,
      1.48,
      0.2575,
      1.545,
      0.3225,
      1.6075,
      0.385,
      1.6725,
      0.45,
      1.7375,
      0.515,
      1.8025,
      0.58,
      1.865,
      0.6425,
      1.93,
      0.7075,
      1.995,
      0.7725,
      2.06,
      0.8375,
      2.1225,
      0.9,
      2.1875,
      0.965,
      2.2525,
      1.03,
      2.3175,
      1.095,
      2.38,
      1.1575,
      2.445,
      1.2225
    ],
    "TaskName": "Experimental Run 1",
    "dataset": "ds000253",
    "modality": "bold",
    "subject_id": "16",
    "task_id": "run1"
  },
  "dummy_trs": 0,
  "dvars_nstd": 41.13895205652508,
  "dvars_std": 1.0513064991891894,
  "dvars_vstd": 1.0014741917374517,
  "efc": 0.5739867193092946,
  "fber": 879.9680786132812,
  "fd_mean": 0.19875998736755124,
  "fd_num": 73,
  "fd_perc": 28.076923076923077,
  "fwhm_avg": 2.0697027777777777,
  "fwhm_x": 2.14709,
  "fwhm_y": 2.340805,
  "fwhm_z": 1.7212133333333333,
  "gcor": 0.00305643,
  "gsr_x": -0.002505163662135601,
  "gsr_y": 0.02470029890537262,
  "provenance": {
    "md5sum": "6a3a6e88024e5a3b9ae8d7a2a681410a",
    "settings": {
      "fd_thres": 0.2,
      "testing": false
    },
    "software": "mriqc",
    "version": "22.0.1",
    "webapi_port": null,
    "webapi_url": "https://mriqc.nimh.nih.gov/api/v1"
  },
  "size_t": 260,
  "size_x": 96,
  "size_y": 96,
  "size_z": 39,
  "snr": 6.045210987320966,
  "spacing_tr": 2.5,
  "spacing_x": 2.0,
  "spacing_y": 2.0,
  "spacing_z": 3.0,
  "summary_bg_k": 31.867794149625787,
  "summary_bg_mad": 7.79506773702933,
  "summary_bg_mean": 25.47984504699707,
  "summary_bg_median": 16.426923751831055,
  "summary_bg_n": 204671.0,
  "summary_bg_p05": 9.415384292602539,
  "summary_bg_p95": 71.81153869628906,
  "summary_bg_stdv": 28.862773895263672,
  "summary_fg_k": 1.8243183024739542,
  "summary_fg_mad": 70.28108227756672,
  "summary_fg_mean": 498.9964294433594,
  "summary_fg_median": 494.5884704589844,
  "summary_fg_n": 90015.0,
  "summary_fg_p05": 370.8323181152344,
  "summary_fg_p95": 634.4319396972656,
  "summary_fg_stdv": 81.81446838378906,
  "tsnr": 32.00901474233251
}