{
  "aor": 0.0004576153846153846,
  "aqi": 0.025076059615384616,
  "bids_meta": {
    "EchoTime": 0.03,
    "EffectiveEchoSpacing": 0.000390006,
    "FlipAngle": 90,
    "ImageType": [
      "ORIGINAL",
      "PRIMARY",
      "M",
      "ND",
      "NORM",
      "MOS"
    ],
    "MagneticFieldStrength": 3,
    "Manufacturer": "Siemens",
    "ManufacturersModelName": "TrioTim",
    "PhaseEncodingDirection": "j-",
    "PulseSequenceType": "Gradient Echo EPI",
    "RepetitionTime": 2.5,
    "SliceTiming": [
      0,
      1.2875,
      0.065,
      1.35,
      0.1275,
      1.415,
      0.1925,
      1.48,
      0.2575,
      1.545,
      0.3225,
      1.6075,
      0.385,
      1.6725,
      0.45,
      1.7375,
      0.515,
      1.8025,
      0.5775,
      1.865,
      0.6425,
      1.93,
      0.7075,
      1.995,
      0.7725,
      2.0575,
      0.835,
      2.1225,
      0.9,
      2.1875,
      0.965,
      2.2525,
      1.03,
      2.315,
      1.0925,
      2.38,
      1.1575,
      2.445,
      1.2225
    ],
    "TaskName": "Experimental Run 3",
    "dataset": "ds000253",
    "modality": "bold",
    "subject_id": "16",
    "task_id": "run3"
  },
  "dummy_trs": 0,
  "dvars_nstd": 41.14919466606177,
  "dvars_std": 1.0349215776061782,
  "dvars_vstd": 0.9812854290733594,
  "efc": 0.5724192200334046,
  "fber": 918.4307250976562,
  "fd_mean": 0.18909845415733967,
  "fd_num": 90,
  "fd_perc": 34.61538461538461,
  "fwhm_avg": 2.0633411111111113,
  "fwhm_x": 2.12494,
  "fwhm_y": 2.30984,
  "fwhm_z": 1.7552433333333333,
  "gcor": 0.00588006,
  "gsr_x": 0.00021629410912282765,
  "gsr_y": 0.027292583137750626,
  "provenance": {
    "md5sum": "a78b39ca076f59e8240ed3fc70cbc7d3",
    "settings": {
      "fd_thres": 0.2,
      "testing": false
    },
    "software": "mriqc",
    "version": "22.0.1",
    "webapi_port": null,
    "webapi_url": "https://mriqc.nimh.nih.gov/api/v1"
  },
  "size_t": 260,
  "size_x": 96,
  "size_y": 96,
  "size_z": 39,
  "snr": 6.100201784875806,
  "spacing_tr": 2.5,
  "spacing_x": 2.0,
  "spacing_y": 2.0,
  "spacing_z": 3.0,
  "summary_bg_k": 33.55387911597558,
  "summary_bg_mad": 7.390201740617483,
  "summary_bg_mean": 25.241430282592773,
  "summary_bg_median": 15.976922988891602,
  "summary_bg_n": 205878.0,
  "summary_bg_p05": 9.269230842590332,
  "summary_bg_p95": 72.35442047119139,
  "summary_bg_stdv": 29.35068130493164,
  "summary_fg_k": 1.7584559482590327,
  "summary_fg_mad": 69.44852113795731,
  "summary_fg_mean": 499.1006164550781,
  "summary_fg_median": 494.8346252441406,
  "summary_fg_n": 89589.0,
  "summary_fg_p05": 371.1269226074219,
  "summary_fg_p95": 632.4684692382808,
  "summary_fg_stdv": 81.11729431152344,
  "tsnr": 33.165370654081926
}