{
  "aor": 0.0010172692307692309,
  "aqi": 0.02016947576923077,
  "bids_meta": {
    "EchoTime": 0.03,
    "EffectiveEchoSpacing": 0.000390006,
    "FlipAngle": 90,
    "ImageType": [
      "ORIGINAL",
      "PRIMARY",
      "M",
      "ND",
      "NORM",
      "MOS"
    ],
    "MagneticFieldStrength": 3,
    "Manufacturer": "Siemens",
    "ManufacturersModelName": "TrioTim",
    "PhaseEncodingDirection": "j-",
    "PulseSequenceType": "Gradient Echo EPI",
    "RepetitionTime": 2.5,
    "SliceTiming": [
      0,
      1.2875,
      0.065,
      1.35,
      0.1275,
      1.415,
      0.1925,
      1.48,
      0.2575,
      1.545,
      0.32,
      1.6075,
      0.385,
      1.6725,
      0.45,
      1.7375,
      0.515,
      1.8,
      0.5775,
      1.865,
      0.6425,
      1.93,
      0.7075,
      1.995,
      0.7725,
      2.0575,
      0.835,
      2.1225,
      0.9,
      2.1875,
      0.965,
      2.2525,
      1.03,
      2.315,
      1.0925,
      2.38,
      1.1575,
      2.445,
      1.2225
    ],
    "TaskName": "Experimental Run 2",
    "dataset": "ds000253",
    "modality": "bold",
    "subject_id": "16",
    "task_id": "run2"
  },
  "dummy_trs": 0,
  "dvars_nstd": 42.125965515984575,
  "dvars_std": 1.063428711969112,
  "dvars_vstd": 1.00509460953668,
  "efc": 0.5713527220492278,
  "fber": 930.5277099609375,
  "fd_mean": 0.17878682197552617,
  "fd_num": 65,
  "fd_perc": 25.0,
  "fwhm_avg": 2.065066111111111,
  "fwhm_x": 2.12812,
  "fwhm_y": 2.308935,
  "fwhm_z": 1.7581433333333332,
  "gcor": 0.00665877,
  "gsr_x": 0.0011977594112977386,
  "gsr_y": 0.028098156675696373,
  "provenance": {
    "md5sum": "b0cce05b895e0a69a5accf2a16f92e27",
    "settings": {
      "fd_thres": 0.2,
      "testing": false
    },
    "software": "mriqc",
    "version": "22.0.1",
    "webapi_port": null,
    "webapi_url": "https://mriqc.nimh.nih.gov/api/v1"
  },
  "size_t": 260,
  "size_x": 96,
  "size_y": 96,
  "size_z": 39,
  "snr": 6.05886201163587,
  "spacing_tr": 2.5,
  "spacing_x": 2.0,
  "spacing_y": 2.0,
  "spacing_z": 3.0,
  "summary_bg_k": 34.50226808986507,
  "summary_bg_mad": 7.145002621498979,
  "summary_bg_mean": 24.804096221923828,
  "summary_bg_median": 15.815384864807129,
  "summary_bg_n": 206132.0,
  "summary_bg_p05": 9.388461112976074,
  "summary_bg_p95": 70.10172882080072,
  "summary_bg_stdv": 28.79427719116211,
  "summary_fg_k": 1.7708295793320188,
  "summary_fg_mad": 69.60819225700962,
  "summary_fg_mean": 498.68280029296875,
  "summary_fg_median": 494.8807678222656,
  "summary_fg_n": 89559.0,
  "summary_fg_p05": 368.16460571289065,
  "summary_fg_p95": 631.5099975585936,
  "summary_fg_stdv": 81.67837524414062,
  "tsnr": 34.93017868604511
}