{
  "aor": 0.0010587025316455697,
  "aqi": 0.036797141772151896,
  "bids_meta": {
    "EchoTime": 0.03,
    "EffectiveEchoSpacing": 0.000390006,
    "FlipAngle": 90,
    "ImageType": [
      "ORIGINAL",
      "PRIMARY",
      "M",
      "ND",
      "NORM",
      "MOS"
    ],
    "MagneticFieldStrength": 3,
    "Manufacturer": "Siemens",
    "ManufacturersModelName": "TrioTim",
    "PhaseEncodingDirection": "j-",
    "PulseSequenceType": "Gradient Echo EPI",
    "RepetitionTime": 2.5,
    "SliceTiming": [
      0,
      1.285,
      0.0625,
      1.35,
      0.1275,
      1.415,
      0.1925,
      1.48,
      0.2575,
      1.5425,
      0.32,
      1.6075,
      0.385,
      1.6725,
      0.45,
      1.7375,
      0.5125,
      1.8,
      0.5775,
      1.865,
      0.6425,
      1.93,
      0.7075,
      1.9925,
      0.77,
      2.0575,
      0.835,
      2.1225,
      0.9,
      2.1875,
      0.965,
      2.25,
      1.0275,
      2.315,
      1.0925,
      2.38,
      1.1575,
      2.445,
      1.2225
    ],
    "TaskName": "Localizer",
    "dataset": "ds000253",
    "modality": "bold",
    "subject_id": "16",
    "task_id": "localizer"
  },
  "dummy_trs": 0,
  "dvars_nstd": 43.14625893257148,
  "dvars_std": 1.0123821562222222,
  "dvars_vstd": 0.9721696261269849,
  "efc": 0.5730835290279065,
  "fber": 887.2716674804688,
  "fd_mean": 0.26357244798896295,
  "fd_num": 177,
  "fd_perc": 56.0126582278481,
  "fwhm_avg": 2.091343888888889,
  "fwhm_x": 2.15821,
  "fwhm_y": 2.357435,
  "fwhm_z": 1.7583866666666665,
  "gcor": 0.00817977,
  "gsr_x": -0.00044515528134070337,
  "gsr_y": 0.027761535719037056,
  "provenance": {
    "md5sum": "6bd2d7fe139c4dafcdba0cda0456bb15",
    "settings": {
      "fd_thres": 0.2,
      "testing": false
    },
    "software": "mriqc",
    "version": "22.0.1",
    "webapi_port": null,
    "webapi_url": "https://mriqc.nimh.nih.gov/api/v1"
  },
  "size_t": 316,
  "size_x": 96,
  "size_y": 96,
  "size_z": 39,
  "snr": 6.211270157740468,
  "spacing_tr": 2.5,
  "spacing_x": 2.0,
  "spacing_y": 2.0,
  "spacing_z": 3.0,
  "summary_bg_k": 34.90717618567144,
  "summary_bg_mad": 7.600682062552564,
  "summary_bg_mean": 25.49794578552246,
  "summary_bg_median": 16.265823364257812,
  "summary_bg_n": 205962.0,
  "summary_bg_p05": 9.515823364257812,
  "summary_bg_p95": 71.94937133789062,
  "summary_bg_stdv": 29.212726593017578,
  "summary_fg_k": 1.7580111142152184,
  "summary_fg_mad": 68.1809251982096,
  "summary_fg_mean": 498.39569091796875,
  "summary_fg_median": 494.1139221191406,
  "summary_fg_n": 89337.0,
  "summary_fg_p05": 373.2126770019531,
  "summary_fg_p95": 628.5506469726562,
  "summary_fg_stdv": 79.55074310302734,
  "tsnr": 29.44643888156861
}