{
  "aor": 0.0005719999999999999,
  "aqi": 0.027180596538461537,
  "bids_meta": {
    "EchoTime": 0.03,
    "EffectiveEchoSpacing": 0.000390006,
    "FlipAngle": 90,
    "ImageType": [
      "ORIGINAL",
      "PRIMARY",
      "M",
      "ND",
      "NORM",
      "MOS"
    ],
    "MagneticFieldStrength": 3,
    "Manufacturer": "Siemens",
    "ManufacturersModelName": "TrioTim",
    "PhaseEncodingDirection": "j-",
    "PulseSequenceType": "Gradient Echo EPI",
    "RepetitionTime": 2.5,
    "SliceTiming": [
      0,
      1.2875,
      0.065,
      1.3525,
      0.13,
      1.415,
      0.1925,
      1.48,
      0.2575,
      1.545,
      0.3225,
      1.61,
      0.3875,
      1.6725,
      0.45,
      1.7375,
      0.515,
      1.8025,
      0.58,
      1.8675,
      0.6425,
      1.93,
      0.7075,
      1.995,
      0.7725,
      2.06,
      0.8375,
      2.1225,
      0.9,
      2.1875,
      0.965,
      2.2525,
      1.03,
      2.3175,
      1.095,
      2.38,
      1.1575,
      2.445,
      1.2225
    ],
    "TaskName": "Experimental Run 4",
    "dataset": "ds000253",
    "modality": "bold",
    "subject_id": "16",
    "task_id": "run4"
  },
  "dummy_trs": 0,
  "dvars_nstd": 41.88241027760619,
  "dvars_std": 1.0324401519305022,
  "dvars_vstd": 0.9828856362934364,
  "efc": 0.5718856845365745,
  "fber": 921.3820190429688,
  "fd_mean": 0.24574714594243685,
  "fd_num": 130,
  "fd_perc": 50.0,
  "fwhm_avg": 2.060483888888889,
  "fwhm_x": 2.12958,
  "fwhm_y": 2.325565,
  "fwhm_z": 1.7263066666666667,
  "gcor": 0.00504729,
  "gsr_x": -0.000270652468316257,
  "gsr_y": 0.02816367894411087,
  "provenance": {
    "md5sum": "45c158d4241f48ba30e35d666baae4f4",
    "settings": {
      "fd_thres": 0.2,
      "testing": false
    },
    "software": "mriqc",
    "version": "22.0.1",
    "webapi_port": null,
    "webapi_url": "https://mriqc.nimh.nih.gov/api/v1"
  },
  "size_t": 260,
  "size_x": 96,
  "size_y": 96,
  "size_z": 39,
  "snr": 6.1274661605432295,
  "spacing_tr": 2.5,
  "spacing_x": 2.0,
  "spacing_y": 2.0,
  "spacing_z": 3.0,
  "summary_bg_k": 32.29632088984685,
  "summary_bg_mad": 7.686721901534672,
  "summary_bg_mean": 25.201053619384766,
  "summary_bg_median": 15.953845977783203,
  "summary_bg_n": 205907.0,
  "summary_bg_p05": 8.869231224060059,
  "summary_bg_p95": 72.75,
  "summary_bg_stdv": 29.02745246887207,
  "summary_fg_k": 1.8553741010993487,
  "summary_fg_mad": 68.80418098311911,
  "summary_fg_mean": 498.6463623046875,
  "summary_fg_median": 494.234619140625,
  "summary_fg_n": 89545.0,
  "summary_fg_p05": 371.20001220703125,
  "summary_fg_p95": 630.9138671875,
  "summary_fg_stdv": 80.65843963623047,
  "tsnr": 31.922165974974632
}