{
  "aor": 0.0006602307692307693,
  "aqi": 0.035541763076923076,
  "bids_meta": {
    "EchoTime": 0.03,
    "EffectiveEchoSpacing": 0.000370002,
    "FlipAngle": 90,
    "ImageType": [
      "ORIGINAL",
      "PRIMARY",
      "M",
      "ND",
      "NORM",
      "MOS"
    ],
    "MagneticFieldStrength": 3,
    "Manufacturer": "Siemens",
    "ManufacturersModelName": "TrioTim",
    "PhaseEncodingDirection": "j-",
    "PulseSequenceType": "Gradient Echo EPI",
    "RepetitionTime": 2.5,
    "SliceTiming": [
      0,
      1.2875,
      0.065,
      1.3525,
      0.13,
      1.4175,
      0.195,
      1.48,
      0.2575,
      1.545,
      0.3225,
      1.61,
      0.3875,
      1.675,
      0.4525,
      1.7375,
      0.515,
      1.8025,
      0.58,
      1.8675,
      0.645,
      1.9325,
      0.71,
      1.995,
      0.7725,
      2.06,
      0.8375,
      2.125,
      0.9025,
      2.19,
      0.965,
      2.2525,
      1.03,
      2.3175,
      1.095,
      2.3825,
      1.16,
      2.445,
      1.2225
    ],
    "TaskName": "Experimental Run 1",
    "dataset": "ds000253",
    "modality": "bold",
    "subject_id": "02",
    "task_id": "run1"
  },
  "dummy_trs": 0,
  "dvars_nstd": 55.86919649027031,
  "dvars_std": 1.0478394547876444,
  "dvars_vstd": 0.9900332136293436,
  "efc": 0.5830251162306546,
  "fber": 480.3161926269531,
  "fd_mean": 0.19213872547836475,
  "fd_num": 75,
  "fd_perc": 28.846153846153847,
  "fwhm_avg": 2.0044822222222223,
  "fwhm_x": 2.012195,
  "fwhm_y": 2.305855,
  "fwhm_z": 1.6953966666666667,
  "gcor": 0.00236471,
  "gsr_x": 0.003945230972021818,
  "gsr_y": 0.024755412712693214,
  "provenance": {
    "md5sum": "17de452e44c8eb7cd42f6bc86c1c633d",
    "settings": {
      "fd_thres": 0.2,
      "testing": false
    },
    "software": "mriqc",
    "version": "22.0.1",
    "webapi_port": null,
    "webapi_url": "https://mriqc.nimh.nih.gov/api/v1"
  },
  "size_t": 260,
  "size_x": 96,
  "size_y": 96,
  "size_z": 39,
  "snr": 5.74513049880843,
  "spacing_tr": 2.5,
  "spacing_x": 2.0,
  "spacing_y": 2.0,
  "spacing_z": 3.0,
  "summary_bg_k": 28.700447565418827,
  "summary_bg_mad": 9.86500793939168,
  "summary_bg_mean": 26.438739776611328,
  "summary_bg_median": 18.33461570739746,
  "summary_bg_n": 208151.0,
  "summary_bg_p05": 8.919230461120605,
  "summary_bg_p95": 65.44038391113281,
  "summary_bg_stdv": 28.648162841796875,
  "summary_fg_k": 1.075791686467145,
  "summary_fg_mad": 66.64294257456939,
  "summary_fg_mean": 406.1570739746094,
  "summary_fg_median": 400.6653747558594,
  "summary_fg_n": 86757.0,
  "summary_fg_p05": 305.2184692382813,
  "summary_fg_p95": 523.9669311523437,
  "summary_fg_stdv": 69.73959350585938,
  "tsnr": 23.62505795562174
}