{
  "aor": 0.00036734615384615386,
  "aqi": 0.025818090384615383,
  "bids_meta": {
    "EchoTime": 0.03,
    "EffectiveEchoSpacing": 0.000370002,
    "FlipAngle": 90,
    "ImageType": [
      "ORIGINAL",
      "PRIMARY",
      "M",
      "ND",
      "NORM",
      "MOS"
    ],
    "MagneticFieldStrength": 3,
    "Manufacturer": "Siemens",
    "ManufacturersModelName": "TrioTim",
    "PhaseEncodingDirection": "j-",
    "PulseSequenceType": "Gradient Echo EPI",
    "RepetitionTime": 2.5,
    "SliceTiming": [
      0,
      1.2875,
      0.065,
      1.3525,
      0.13,
      1.415,
      0.1925,
      1.48,
      0.2575,
      1.545,
      0.3225,
      1.61,
      0.3875,
      1.6725,
      0.45,
      1.7375,
      0.515,
      1.8025,
      0.58,
      1.8675,
      0.645,
      1.93,
      0.7075,
      1.995,
      0.7725,
      2.06,
      0.8375,
      2.125,
      0.9,
      2.1875,
      0.965,
      2.2525,
      1.03,
      2.3175,
      1.095,
      2.38,
      1.1575,
      2.445,
      1.2225
    ],
    "TaskName": "Experimental Run 3",
    "dataset": "ds000253",
    "modality": "bold",
    "subject_id": "02",
    "task_id": "run3"
  },
  "dummy_trs": 0,
  "dvars_nstd": 56.11071566725869,
  "dvars_std": 1.0681104995366801,
  "dvars_vstd": 0.9968156050193053,
  "efc": 0.5827580301436376,
  "fber": 475.67254638671875,
  "fd_mean": 0.12766370796596366,
  "fd_num": 38,
  "fd_perc": 14.615384615384615,
  "fwhm_avg": 1.9631433333333332,
  "fwhm_x": 1.973235,
  "fwhm_y": 2.251225,
  "fwhm_z": 1.66497,
  "gcor": 0.00669718,
  "gsr_x": 0.004838705062866211,
  "gsr_y": 0.025757690891623497,
  "provenance": {
    "md5sum": "a76cd9b7894b4a6a9226b9f8482f41af",
    "settings": {
      "fd_thres": 0.2,
      "testing": false
    },
    "software": "mriqc",
    "version": "22.0.1",
    "webapi_port": null,
    "webapi_url": "https://mriqc.nimh.nih.gov/api/v1"
  },
  "size_t": 260,
  "size_x": 96,
  "size_y": 96,
  "size_z": 39,
  "snr": 5.7844320398296345,
  "spacing_tr": 2.5,
  "spacing_x": 2.0,
  "spacing_y": 2.0,
  "spacing_z": 3.0,
  "summary_bg_k": 30.896446259697925,
  "summary_bg_mad": 9.511464398698173,
  "summary_bg_mean": 25.675573348999023,
  "summary_bg_median": 17.826923370361328,
  "summary_bg_n": 209076.0,
  "summary_bg_p05": 8.796154022216797,
  "summary_bg_p95": 62.62115478515625,
  "summary_bg_stdv": 27.777231216430664,
  "summary_fg_k": 1.1969850017486063,
  "summary_fg_mad": 65.82182852850495,
  "summary_fg_mean": 405.4387512207031,
  "summary_fg_median": 400.1499938964844,
  "summary_fg_n": 86489.0,
  "summary_fg_p05": 305.941552734375,
  "summary_fg_p95": 521.2138549804687,
  "summary_fg_stdv": 69.1766586303711,
  "tsnr": 27.358207438141108
}