{
  "aor": 0.0002777692307692308,
  "aqi": 0.02830721076923077,
  "bids_meta": {
    "EchoTime": 0.03,
    "EffectiveEchoSpacing": 0.000370002,
    "FlipAngle": 90,
    "ImageType": [
      "ORIGINAL",
      "PRIMARY",
      "M",
      "ND",
      "NORM",
      "MOS"
    ],
    "MagneticFieldStrength": 3,
    "Manufacturer": "Siemens",
    "ManufacturersModelName": "TrioTim",
    "PhaseEncodingDirection": "j-",
    "PulseSequenceType": "Gradient Echo EPI",
    "RepetitionTime": 2.5,
    "SliceTiming": [
      0,
      1.2875,
      0.065,
      1.3525,
      0.13,
      1.4175,
      0.195,
      1.48,
      0.2575,
      1.545,
      0.3225,
      1.61,
      0.3875,
      1.675,
      0.4525,
      1.7375,
      0.515,
      1.8025,
      0.58,
      1.8675,
      0.645,
      1.9325,
      0.7075,
      1.995,
      0.7725,
      2.06,
      0.8375,
      2.125,
      0.9025,
      2.1875,
      0.965,
      2.2525,
      1.03,
      2.3175,
      1.095,
      2.3825,
      1.16,
      2.445,
      1.2225
    ],
    "TaskName": "Localizer",
    "dataset": "ds000253",
    "modality": "bold",
    "subject_id": "02",
    "task_id": "run4"
  },
  "dummy_trs": 0,
  "dvars_nstd": 56.52692324984552,
  "dvars_std": 1.0615521550965248,
  "dvars_vstd": 0.9904855918918918,
  "efc": 0.5829193641470943,
  "fber": 480.6414489746094,
  "fd_mean": 0.15277978604590087,
  "fd_num": 61,
  "fd_perc": 23.46153846153846,
  "fwhm_avg": 1.9702722222222222,
  "fwhm_x": 1.97502,
  "fwhm_y": 2.25539,
  "fwhm_z": 1.6804066666666666,
  "gcor": 0.00476074,
  "gsr_x": 0.0047876425087451935,
  "gsr_y": 0.02616908587515354,
  "provenance": {
    "md5sum": "fae3d4a392979423ed2957dacccfd231",
    "settings": {
      "fd_thres": 0.2,
      "testing": false
    },
    "software": "mriqc",
    "version": "22.0.1",
    "webapi_port": null,
    "webapi_url": "https://mriqc.nimh.nih.gov/api/v1"
  },
  "size_t": 260,
  "size_x": 96,
  "size_y": 96,
  "size_z": 39,
  "snr": 5.819613550615088,
  "spacing_tr": 2.5,
  "spacing_x": 2.0,
  "spacing_y": 2.0,
  "spacing_z": 3.0,
  "summary_bg_k": 31.331076179612282,
  "summary_bg_mad": 9.403117149283858,
  "summary_bg_mean": 25.642135620117188,
  "summary_bg_median": 17.738462448120117,
  "summary_bg_n": 209104.0,
  "summary_bg_p05": 8.869231224060059,
  "summary_bg_p95": 62.56153869628906,
  "summary_bg_stdv": 27.602123260498047,
  "summary_fg_k": 1.1856461418299036,
  "summary_fg_mad": 65.46828074605247,
  "summary_fg_mean": 405.3951721191406,
  "summary_fg_median": 400.1423034667969,
  "summary_fg_n": 86486.0,
  "summary_fg_p05": 306.81441497802734,
  "summary_fg_p95": 520.9009857177734,
  "summary_fg_stdv": 68.75714111328125,
  "tsnr": 26.774416866712272
}