{
  "aor": 0.00038466494845360824,
  "aqi": 0.0356495631443299,
  "bids_meta": {
    "EchoTime": 0.03,
    "EffectiveEchoSpacing": 0.000370002,
    "FlipAngle": 90,
    "ImageType": [
      "ORIGINAL",
      "PRIMARY",
      "M",
      "ND",
      "NORM",
      "MOS"
    ],
    "MagneticFieldStrength": 3,
    "Manufacturer": "Siemens",
    "ManufacturersModelName": "TrioTim",
    "PhaseEncodingDirection": "j-",
    "PulseSequenceType": "Gradient Echo EPI",
    "RepetitionTime": 2.5,
    "SliceTiming": [
      0,
      1.285,
      0.0625,
      1.35,
      0.1275,
      1.415,
      0.1925,
      1.48,
      0.2575,
      1.5425,
      0.32,
      1.6075,
      0.385,
      1.6725,
      0.45,
      1.7375,
      0.515,
      1.8,
      0.5775,
      1.865,
      0.6425,
      1.93,
      0.7075,
      1.995,
      0.7725,
      2.0575,
      0.835,
      2.1225,
      0.9,
      2.1875,
      0.965,
      2.2525,
      1.03,
      2.315,
      1.0925,
      2.38,
      1.1575,
      2.445,
      1.2225
    ],
    "TaskName": "Localizer",
    "dataset": "ds000253",
    "modality": "bold",
    "subject_id": "02",
    "task_id": "localizer"
  },
  "dummy_trs": 0,
  "dvars_nstd": 56.878643518708046,
  "dvars_std": 1.0464191501033588,
  "dvars_vstd": 0.9781207452196381,
  "efc": 0.5848927451404415,
  "fber": 480.58233642578125,
  "fd_mean": 0.22253305967302056,
  "fd_num": 136,
  "fd_perc": 35.05154639175258,
  "fwhm_avg": 2.00574,
  "fwhm_x": 2.01352,
  "fwhm_y": 2.29628,
  "fwhm_z": 1.70742,
  "gcor": 0.00573522,
  "gsr_x": 0.001991411903873086,
  "gsr_y": 0.020819541066884995,
  "provenance": {
    "md5sum": "87fe462fb71b938186eb90e54fbf17bd",
    "settings": {
      "fd_thres": 0.2,
      "testing": false
    },
    "software": "mriqc",
    "version": "22.0.1",
    "webapi_port": null,
    "webapi_url": "https://mriqc.nimh.nih.gov/api/v1"
  },
  "size_t": 388,
  "size_x": 96,
  "size_y": 96,
  "size_z": 39,
  "snr": 5.808743663379265,
  "spacing_tr": 2.5,
  "spacing_x": 2.0,
  "spacing_y": 2.0,
  "spacing_z": 3.0,
  "summary_bg_k": 31.66347857178924,
  "summary_bg_mad": 9.858540670879483,
  "summary_bg_mean": 26.765661239624023,
  "summary_bg_median": 18.07731819152832,
  "summary_bg_n": 208152.0,
  "summary_bg_p05": 8.90463924407959,
  "summary_bg_p95": 67.26030731201172,
  "summary_bg_stdv": 30.35723114013672,
  "summary_fg_k": 1.0006235590884005,
  "summary_fg_mad": 67.28454538095119,
  "summary_fg_mean": 408.9212341308594,
  "summary_fg_median": 403.6920166015625,
  "summary_fg_n": 86824.0,
  "summary_fg_p05": 307.9220367431641,
  "summary_fg_p95": 525.551513671875,
  "summary_fg_stdv": 69.49690246582031,
  "tsnr": 23.6787420429755
}