{
  "aor": 0.0003143846153846154,
  "aqi": 0.025456884615384617,
  "bids_meta": {
    "EchoTime": 0.03,
    "EffectiveEchoSpacing": 0.000370002,
    "FlipAngle": 90,
    "ImageType": [
      "ORIGINAL",
      "PRIMARY",
      "M",
      "ND",
      "NORM",
      "MOS"
    ],
    "MagneticFieldStrength": 3,
    "Manufacturer": "Siemens",
    "ManufacturersModelName": "TrioTim",
    "PhaseEncodingDirection": "j-",
    "PulseSequenceType": "Gradient Echo EPI",
    "RepetitionTime": 2.5,
    "SliceTiming": [
      0,
      1.2875,
      0.065,
      1.3525,
      0.13,
      1.4175,
      0.195,
      1.48,
      0.2575,
      1.545,
      0.3225,
      1.61,
      0.3875,
      1.675,
      0.45,
      1.7375,
      0.515,
      1.8025,
      0.58,
      1.8675,
      0.645,
      1.93,
      0.7075,
      1.995,
      0.7725,
      2.06,
      0.8375,
      2.125,
      0.9025,
      2.1875,
      0.965,
      2.2525,
      1.03,
      2.3175,
      1.095,
      2.3825,
      1.16,
      2.445,
      1.2225
    ],
    "TaskName": "Experimental Run 2",
    "dataset": "ds000253",
    "modality": "bold",
    "subject_id": "02",
    "task_id": "run2"
  },
  "dummy_trs": 0,
  "dvars_nstd": 55.96434529150582,
  "dvars_std": 1.0717494465250965,
  "dvars_vstd": 0.9979643036293436,
  "efc": 0.5829312700108064,
  "fber": 484.39422607421875,
  "fd_mean": 0.12205685556450811,
  "fd_num": 34,
  "fd_perc": 13.076923076923077,
  "fwhm_avg": 1.9545733333333333,
  "fwhm_x": 1.96011,
  "fwhm_y": 2.22803,
  "fwhm_z": 1.67558,
  "gcor": 0.0051516,
  "gsr_x": 0.004278003238141537,
  "gsr_y": 0.023888368159532547,
  "provenance": {
    "md5sum": "fcba31172a69311bbb8e9076e9167c15",
    "settings": {
      "fd_thres": 0.2,
      "testing": false
    },
    "software": "mriqc",
    "version": "22.0.1",
    "webapi_port": null,
    "webapi_url": "https://mriqc.nimh.nih.gov/api/v1"
  },
  "size_t": 260,
  "size_x": 96,
  "size_y": 96,
  "size_z": 39,
  "snr": 5.768890751497425,
  "spacing_tr": 2.5,
  "spacing_x": 2.0,
  "spacing_y": 2.0,
  "spacing_z": 3.0,
  "summary_bg_k": 29.978265064602617,
  "summary_bg_mad": 9.545677012644306,
  "summary_bg_mean": 25.732938766479492,
  "summary_bg_median": 17.757692337036133,
  "summary_bg_n": 208891.0,
  "summary_bg_p05": 8.823077201843262,
  "summary_bg_p95": 63.13076972961426,
  "summary_bg_stdv": 27.99802589416504,
  "summary_fg_k": 1.159446942450959,
  "summary_fg_mad": 66.2324307969662,
  "summary_fg_mean": 406.3637390136719,
  "summary_fg_median": 401.21539306640625,
  "summary_fg_n": 86631.0,
  "summary_fg_p05": 306.1653747558594,
  "summary_fg_p95": 522.7980651855469,
  "summary_fg_stdv": 69.54769897460938,
  "tsnr": 27.58559407084249
}