{
  "aor": 0.0004209810126582278,
  "aqi": 0.021849976898734177,
  "bids_meta": {
    "EchoTime": 0.03,
    "EffectiveEchoSpacing": 0.000390006,
    "FlipAngle": 90,
    "ImageType": [
      "ORIGINAL",
      "PRIMARY",
      "M",
      "ND",
      "NORM",
      "MOS"
    ],
    "MagneticFieldStrength": 3,
    "Manufacturer": "Siemens",
    "ManufacturersModelName": "TrioTim",
    "PhaseEncodingDirection": "j-",
    "PulseSequenceType": "Gradient Echo EPI",
    "RepetitionTime": 2.5,
    "SliceTiming": [
      0,
      1.2875,
      0.065,
      1.35,
      0.1275,
      1.415,
      0.1925,
      1.48,
      0.2575,
      1.545,
      0.3225,
      1.6075,
      0.385,
      1.6725,
      0.45,
      1.7375,
      0.515,
      1.8025,
      0.58,
      1.865,
      0.6425,
      1.93,
      0.7075,
      1.995,
      0.7725,
      2.06,
      0.8375,
      2.1225,
      0.9,
      2.1875,
      0.965,
      2.2525,
      1.03,
      2.3175,
      1.095,
      2.38,
      1.1575,
      2.445,
      1.2225
    ],
    "TaskName": "Localizer",
    "dataset": "ds000253",
    "modality": "bold",
    "subject_id": "19",
    "task_id": "localizer"
  },
  "dummy_trs": 0,
  "dvars_nstd": 44.474174354476155,
  "dvars_std": 1.0645598555873022,
  "dvars_vstd": 0.9908604426031742,
  "efc": 0.5925375193302843,
  "fber": 642.077880859375,
  "fd_mean": 0.1523354384096839,
  "fd_num": 69,
  "fd_perc": 21.835443037974684,
  "fwhm_avg": 2.076397222222222,
  "fwhm_x": 2.151105,
  "fwhm_y": 2.33403,
  "fwhm_z": 1.7440566666666666,
  "gcor": 0.011083,
  "gsr_x": 0.015542315319180489,
  "gsr_y": 0.01381406094878912,
  "provenance": {
    "md5sum": "4b45cc3b3597d7533018d21c415c2fb0",
    "settings": {
      "fd_thres": 0.2,
      "testing": false
    },
    "software": "mriqc",
    "version": "22.0.1",
    "webapi_port": null,
    "webapi_url": "https://mriqc.nimh.nih.gov/api/v1"
  },
  "size_t": 316,
  "size_x": 96,
  "size_y": 96,
  "size_z": 39,
  "snr": 5.880436187972281,
  "spacing_tr": 2.5,
  "spacing_x": 2.0,
  "spacing_y": 2.0,
  "spacing_z": 3.0,
  "summary_bg_k": 23.466426210073877,
  "summary_bg_mad": 7.3097921297104875,
  "summary_bg_mean": 20.6262264251709,
  "summary_bg_median": 12.721519470214844,
  "summary_bg_n": 201748.0,
  "summary_bg_p05": 5.75632905960083,
  "summary_bg_p95": 62.27104511260985,
  "summary_bg_stdv": 26.86288833618164,
  "summary_fg_k": 1.2794354297719845,
  "summary_fg_mad": 53.1766360227693,
  "summary_fg_mean": 335.7145080566406,
  "summary_fg_median": 331.2057189941406,
  "summary_fg_n": 93771.0,
  "summary_fg_p05": 253.83544921875,
  "summary_fg_p95": 429.0743713378906,
  "summary_fg_stdv": 56.32302474975586,
  "tsnr": 31.506762572098523
}