{
  "aor": 0.0004438607594936709,
  "aqi": 0.024656010443037977,
  "bids_meta": {
    "EchoTime": 0.03,
    "EffectiveEchoSpacing": 0.000370002,
    "FlipAngle": 90,
    "ImageType": [
      "ORIGINAL",
      "PRIMARY",
      "M",
      "ND",
      "NORM",
      "MOS"
    ],
    "MagneticFieldStrength": 3,
    "Manufacturer": "Siemens",
    "ManufacturersModelName": "TrioTim",
    "PhaseEncodingDirection": "j-",
    "PulseSequenceType": "Gradient Echo EPI",
    "RepetitionTime": 2.5,
    "SliceTiming": [
      0,
      1.2875,
      0.065,
      1.3525,
      0.13,
      1.415,
      0.1925,
      1.48,
      0.2575,
      1.545,
      0.3225,
      1.61,
      0.3875,
      1.6725,
      0.45,
      1.7375,
      0.515,
      1.8025,
      0.58,
      1.8675,
      0.645,
      1.93,
      0.7075,
      1.995,
      0.7725,
      2.06,
      0.8375,
      2.125,
      0.9025,
      2.1875,
      0.965,
      2.2525,
      1.03,
      2.3175,
      1.095,
      2.3825,
      1.16,
      2.445,
      1.2225
    ],
    "TaskName": "Localizer",
    "dataset": "ds000253",
    "modality": "bold",
    "subject_id": "09",
    "task_id": "localizer"
  },
  "dummy_trs": 0,
  "dvars_nstd": 45.399816712730185,
  "dvars_std": 1.0654703139047617,
  "dvars_vstd": 0.994596069015873,
  "efc": 0.5808611140824733,
  "fber": 578.331787109375,
  "fd_mean": 0.09068675055820875,
  "fd_num": 26,
  "fd_perc": 8.227848101265822,
  "fwhm_avg": 1.9110327777777778,
  "fwhm_x": 1.923725,
  "fwhm_y": 2.15327,
  "fwhm_z": 1.6561033333333333,
  "gcor": 0.00822451,
  "gsr_x": -0.0006036380655132234,
  "gsr_y": 0.030491141602396965,
  "provenance": {
    "md5sum": "6ecf56ea39efb4c1c4c31669f46e3dee",
    "settings": {
      "fd_thres": 0.2,
      "testing": false
    },
    "software": "mriqc",
    "version": "22.0.1",
    "webapi_port": null,
    "webapi_url": "https://mriqc.nimh.nih.gov/api/v1"
  },
  "size_t": 316,
  "size_x": 96,
  "size_y": 96,
  "size_z": 39,
  "snr": 6.3997610053779574,
  "spacing_tr": 2.5,
  "spacing_x": 2.0,
  "spacing_y": 2.0,
  "spacing_z": 3.0,
  "summary_bg_k": 38.112885149909815,
  "summary_bg_mad": 11.607463140343375,
  "summary_bg_mean": 32.294307708740234,
  "summary_bg_median": 21.212026596069336,
  "summary_bg_n": 208170.0,
  "summary_bg_p05": 10.731013298034668,
  "summary_bg_p95": 84.91202888488755,
  "summary_bg_stdv": 39.801753997802734,
  "summary_fg_k": 2.066341705268422,
  "summary_fg_mad": 74.48664490604865,
  "summary_fg_mean": 530.3827514648438,
  "summary_fg_median": 526.16455078125,
  "summary_fg_n": 87731.0,
  "summary_fg_p05": 409.67564392089844,
  "summary_fg_p95": 664.1693115234375,
  "summary_fg_stdv": 82.21581268310547,
  "tsnr": 31.0707721253857
}