{
  "aor": 0.0017809493670886078,
  "aqi": 0.030428268037974684,
  "bids_meta": {
    "EchoTime": 0.03,
    "EffectiveEchoSpacing": 0.000390006,
    "FlipAngle": 90,
    "ImageType": [
      "ORIGINAL",
      "PRIMARY",
      "M",
      "ND",
      "NORM",
      "MOS"
    ],
    "MagneticFieldStrength": 3,
    "Manufacturer": "Siemens",
    "ManufacturersModelName": "TrioTim",
    "PhaseEncodingDirection": "j-",
    "PulseSequenceType": "Gradient Echo EPI",
    "RepetitionTime": 2.5,
    "SliceTiming": [
      0,
      1.2875,
      0.065,
      1.3525,
      0.13,
      1.4175,
      0.195,
      1.48,
      0.2575,
      1.545,
      0.3225,
      1.61,
      0.3875,
      1.675,
      0.4525,
      1.7375,
      0.515,
      1.8025,
      0.58,
      1.8675,
      0.645,
      1.9325,
      0.71,
      1.995,
      0.7725,
      2.06,
      0.8375,
      2.125,
      0.9025,
      2.19,
      0.9675,
      2.2525,
      1.03,
      2.3175,
      1.095,
      2.3825,
      1.16,
      2.4475,
      1.225
    ],
    "TaskName": "Localizer",
    "dataset": "ds000253",
    "modality": "bold",
    "subject_id": "20",
    "task_id": "localizer"
  },
  "dummy_trs": 0,
  "dvars_nstd": 49.079795486,
  "dvars_std": 1.067803138666667,
  "dvars_vstd": 0.9895787551428579,
  "efc": 0.5455704786791378,
  "fber": 863.0700073242188,
  "fd_mean": 0.33969070017244873,
  "fd_num": 172,
  "fd_perc": 54.43037974683544,
  "fwhm_avg": 1.9785199999999998,
  "fwhm_x": 2.036985,
  "fwhm_y": 2.252205,
  "fwhm_z": 1.6463700000000001,
  "gcor": 0.0139359,
  "gsr_x": -0.005951224826276302,
  "gsr_y": 0.017970934510231018,
  "provenance": {
    "md5sum": "41cd47532dadaa68e5976540084cde69",
    "settings": {
      "fd_thres": 0.2,
      "testing": false
    },
    "software": "mriqc",
    "version": "22.0.1",
    "webapi_port": null,
    "webapi_url": "https://mriqc.nimh.nih.gov/api/v1"
  },
  "size_t": 316,
  "size_x": 96,
  "size_y": 96,
  "size_z": 39,
  "snr": 6.173830813509044,
  "spacing_tr": 2.5,
  "spacing_x": 2.0,
  "spacing_y": 2.0,
  "spacing_z": 3.0,
  "summary_bg_k": 73.00857191416105,
  "summary_bg_mad": 5.672361466978603,
  "summary_bg_mean": 18.331941604614258,
  "summary_bg_median": 11.373417854309082,
  "summary_bg_n": 219725.0,
  "summary_bg_p05": 6.053797721862793,
  "summary_bg_p95": 46.118355560302625,
  "summary_bg_stdv": 26.538372039794922,
  "summary_fg_k": 2.233786477956479,
  "summary_fg_mad": 47.71067147775568,
  "summary_fg_mean": 347.3966064453125,
  "summary_fg_median": 343.27850341796875,
  "summary_fg_n": 76675.0,
  "summary_fg_p05": 266.86931762695315,
  "summary_fg_p95": 438.4787963867188,
  "summary_fg_stdv": 55.60182571411133,
  "tsnr": 30.04285017773509
}