{
  "aor": 0.0023717307692307688,
  "aqi": 0.024392783076923073,
  "bids_meta": {
    "EchoTime": 0.03,
    "EffectiveEchoSpacing": 0.000390006,
    "FlipAngle": 90,
    "ImageType": [
      "ORIGINAL",
      "PRIMARY",
      "M",
      "ND",
      "NORM",
      "MOS"
    ],
    "MagneticFieldStrength": 3,
    "Manufacturer": "Siemens",
    "ManufacturersModelName": "TrioTim",
    "PhaseEncodingDirection": "j-",
    "PulseSequenceType": "Gradient Echo EPI",
    "RepetitionTime": 2.5,
    "SliceTiming": [
      0,
      1.2875,
      0.065,
      1.35,
      0.1275,
      1.415,
      0.1925,
      1.48,
      0.2575,
      1.545,
      0.3225,
      1.6075,
      0.385,
      1.6725,
      0.45,
      1.7375,
      0.515,
      1.8025,
      0.5775,
      1.865,
      0.6425,
      1.93,
      0.7075,
      1.995,
      0.7725,
      2.0575,
      0.835,
      2.1225,
      0.9,
      2.1875,
      0.965,
      2.2525,
      1.03,
      2.315,
      1.0925,
      2.38,
      1.1575,
      2.445,
      1.2225
    ],
    "TaskName": "Experimental Run 1",
    "dataset": "ds000253",
    "modality": "bold",
    "subject_id": "20",
    "task_id": "run1"
  },
  "dummy_trs": 0,
  "dvars_nstd": 50.958765773590684,
  "dvars_std": 1.125746125791506,
  "dvars_vstd": 1.0181649325482633,
  "efc": 0.5456521643643922,
  "fber": 856.0725708007812,
  "fd_mean": 0.3875847478988134,
  "fd_num": 171,
  "fd_perc": 65.76923076923077,
  "fwhm_avg": 1.950215,
  "fwhm_x": 2.01011,
  "fwhm_y": 2.225465,
  "fwhm_z": 1.61507,
  "gcor": 0.0152684,
  "gsr_x": -0.005968890152871609,
  "gsr_y": 0.017698539420962334,
  "provenance": {
    "md5sum": "7c23cf218074a719eb14501105909883",
    "settings": {
      "fd_thres": 0.2,
      "testing": false
    },
    "software": "mriqc",
    "version": "22.0.1",
    "webapi_port": null,
    "webapi_url": "https://mriqc.nimh.nih.gov/api/v1"
  },
  "size_t": 260,
  "size_x": 96,
  "size_y": 96,
  "size_z": 39,
  "snr": 6.133507640209247,
  "spacing_tr": 2.5,
  "spacing_x": 2.0,
  "spacing_y": 2.0,
  "spacing_z": 3.0,
  "summary_bg_k": 68.85640901559502,
  "summary_bg_mad": 5.787850424581617,
  "summary_bg_mean": 18.404287338256836,
  "summary_bg_median": 11.44615364074707,
  "summary_bg_n": 219825.0,
  "summary_bg_p05": 6.034615516662598,
  "summary_bg_p95": 46.706922149658155,
  "summary_bg_stdv": 26.396718978881836,
  "summary_fg_k": 2.2136668790161442,
  "summary_fg_mad": 48.099012995133414,
  "summary_fg_mean": 347.4651184082031,
  "summary_fg_median": 343.23077392578125,
  "summary_fg_n": 76535.0,
  "summary_fg_p05": 266.4384765625,
  "summary_fg_p95": 439.4384765625,
  "summary_fg_stdv": 55.9595832824707,
  "tsnr": 32.17313318513334
}