{
  "aor": 0.001590730769230769,
  "aqi": 0.017599376153846154,
  "bids_meta": {
    "EchoTime": 0.03,
    "EffectiveEchoSpacing": 0.000390006,
    "FlipAngle": 90,
    "ImageType": [
      "ORIGINAL",
      "PRIMARY",
      "M",
      "ND",
      "NORM",
      "MOS"
    ],
    "MagneticFieldStrength": 3,
    "Manufacturer": "Siemens",
    "ManufacturersModelName": "TrioTim",
    "PhaseEncodingDirection": "j-",
    "PulseSequenceType": "Gradient Echo EPI",
    "RepetitionTime": 2.5,
    "SliceTiming": [
      0,
      1.2875,
      0.065,
      1.3525,
      0.1275,
      1.415,
      0.1925,
      1.48,
      0.2575,
      1.545,
      0.3225,
      1.6075,
      0.385,
      1.6725,
      0.45,
      1.7375,
      0.515,
      1.8025,
      0.58,
      1.865,
      0.6425,
      1.93,
      0.7075,
      1.995,
      0.7725,
      2.06,
      0.8375,
      2.1225,
      0.9,
      2.1875,
      0.965,
      2.2525,
      1.03,
      2.3175,
      1.095,
      2.38,
      1.1575,
      2.445,
      1.2225
    ],
    "TaskName": "Experimental Run 4",
    "dataset": "ds000253",
    "modality": "bold",
    "subject_id": "17",
    "task_id": "run4"
  },
  "dummy_trs": 0,
  "dvars_nstd": 42.530509963436295,
  "dvars_std": 1.0853807616988422,
  "dvars_vstd": 1.0203065565637068,
  "efc": 0.5842592513226063,
  "fber": 801.1054077148438,
  "fd_mean": 0.08558822934859893,
  "fd_num": 15,
  "fd_perc": 5.769230769230769,
  "fwhm_avg": 2.158576666666667,
  "fwhm_x": 2.12564,
  "fwhm_y": 2.51,
  "fwhm_z": 1.84009,
  "gcor": 0.010468,
  "gsr_x": 0.0016450717812404037,
  "gsr_y": 0.04738802835345268,
  "provenance": {
    "md5sum": "54888c3ae54ec1c0a5877aec88e21106",
    "settings": {
      "fd_thres": 0.2,
      "testing": false
    },
    "software": "mriqc",
    "version": "22.0.1",
    "webapi_port": null,
    "webapi_url": "https://mriqc.nimh.nih.gov/api/v1"
  },
  "size_t": 260,
  "size_x": 96,
  "size_y": 96,
  "size_z": 39,
  "snr": 5.755303348342495,
  "spacing_tr": 2.5,
  "spacing_x": 2.0,
  "spacing_y": 2.0,
  "spacing_z": 3.0,
  "summary_bg_k": 30.224406298513678,
  "summary_bg_mad": 5.656697358055917,
  "summary_bg_mean": 17.37491226196289,
  "summary_bg_median": 10.634614944458008,
  "summary_bg_n": 203314.0,
  "summary_bg_p05": 5.523077011108398,
  "summary_bg_p95": 48.82307815551758,
  "summary_bg_stdv": 21.845542907714844,
  "summary_fg_k": 1.6143734637620843,
  "summary_fg_mad": 45.81524996476628,
  "summary_fg_mean": 313.2264404296875,
  "summary_fg_median": 308.0249938964844,
  "summary_fg_n": 93964.0,
  "summary_fg_p05": 235.5884552001953,
  "summary_fg_p95": 410.9994232177734,
  "summary_fg_stdv": 53.51991653442383,
  "tsnr": 34.688748567714356
}