{
  "aor": 0.0006893076923076924,
  "aqi": 0.01955067307692308,
  "bids_meta": {
    "EchoTime": 0.03,
    "EffectiveEchoSpacing": 0.000390006,
    "FlipAngle": 90,
    "ImageType": [
      "ORIGINAL",
      "PRIMARY",
      "M",
      "ND",
      "NORM",
      "MOS"
    ],
    "MagneticFieldStrength": 3,
    "Manufacturer": "Siemens",
    "ManufacturersModelName": "TrioTim",
    "PhaseEncodingDirection": "j-",
    "PulseSequenceType": "Gradient Echo EPI",
    "RepetitionTime": 2.5,
    "SliceTiming": [
      0,
      1.2875,
      0.065,
      1.35,
      0.1275,
      1.415,
      0.1925,
      1.48,
      0.2575,
      1.545,
      0.3225,
      1.6075,
      0.385,
      1.6725,
      0.45,
      1.7375,
      0.515,
      1.8025,
      0.5775,
      1.865,
      0.6425,
      1.93,
      0.7075,
      1.995,
      0.7725,
      2.0575,
      0.835,
      2.1225,
      0.9,
      2.1875,
      0.965,
      2.2525,
      1.03,
      2.315,
      1.0925,
      2.38,
      1.1575,
      2.445,
      1.2225
    ],
    "TaskName": "Experimental Run 3",
    "dataset": "ds000253",
    "modality": "bold",
    "subject_id": "17",
    "task_id": "run3"
  },
  "dummy_trs": 0,
  "dvars_nstd": 40.797467235212345,
  "dvars_std": 1.0476327450965257,
  "dvars_vstd": 0.996073186795367,
  "efc": 0.5821227536296315,
  "fber": 858.0402221679688,
  "fd_mean": 0.0774980035850557,
  "fd_num": 9,
  "fd_perc": 3.4615384615384617,
  "fwhm_avg": 2.1548244444444444,
  "fwhm_x": 2.12161,
  "fwhm_y": 2.51958,
  "fwhm_z": 1.8232833333333334,
  "gcor": 0.013609,
  "gsr_x": 0.003053808119148016,
  "gsr_y": 0.04595143720507622,
  "provenance": {
    "md5sum": "9b7729e48bd5ec75ca2b5309d36a6702",
    "settings": {
      "fd_thres": 0.2,
      "testing": false
    },
    "software": "mriqc",
    "version": "22.0.1",
    "webapi_port": null,
    "webapi_url": "https://mriqc.nimh.nih.gov/api/v1"
  },
  "size_t": 260,
  "size_x": 96,
  "size_y": 96,
  "size_z": 39,
  "snr": 5.75991437050234,
  "spacing_tr": 2.5,
  "spacing_x": 2.0,
  "spacing_y": 2.0,
  "spacing_z": 3.0,
  "summary_bg_k": 26.132099362168113,
  "summary_bg_mad": 5.502735646579519,
  "summary_bg_mean": 16.885826110839844,
  "summary_bg_median": 10.35769271850586,
  "summary_bg_n": 203788.0,
  "summary_bg_p05": 5.403846263885498,
  "summary_bg_p95": 47.507694244384766,
  "summary_bg_stdv": 20.856786727905273,
  "summary_fg_k": 1.6862604373147674,
  "summary_fg_mad": 45.78389488244742,
  "summary_fg_mean": 313.9215393066406,
  "summary_fg_median": 308.8057556152344,
  "summary_fg_n": 93708.0,
  "summary_fg_p05": 236.15133972167968,
  "summary_fg_p95": 411.77941589355464,
  "summary_fg_stdv": 53.61262130737305,
  "tsnr": 34.07950343680568
}