{
  "aor": 0.0008709266409266409,
  "aqi": 0.02345744015444015,
  "bids_meta": {
    "EchoTime": 0.03,
    "EffectiveEchoSpacing": 0.000370002,
    "FlipAngle": 90,
    "ImageType": [
      "ORIGINAL",
      "PRIMARY",
      "M",
      "ND",
      "NORM",
      "MOS"
    ],
    "MagneticFieldStrength": 3,
    "Manufacturer": "Siemens",
    "ManufacturersModelName": "TrioTim",
    "PhaseEncodingDirection": "j-",
    "PulseSequenceType": "Gradient Echo EPI",
    "RepetitionTime": 2.5,
    "SliceTiming": [
      0,
      1.2875,
      0.065,
      1.35,
      0.1275,
      1.415,
      0.1925,
      1.48,
      0.2575,
      1.545,
      0.3225,
      1.6075,
      0.385,
      1.6725,
      0.45,
      1.7375,
      0.515,
      1.8025,
      0.58,
      1.865,
      0.6425,
      1.93,
      0.7075,
      1.995,
      0.7725,
      2.06,
      0.8375,
      2.1225,
      0.9,
      2.1875,
      0.965,
      2.2525,
      1.03,
      2.3175,
      1.095,
      2.38,
      1.1575,
      2.445,
      1.2225
    ],
    "TaskName": "Experimental Run 3",
    "dataset": "ds000253",
    "modality": "bold",
    "subject_id": "09",
    "task_id": "run3"
  },
  "dummy_trs": 1,
  "dvars_nstd": 45.94360474275198,
  "dvars_std": 1.0703103237209302,
  "dvars_vstd": 1.0145419922868222,
  "efc": 0.5816424443470436,
  "fber": 579.6123657226562,
  "fd_mean": 0.13020260003176132,
  "fd_num": 46,
  "fd_perc": 17.76061776061776,
  "fwhm_avg": 1.9084755555555555,
  "fwhm_x": 1.903785,
  "fwhm_y": 2.157215,
  "fwhm_z": 1.6644266666666667,
  "gcor": 0.00805234,
  "gsr_x": 0.0010338498977944255,
  "gsr_y": 0.03112936019897461,
  "provenance": {
    "md5sum": "f16605c69c4a8973a8148c4e175703e0",
    "settings": {
      "fd_thres": 0.2,
      "testing": false
    },
    "software": "mriqc",
    "version": "22.0.1",
    "webapi_port": null,
    "webapi_url": "https://mriqc.nimh.nih.gov/api/v1"
  },
  "size_t": 259,
  "size_x": 96,
  "size_y": 96,
  "size_z": 39,
  "snr": 6.364447504371632,
  "spacing_tr": 2.5,
  "spacing_x": 2.0,
  "spacing_y": 2.0,
  "spacing_z": 3.0,
  "summary_bg_k": 34.02830025384387,
  "summary_bg_mad": 12.04972165601048,
  "summary_bg_mean": 32.51630783081055,
  "summary_bg_median": 21.24710464477539,
  "summary_bg_n": 208195.0,
  "summary_bg_p05": 10.498069763183594,
  "summary_bg_p95": 86.8440139770507,
  "summary_bg_stdv": 39.40677261352539,
  "summary_fg_k": 2.078615256925623,
  "summary_fg_mad": 74.55949004678943,
  "summary_fg_mean": 530.2574462890625,
  "summary_fg_median": 526.4440307617188,
  "summary_fg_n": 87727.0,
  "summary_fg_p05": 408.8721923828125,
  "summary_fg_p95": 664.6853149414062,
  "summary_fg_stdv": 82.71590423583984,
  "tsnr": 31.391945892944932
}