{
  "aor": 0.00037507692307692307,
  "aqi": 0.024161997692307695,
  "bids_meta": {
    "EchoTime": 0.03,
    "EffectiveEchoSpacing": 0.000370002,
    "FlipAngle": 90,
    "ImageType": [
      "ORIGINAL",
      "PRIMARY",
      "M",
      "ND",
      "NORM",
      "MOS"
    ],
    "MagneticFieldStrength": 3,
    "Manufacturer": "Siemens",
    "ManufacturersModelName": "TrioTim",
    "PhaseEncodingDirection": "j-",
    "PulseSequenceType": "Gradient Echo EPI",
    "RepetitionTime": 2.5,
    "SliceTiming": [
      0,
      1.2875,
      0.065,
      1.3525,
      0.13,
      1.4175,
      0.195,
      1.48,
      0.2575,
      1.545,
      0.3225,
      1.61,
      0.3875,
      1.675,
      0.45,
      1.7375,
      0.515,
      1.8025,
      0.58,
      1.8675,
      0.645,
      1.93,
      0.7075,
      1.995,
      0.7725,
      2.06,
      0.8375,
      2.125,
      0.9025,
      2.1875,
      0.965,
      2.2525,
      1.03,
      2.3175,
      1.095,
      2.3825,
      1.16,
      2.445,
      1.2225
    ],
    "TaskName": "Experimental Run 2",
    "dataset": "ds000253",
    "modality": "bold",
    "subject_id": "09",
    "task_id": "run2"
  },
  "dummy_trs": 0,
  "dvars_nstd": 46.1010838366023,
  "dvars_std": 1.0638102351351348,
  "dvars_vstd": 0.9957210080308873,
  "efc": 0.5817099321306523,
  "fber": 582.1875,
  "fd_mean": 0.10800822166594258,
  "fd_num": 23,
  "fd_perc": 8.846153846153847,
  "fwhm_avg": 1.9112883333333333,
  "fwhm_x": 1.91888,
  "fwhm_y": 2.159885,
  "fwhm_z": 1.6551,
  "gcor": 0.00468524,
  "gsr_x": 0.0005233357660472393,
  "gsr_y": 0.03141229227185249,
  "provenance": {
    "md5sum": "de36421b08ec2b417cd15ae4cd0e1c2b",
    "settings": {
      "fd_thres": 0.2,
      "testing": false
    },
    "software": "mriqc",
    "version": "22.0.1",
    "webapi_port": null,
    "webapi_url": "https://mriqc.nimh.nih.gov/api/v1"
  },
  "size_t": 260,
  "size_x": 96,
  "size_y": 96,
  "size_z": 39,
  "snr": 6.3580501776578835,
  "spacing_tr": 2.5,
  "spacing_x": 2.0,
  "spacing_y": 2.0,
  "spacing_z": 3.0,
  "summary_bg_k": 36.533037002031655,
  "summary_bg_mad": 12.214359874818664,
  "summary_bg_mean": 32.6518440246582,
  "summary_bg_median": 21.292306900024414,
  "summary_bg_n": 208130.0,
  "summary_bg_p05": 10.361538887023926,
  "summary_bg_p95": 86.91922760009766,
  "summary_bg_stdv": 39.6565055847168,
  "summary_fg_k": 2.0866142028813623,
  "summary_fg_mad": 74.71748708496759,
  "summary_fg_mean": 530.2258911132812,
  "summary_fg_median": 526.3384399414062,
  "summary_fg_n": 87787.0,
  "summary_fg_p05": 408.82924194335936,
  "summary_fg_p95": 664.689630126953,
  "summary_fg_stdv": 82.78252410888672,
  "tsnr": 31.123288506874815
}