{
  "aor": 0.00026892307692307697,
  "aqi": 0.026755538846153847,
  "bids_meta": {
    "EchoTime": 0.03,
    "EffectiveEchoSpacing": 0.000370002,
    "FlipAngle": 90,
    "ImageType": [
      "ORIGINAL",
      "PRIMARY",
      "M",
      "ND",
      "NORM",
      "MOS"
    ],
    "MagneticFieldStrength": 3,
    "Manufacturer": "Siemens",
    "ManufacturersModelName": "TrioTim",
    "PhaseEncodingDirection": "j-",
    "PulseSequenceType": "Gradient Echo EPI",
    "RepetitionTime": 2.5,
    "SliceTiming": [
      0,
      1.2875,
      0.065,
      1.35,
      0.1275,
      1.415,
      0.1925,
      1.48,
      0.2575,
      1.545,
      0.3225,
      1.6075,
      0.385,
      1.6725,
      0.45,
      1.7375,
      0.515,
      1.8025,
      0.58,
      1.865,
      0.6425,
      1.93,
      0.7075,
      1.995,
      0.7725,
      2.06,
      0.835,
      2.1225,
      0.9,
      2.1875,
      0.965,
      2.2525,
      1.03,
      2.315,
      1.0925,
      2.38,
      1.1575,
      2.445,
      1.2225
    ],
    "TaskName": "Experimental Run 1",
    "dataset": "ds000253",
    "modality": "bold",
    "subject_id": "09",
    "task_id": "run1"
  },
  "dummy_trs": 0,
  "dvars_nstd": 46.55053666760622,
  "dvars_std": 1.0570862916216215,
  "dvars_vstd": 0.9804275315444011,
  "efc": 0.5816107378222917,
  "fber": 578.422119140625,
  "fd_mean": 0.10512895779556655,
  "fd_num": 30,
  "fd_perc": 11.538461538461538,
  "fwhm_avg": 1.9130072222222223,
  "fwhm_x": 1.922735,
  "fwhm_y": 2.16209,
  "fwhm_z": 1.6541966666666665,
  "gcor": 0.00789159,
  "gsr_x": -0.00020171668438706547,
  "gsr_y": 0.03157880902290344,
  "provenance": {
    "md5sum": "437def9ba1686333f8ffee8f3ec9c669",
    "settings": {
      "fd_thres": 0.2,
      "testing": false
    },
    "software": "mriqc",
    "version": "22.0.1",
    "webapi_port": null,
    "webapi_url": "https://mriqc.nimh.nih.gov/api/v1"
  },
  "size_t": 260,
  "size_x": 96,
  "size_y": 96,
  "size_z": 39,
  "snr": 6.404968497466534,
  "spacing_tr": 2.5,
  "spacing_x": 2.0,
  "spacing_y": 2.0,
  "spacing_z": 3.0,
  "summary_bg_k": 37.36923091259446,
  "summary_bg_mad": 12.157339322881661,
  "summary_bg_mean": 32.74041748046875,
  "summary_bg_median": 21.396154403686523,
  "summary_bg_n": 208156.0,
  "summary_bg_p05": 10.484615325927734,
  "summary_bg_p95": 86.49711608886719,
  "summary_bg_stdv": 39.89229202270508,
  "summary_fg_k": 2.0129791262124694,
  "summary_fg_mad": 74.42660422172379,
  "summary_fg_mean": 530.9981079101562,
  "summary_fg_median": 526.7884521484375,
  "summary_fg_n": 87664.0,
  "summary_fg_p05": 410.4342208862305,
  "summary_fg_p95": 664.9092529296873,
  "summary_fg_stdv": 82.24637603759766,
  "tsnr": 30.213512509013526
}