{
  "aor": 0.0005896538461538462,
  "aqi": 0.023721040000000002,
  "bids_meta": {
    "EchoTime": 0.03,
    "EffectiveEchoSpacing": 0.000370002,
    "FlipAngle": 90,
    "ImageType": [
      "ORIGINAL",
      "PRIMARY",
      "M",
      "ND",
      "NORM",
      "MOS"
    ],
    "MagneticFieldStrength": 3,
    "Manufacturer": "Siemens",
    "ManufacturersModelName": "TrioTim",
    "PhaseEncodingDirection": "j-",
    "PulseSequenceType": "Gradient Echo EPI",
    "RepetitionTime": 2.5,
    "SliceTiming": [
      0,
      1.285,
      0.0625,
      1.35,
      0.1275,
      1.415,
      0.1925,
      1.48,
      0.255,
      1.5425,
      0.32,
      1.6075,
      0.385,
      1.6725,
      0.45,
      1.735,
      0.5125,
      1.8,
      0.5775,
      1.865,
      0.6425,
      1.93,
      0.7075,
      1.9925,
      0.77,
      2.0575,
      0.835,
      2.1225,
      0.9,
      2.1875,
      0.965,
      2.25,
      1.0275,
      2.315,
      1.0925,
      2.38,
      1.1575,
      2.445,
      1.2225
    ],
    "TaskName": "Experimental Run 4",
    "dataset": "ds000253",
    "modality": "bold",
    "subject_id": "09",
    "task_id": "run4"
  },
  "dummy_trs": 0,
  "dvars_nstd": 46.48687445142852,
  "dvars_std": 1.0636664489575292,
  "dvars_vstd": 1.003224906988417,
  "efc": 0.5812830400654677,
  "fber": 587.459228515625,
  "fd_mean": 0.14154695438430387,
  "fd_num": 51,
  "fd_perc": 19.615384615384617,
  "fwhm_avg": 1.9159055555555555,
  "fwhm_x": 1.917155,
  "fwhm_y": 2.166565,
  "fwhm_z": 1.6639966666666668,
  "gcor": 0.00741543,
  "gsr_x": 0.001508679473772645,
  "gsr_y": 0.03134216368198395,
  "provenance": {
    "md5sum": "26bc7a6b5952083f61e1d3e6486f331d",
    "settings": {
      "fd_thres": 0.2,
      "testing": false
    },
    "software": "mriqc",
    "version": "22.0.1",
    "webapi_port": null,
    "webapi_url": "https://mriqc.nimh.nih.gov/api/v1"
  },
  "size_t": 260,
  "size_x": 96,
  "size_y": 96,
  "size_z": 39,
  "snr": 6.354141762840815,
  "spacing_tr": 2.5,
  "spacing_x": 2.0,
  "spacing_y": 2.0,
  "spacing_z": 3.0,
  "summary_bg_k": 35.43517554052332,
  "summary_bg_mad": 12.088911267150081,
  "summary_bg_mean": 32.49161148071289,
  "summary_bg_median": 21.169231414794922,
  "summary_bg_n": 208284.0,
  "summary_bg_p05": 10.2615385055542,
  "summary_bg_p95": 86.64615631103516,
  "summary_bg_stdv": 39.38802719116211,
  "summary_fg_k": 2.0258000940751204,
  "summary_fg_mad": 74.55494288117177,
  "summary_fg_mean": 529.8651733398438,
  "summary_fg_median": 526.421142578125,
  "summary_fg_n": 87704.0,
  "summary_fg_p05": 407.1676818847656,
  "summary_fg_p95": 664.6950134277344,
  "summary_fg_stdv": 82.8464584350586,
  "tsnr": 31.235975346993655
}