{
  "aor": 0.0005682307692307691,
  "aqi": 0.02553700192307692,
  "bids_meta": {
    "EchoTime": 0.03,
    "EffectiveEchoSpacing": 0.000370002,
    "FlipAngle": 90,
    "ImageType": [
      "ORIGINAL",
      "PRIMARY",
      "M",
      "ND",
      "NORM",
      "MOS"
    ],
    "MagneticFieldStrength": 3,
    "Manufacturer": "Siemens",
    "ManufacturersModelName": "TrioTim",
    "PhaseEncodingDirection": "j-",
    "PulseSequenceType": "Gradient Echo EPI",
    "RepetitionTime": 2.5,
    "SliceTiming": [
      0,
      1.2875,
      0.065,
      1.3525,
      0.13,
      1.415,
      0.1925,
      1.48,
      0.2575,
      1.545,
      0.3225,
      1.61,
      0.3875,
      1.6725,
      0.45,
      1.7375,
      0.515,
      1.8025,
      0.58,
      1.8675,
      0.645,
      1.93,
      0.7075,
      1.995,
      0.7725,
      2.06,
      0.8375,
      2.125,
      0.9025,
      2.1875,
      0.965,
      2.2525,
      1.03,
      2.3175,
      1.095,
      2.3825,
      1.1575,
      2.445,
      1.2225
    ],
    "TaskName": "Experimental Run 2",
    "dataset": "ds000253",
    "modality": "bold",
    "subject_id": "13",
    "task_id": "run2"
  },
  "dummy_trs": 0,
  "dvars_nstd": 55.943876435830106,
  "dvars_std": 1.1118764686486484,
  "dvars_vstd": 1.0010900525482622,
  "efc": 0.5876002149498329,
  "fber": 426.1204528808594,
  "fd_mean": 0.1947460589317035,
  "fd_num": 90,
  "fd_perc": 34.61538461538461,
  "fwhm_avg": 2.0419305555555556,
  "fwhm_x": 2.07548,
  "fwhm_y": 2.297695,
  "fwhm_z": 1.7526166666666667,
  "gcor": 0.0135042,
  "gsr_x": 0.00048523483565077186,
  "gsr_y": 0.013356005772948265,
  "provenance": {
    "md5sum": "b0ac7cd30b2e9d2c24c9a12781bc951a",
    "settings": {
      "fd_thres": 0.2,
      "testing": false
    },
    "software": "mriqc",
    "version": "22.0.1",
    "webapi_port": null,
    "webapi_url": "https://mriqc.nimh.nih.gov/api/v1"
  },
  "size_t": 260,
  "size_x": 96,
  "size_y": 96,
  "size_z": 39,
  "snr": 6.00834751927087,
  "spacing_tr": 2.5,
  "spacing_x": 2.0,
  "spacing_y": 2.0,
  "spacing_z": 3.0,
  "summary_bg_k": 27.896620871444426,
  "summary_bg_mad": 9.705342476017993,
  "summary_bg_mean": 26.903823852539062,
  "summary_bg_median": 19.038461685180664,
  "summary_bg_n": 207994.0,
  "summary_bg_p05": 9.811538696289062,
  "summary_bg_p95": 66.9436523437499,
  "summary_bg_stdv": 28.7230167388916,
  "summary_fg_k": 1.1865106837279988,
  "summary_fg_mad": 66.17537631095742,
  "summary_fg_mean": 409.5101623535156,
  "summary_fg_median": 407.1115417480469,
  "summary_fg_n": 86341.0,
  "summary_fg_p05": 303.1615295410156,
  "summary_fg_p95": 516.6038208007812,
  "summary_fg_stdv": 67.75726318359375,
  "tsnr": 27.410120909800753
}