{
  "aor": 0.0003732307692307692,
  "aqi": 0.02848828923076923,
  "bids_meta": {
    "EchoTime": 0.03,
    "EffectiveEchoSpacing": 0.000370002,
    "FlipAngle": 90,
    "ImageType": [
      "ORIGINAL",
      "PRIMARY",
      "M",
      "ND",
      "NORM",
      "MOS"
    ],
    "MagneticFieldStrength": 3,
    "Manufacturer": "Siemens",
    "ManufacturersModelName": "TrioTim",
    "PhaseEncodingDirection": "j-",
    "PulseSequenceType": "Gradient Echo EPI",
    "RepetitionTime": 2.5,
    "SliceTiming": [
      0,
      1.285,
      0.0625,
      1.35,
      0.1275,
      1.415,
      0.1925,
      1.48,
      0.2575,
      1.5425,
      0.32,
      1.6075,
      0.385,
      1.6725,
      0.45,
      1.7375,
      0.515,
      1.8,
      0.5775,
      1.865,
      0.6425,
      1.93,
      0.7075,
      1.995,
      0.7725,
      2.0575,
      0.835,
      2.1225,
      0.9,
      2.1875,
      0.965,
      2.2525,
      1.0275,
      2.315,
      1.0925,
      2.38,
      1.1575,
      2.445,
      1.2225
    ],
    "TaskName": "Experimental Run 3",
    "dataset": "ds000253",
    "modality": "bold",
    "subject_id": "13",
    "task_id": "run3"
  },
  "dummy_trs": 0,
  "dvars_nstd": 53.981081148957514,
  "dvars_std": 1.0915448245945945,
  "dvars_vstd": 0.9910046257528958,
  "efc": 0.5876002786175534,
  "fber": 427.7894592285156,
  "fd_mean": 0.16913818994302704,
  "fd_num": 69,
  "fd_perc": 26.53846153846154,
  "fwhm_avg": 2.0586194444444446,
  "fwhm_x": 2.09994,
  "fwhm_y": 2.304685,
  "fwhm_z": 1.7712333333333332,
  "gcor": 0.00766889,
  "gsr_x": 0.00031969015253707767,
  "gsr_y": 0.01209287904202938,
  "provenance": {
    "md5sum": "203b7d7a8914efe6b86140a6b0a65122",
    "settings": {
      "fd_thres": 0.2,
      "testing": false
    },
    "software": "mriqc",
    "version": "22.0.1",
    "webapi_port": null,
    "webapi_url": "https://mriqc.nimh.nih.gov/api/v1"
  },
  "size_t": 260,
  "size_x": 96,
  "size_y": 96,
  "size_z": 39,
  "snr": 5.988180137570801,
  "spacing_tr": 2.5,
  "spacing_x": 2.0,
  "spacing_y": 2.0,
  "spacing_z": 3.0,
  "summary_bg_k": 27.86750632645412,
  "summary_bg_mad": 9.557081688599569,
  "summary_bg_mean": 26.84760856628418,
  "summary_bg_median": 18.953845977783203,
  "summary_bg_n": 208016.0,
  "summary_bg_p05": 9.80384635925293,
  "summary_bg_p95": 67.24615478515625,
  "summary_bg_stdv": 28.70975112915039,
  "summary_fg_k": 1.2109415814760185,
  "summary_fg_mad": 65.90734238937456,
  "summary_fg_mean": 409.189453125,
  "summary_fg_median": 406.70770263671875,
  "summary_fg_n": 86483.0,
  "summary_fg_p05": 302.5807800292969,
  "summary_fg_p95": 516.3511291503904,
  "summary_fg_stdv": 67.91802215576172,
  "tsnr": 26.55294857127592
}