{
  "aor": 0.0007586538461538463,
  "aqi": 0.026817272692307693,
  "bids_meta": {
    "EchoTime": 0.03,
    "EffectiveEchoSpacing": 0.000370002,
    "FlipAngle": 90,
    "ImageType": [
      "ORIGINAL",
      "PRIMARY",
      "M",
      "ND",
      "NORM",
      "MOS"
    ],
    "MagneticFieldStrength": 3,
    "Manufacturer": "Siemens",
    "ManufacturersModelName": "TrioTim",
    "PhaseEncodingDirection": "j-",
    "PulseSequenceType": "Gradient Echo EPI",
    "RepetitionTime": 2.5,
    "SliceTiming": [
      0,
      1.285,
      0.0625,
      1.35,
      0.1275,
      1.415,
      0.1925,
      1.48,
      0.2575,
      1.5425,
      0.32,
      1.6075,
      0.385,
      1.6725,
      0.45,
      1.7375,
      0.515,
      1.8,
      0.5775,
      1.865,
      0.6425,
      1.93,
      0.7075,
      1.995,
      0.7725,
      2.0575,
      0.835,
      2.1225,
      0.9,
      2.1875,
      0.965,
      2.2525,
      1.03,
      2.315,
      1.0925,
      2.38,
      1.1575,
      2.445,
      1.2225
    ],
    "TaskName": "Experimental Run 4",
    "dataset": "ds000253",
    "modality": "bold",
    "subject_id": "13",
    "task_id": "run4"
  },
  "dummy_trs": 0,
  "dvars_nstd": 54.650961209884194,
  "dvars_std": 1.0981164616602317,
  "dvars_vstd": 1.0016144606563704,
  "efc": 0.5883225889053264,
  "fber": 432.76806640625,
  "fd_mean": 0.212058067738957,
  "fd_num": 109,
  "fd_perc": 41.92307692307692,
  "fwhm_avg": 2.0448944444444446,
  "fwhm_x": 2.09763,
  "fwhm_y": 2.30557,
  "fwhm_z": 1.7314833333333333,
  "gcor": 0.00942106,
  "gsr_x": 0.00043017175630666316,
  "gsr_y": 0.013141362927854061,
  "provenance": {
    "md5sum": "69d0c0b8fab595ea7792b9f230f28c22",
    "settings": {
      "fd_thres": 0.2,
      "testing": false
    },
    "software": "mriqc",
    "version": "22.0.1",
    "webapi_port": null,
    "webapi_url": "https://mriqc.nimh.nih.gov/api/v1"
  },
  "size_t": 260,
  "size_x": 96,
  "size_y": 96,
  "size_z": 39,
  "snr": 5.983465750338091,
  "spacing_tr": 2.5,
  "spacing_x": 2.0,
  "spacing_y": 2.0,
  "spacing_z": 3.0,
  "summary_bg_k": 25.334621242629783,
  "summary_bg_mad": 10.115907982568157,
  "summary_bg_mean": 27.442516326904297,
  "summary_bg_median": 19.134614944458008,
  "summary_bg_n": 207857.0,
  "summary_bg_p05": 9.65384578704834,
  "summary_bg_p95": 70.31922912597656,
  "summary_bg_stdv": 29.295522689819336,
  "summary_fg_k": 1.0849848438873506,
  "summary_fg_mad": 66.01002689056165,
  "summary_fg_mean": 408.8126220703125,
  "summary_fg_median": 406.1634521484375,
  "summary_fg_n": 86638.0,
  "summary_fg_p05": 302.0224945068359,
  "summary_fg_p95": 516.9813507080078,
  "summary_fg_stdv": 67.88057708740234,
  "tsnr": 26.696126237511635
}