{
  "aor": 0.0004078164556962026,
  "aqi": 0.018064441455696204,
  "bids_meta": {
    "EchoTime": 0.03,
    "EffectiveEchoSpacing": 0.000390006,
    "FlipAngle": 90,
    "ImageType": [
      "ORIGINAL",
      "PRIMARY",
      "M",
      "ND",
      "NORM",
      "MOS"
    ],
    "MagneticFieldStrength": 3,
    "Manufacturer": "Siemens",
    "ManufacturersModelName": "TrioTim",
    "PhaseEncodingDirection": "j-",
    "PulseSequenceType": "Gradient Echo EPI",
    "RepetitionTime": 2.5,
    "SliceTiming": [
      0,
      1.2875,
      0.065,
      1.3525,
      0.1275,
      1.415,
      0.1925,
      1.48,
      0.2575,
      1.545,
      0.3225,
      1.6075,
      0.385,
      1.6725,
      0.45,
      1.7375,
      0.515,
      1.8025,
      0.58,
      1.865,
      0.6425,
      1.93,
      0.7075,
      1.995,
      0.7725,
      2.06,
      0.8375,
      2.1225,
      0.9,
      2.1875,
      0.965,
      2.2525,
      1.03,
      2.3175,
      1.095,
      2.38,
      1.1575,
      2.445,
      1.2225
    ],
    "TaskName": "Localizer",
    "dataset": "ds000253",
    "modality": "bold",
    "subject_id": "17",
    "task_id": "localizer"
  },
  "dummy_trs": 0,
  "dvars_nstd": 43.75311387076189,
  "dvars_std": 1.111915927269842,
  "dvars_vstd": 1.0011603916190468,
  "efc": 0.5949984677263432,
  "fber": 724.767822265625,
  "fd_mean": 0.05966961940002681,
  "fd_num": 6,
  "fd_perc": 1.8987341772151898,
  "fwhm_avg": 2.104867777777778,
  "fwhm_x": 2.091145,
  "fwhm_y": 2.426365,
  "fwhm_z": 1.7970933333333334,
  "gcor": 0.00408328,
  "gsr_x": -0.007164797745645046,
  "gsr_y": 0.037386540323495865,
  "provenance": {
    "md5sum": "11cfbe5c8c1cf4e9f07e06ed06a60958",
    "settings": {
      "fd_thres": 0.2,
      "testing": false
    },
    "software": "mriqc",
    "version": "22.0.1",
    "webapi_port": null,
    "webapi_url": "https://mriqc.nimh.nih.gov/api/v1"
  },
  "size_t": 316,
  "size_x": 96,
  "size_y": 96,
  "size_z": 39,
  "snr": 5.911797287296342,
  "spacing_tr": 2.5,
  "spacing_x": 2.0,
  "spacing_y": 2.0,
  "spacing_z": 3.0,
  "summary_bg_k": 31.896470359224622,
  "summary_bg_mad": 6.028936451417222,
  "summary_bg_mean": 18.057693481445312,
  "summary_bg_median": 11.145569801330566,
  "summary_bg_n": 198675.0,
  "summary_bg_p05": 5.72468376159668,
  "summary_bg_p95": 51.05348091125477,
  "summary_bg_stdv": 22.873964309692383,
  "summary_fg_k": 1.836839525731051,
  "summary_fg_mad": 44.82057445293684,
  "summary_fg_mean": 313.225341796875,
  "summary_fg_median": 308.2183532714844,
  "summary_fg_n": 97561.0,
  "summary_fg_p05": 240.6930389404297,
  "summary_fg_p95": 409.7816467285156,
  "summary_fg_stdv": 52.13588333129883,
  "tsnr": 35.28511323966086
}