{
  "aor": 0.0033184230769230773,
  "aqi": 0.023169272307692307,
  "bids_meta": {
    "EchoTime": 0.03,
    "EffectiveEchoSpacing": 0.000390006,
    "FlipAngle": 90,
    "ImageType": [
      "ORIGINAL",
      "PRIMARY",
      "M",
      "ND",
      "NORM",
      "MOS"
    ],
    "MagneticFieldStrength": 3,
    "Manufacturer": "Siemens",
    "ManufacturersModelName": "TrioTim",
    "PhaseEncodingDirection": "j-",
    "PulseSequenceType": "Gradient Echo EPI",
    "RepetitionTime": 2.5,
    "SliceTiming": [
      0,
      1.2875,
      0.065,
      1.3525,
      0.13,
      1.4175,
      0.195,
      1.48,
      0.2575,
      1.545,
      0.3225,
      1.61,
      0.3875,
      1.675,
      0.4525,
      1.7375,
      0.515,
      1.8025,
      0.58,
      1.8675,
      0.645,
      1.9325,
      0.71,
      1.995,
      0.7725,
      2.06,
      0.8375,
      2.125,
      0.9025,
      2.19,
      0.9675,
      2.2525,
      1.03,
      2.3175,
      1.095,
      2.3825,
      1.16,
      2.4475,
      1.225
    ],
    "TaskName": "Experimental Run 2",
    "dataset": "ds000253",
    "modality": "bold",
    "subject_id": "17",
    "task_id": "run2"
  },
  "dummy_trs": 0,
  "dvars_nstd": 47.95823607621619,
  "dvars_std": 1.1393347126640934,
  "dvars_vstd": 1.0442040397297299,
  "efc": 0.593788017026375,
  "fber": 716.782958984375,
  "fd_mean": 0.19524958653898677,
  "fd_num": 89,
  "fd_perc": 34.23076923076923,
  "fwhm_avg": 2.104047222222222,
  "fwhm_x": 2.08873,
  "fwhm_y": 2.427555,
  "fwhm_z": 1.7958566666666667,
  "gcor": 0.0153311,
  "gsr_x": -0.005989355500787497,
  "gsr_y": 0.04153982922434807,
  "provenance": {
    "md5sum": "b0baeff850c38b42e69addf1e83c90d6",
    "settings": {
      "fd_thres": 0.2,
      "testing": false
    },
    "software": "mriqc",
    "version": "22.0.1",
    "webapi_port": null,
    "webapi_url": "https://mriqc.nimh.nih.gov/api/v1"
  },
  "size_t": 260,
  "size_x": 96,
  "size_y": 96,
  "size_z": 39,
  "snr": 5.7619401603463425,
  "spacing_tr": 2.5,
  "spacing_x": 2.0,
  "spacing_y": 2.0,
  "spacing_z": 3.0,
  "summary_bg_k": 29.917669441982838,
  "summary_bg_mad": 5.9418142569375,
  "summary_bg_mean": 18.091127395629883,
  "summary_bg_median": 11.103846549987793,
  "summary_bg_n": 199710.0,
  "summary_bg_p05": 5.763269281387332,
  "summary_bg_p95": 52.46750030517573,
  "summary_bg_stdv": 22.70648956298828,
  "summary_fg_k": 2.0027821699339654,
  "summary_fg_mad": 43.942043957431366,
  "summary_fg_mean": 311.37225341796875,
  "summary_fg_median": 305.8846130371094,
  "summary_fg_n": 96532.0,
  "summary_fg_p05": 237.57134399414062,
  "summary_fg_p95": 410.0149963378906,
  "summary_fg_stdv": 53.08681106567383,
  "tsnr": 31.475338317686692
}