{
  "aor": 0.0010514615384615384,
  "aqi": 0.019401454230769232,
  "bids_meta": {
    "EchoTime": 0.03,
    "EffectiveEchoSpacing": 0.000390006,
    "FlipAngle": 90,
    "ImageType": [
      "ORIGINAL",
      "PRIMARY",
      "M",
      "ND",
      "NORM",
      "MOS"
    ],
    "MagneticFieldStrength": 3,
    "Manufacturer": "Siemens",
    "ManufacturersModelName": "TrioTim",
    "PhaseEncodingDirection": "j-",
    "PulseSequenceType": "Gradient Echo EPI",
    "RepetitionTime": 2.5,
    "SliceTiming": [
      0,
      1.2875,
      0.065,
      1.3525,
      0.13,
      1.4175,
      0.195,
      1.48,
      0.2575,
      1.545,
      0.3225,
      1.61,
      0.3875,
      1.675,
      0.4525,
      1.7375,
      0.515,
      1.8025,
      0.58,
      1.8675,
      0.645,
      1.9325,
      0.71,
      1.995,
      0.7725,
      2.06,
      0.8375,
      2.125,
      0.9025,
      2.19,
      0.9675,
      2.2525,
      1.03,
      2.3175,
      1.095,
      2.3825,
      1.16,
      2.4475,
      1.225
    ],
    "TaskName": "Experimental Run 1",
    "dataset": "ds000253",
    "modality": "bold",
    "subject_id": "17",
    "task_id": "run1"
  },
  "dummy_trs": 0,
  "dvars_nstd": 41.32538316069501,
  "dvars_std": 1.0570709428185325,
  "dvars_vstd": 1.0077648410038602,
  "efc": 0.5873977515990072,
  "fber": 828.96435546875,
  "fd_mean": 0.13290438671683072,
  "fd_num": 40,
  "fd_perc": 15.384615384615385,
  "fwhm_avg": 2.144888888888889,
  "fwhm_x": 2.115515,
  "fwhm_y": 2.487205,
  "fwhm_z": 1.8319466666666668,
  "gcor": 0.0134361,
  "gsr_x": -0.0016441709594801068,
  "gsr_y": 0.04397854581475258,
  "provenance": {
    "md5sum": "444e00ed990e44109576b2112a4ca07e",
    "settings": {
      "fd_thres": 0.2,
      "testing": false
    },
    "software": "mriqc",
    "version": "22.0.1",
    "webapi_port": null,
    "webapi_url": "https://mriqc.nimh.nih.gov/api/v1"
  },
  "size_t": 260,
  "size_x": 96,
  "size_y": 96,
  "size_z": 39,
  "snr": 5.856508501459968,
  "spacing_tr": 2.5,
  "spacing_x": 2.0,
  "spacing_y": 2.0,
  "spacing_z": 3.0,
  "summary_bg_k": 33.43682080613871,
  "summary_bg_mad": 5.588270009284166,
  "summary_bg_mean": 17.20009994506836,
  "summary_bg_median": 10.5115385055542,
  "summary_bg_n": 201119.0,
  "summary_bg_p05": 5.503846168518066,
  "summary_bg_p95": 48.511539459228516,
  "summary_bg_stdv": 21.87080955505371,
  "summary_fg_k": 1.4808241340508213,
  "summary_fg_mad": 45.937865077441764,
  "summary_fg_mean": 315.3929138183594,
  "summary_fg_median": 310.51922607421875,
  "summary_fg_n": 95576.0,
  "summary_fg_p05": 238.5625,
  "summary_fg_p95": 412.7086639404297,
  "summary_fg_stdv": 53.02094268798828,
  "tsnr": 34.114572254475206
}