{
  "aor": 0.001123576923076923,
  "aqi": 0.02142074692307692,
  "bids_meta": {
    "EchoTime": 0.03,
    "EffectiveEchoSpacing": 0.000390006,
    "FlipAngle": 90,
    "ImageType": [
      "ORIGINAL",
      "PRIMARY",
      "M",
      "ND",
      "NORM",
      "MOS"
    ],
    "MagneticFieldStrength": 3,
    "Manufacturer": "Siemens",
    "ManufacturersModelName": "TrioTim",
    "PhaseEncodingDirection": "j-",
    "PulseSequenceType": "Gradient Echo EPI",
    "RepetitionTime": 2.5,
    "SliceTiming": [
      0,
      1.2875,
      0.065,
      1.3525,
      0.1275,
      1.415,
      0.1925,
      1.48,
      0.2575,
      1.545,
      0.3225,
      1.6075,
      0.385,
      1.6725,
      0.45,
      1.7375,
      0.515,
      1.8025,
      0.58,
      1.865,
      0.6425,
      1.93,
      0.7075,
      1.995,
      0.7725,
      2.06,
      0.8375,
      2.1225,
      0.9,
      2.1875,
      0.965,
      2.2525,
      1.03,
      2.3175,
      1.095,
      2.38,
      1.1575,
      2.445,
      1.2225
    ],
    "TaskName": "Experimental Run 4",
    "dataset": "ds000253",
    "modality": "bold",
    "subject_id": "20",
    "task_id": "run4"
  },
  "dummy_trs": 0,
  "dvars_nstd": 47.01222463189191,
  "dvars_std": 1.1349099714285722,
  "dvars_vstd": 1.0022948377220076,
  "efc": 0.5512898136690836,
  "fber": 777.4979858398438,
  "fd_mean": 0.20297860343329296,
  "fd_num": 92,
  "fd_perc": 35.38461538461539,
  "fwhm_avg": 1.9334566666666666,
  "fwhm_x": 1.99398,
  "fwhm_y": 2.20053,
  "fwhm_z": 1.60586,
  "gcor": 0.00887142,
  "gsr_x": -0.009682982228696346,
  "gsr_y": 0.023409785702824593,
  "provenance": {
    "md5sum": "06e76d2ad8b763c0da2bd9ea092191a1",
    "settings": {
      "fd_thres": 0.2,
      "testing": false
    },
    "software": "mriqc",
    "version": "22.0.1",
    "webapi_port": null,
    "webapi_url": "https://mriqc.nimh.nih.gov/api/v1"
  },
  "size_t": 260,
  "size_x": 96,
  "size_y": 96,
  "size_z": 39,
  "snr": 6.228079204872048,
  "spacing_tr": 2.5,
  "spacing_x": 2.0,
  "spacing_y": 2.0,
  "spacing_z": 3.0,
  "summary_bg_k": 55.98055239237313,
  "summary_bg_mad": 6.546258547767312,
  "summary_bg_mean": 20.30851936340332,
  "summary_bg_median": 12.530769348144531,
  "summary_bg_n": 219602.0,
  "summary_bg_p05": 6.615384578704834,
  "summary_bg_p95": 50.77288284301751,
  "summary_bg_stdv": 27.378419876098633,
  "summary_fg_k": 2.265431280106534,
  "summary_fg_mad": 49.632968775589816,
  "summary_fg_mean": 363.3774108886719,
  "summary_fg_median": 359.23077392578125,
  "summary_fg_n": 76809.0,
  "summary_fg_p05": 279.6900146484375,
  "summary_fg_p95": 458.00999755859374,
  "summary_fg_stdv": 57.67884826660156,
  "tsnr": 34.783095757011324
}