{
  "aor": 0.0014063846153846158,
  "aqi": 0.022287522307692303,
  "bids_meta": {
    "EchoTime": 0.03,
    "EffectiveEchoSpacing": 0.000390006,
    "FlipAngle": 90,
    "ImageType": [
      "ORIGINAL",
      "PRIMARY",
      "M",
      "ND",
      "NORM",
      "MOS"
    ],
    "MagneticFieldStrength": 3,
    "Manufacturer": "Siemens",
    "ManufacturersModelName": "TrioTim",
    "PhaseEncodingDirection": "j-",
    "PulseSequenceType": "Gradient Echo EPI",
    "RepetitionTime": 2.5,
    "SliceTiming": [
      0,
      1.285,
      0.0625,
      1.35,
      0.1275,
      1.415,
      0.1925,
      1.48,
      0.2575,
      1.5425,
      0.32,
      1.6075,
      0.385,
      1.6725,
      0.45,
      1.7375,
      0.5125,
      1.8,
      0.5775,
      1.865,
      0.6425,
      1.93,
      0.7075,
      1.9925,
      0.77,
      2.0575,
      0.835,
      2.1225,
      0.9,
      2.1875,
      0.965,
      2.25,
      1.0275,
      2.315,
      1.0925,
      2.38,
      1.1575,
      2.445,
      1.2225
    ],
    "TaskName": "Experimental Run 3",
    "dataset": "ds000253",
    "modality": "bold",
    "subject_id": "20",
    "task_id": "run3"
  },
  "dummy_trs": 0,
  "dvars_nstd": 47.021954554980695,
  "dvars_std": 1.1224071406949812,
  "dvars_vstd": 1.0024108696911191,
  "efc": 0.5464604260746856,
  "fber": 833.27685546875,
  "fd_mean": 0.24061184058635857,
  "fd_num": 110,
  "fd_perc": 42.30769230769231,
  "fwhm_avg": 1.9506872222222222,
  "fwhm_x": 2.012095,
  "fwhm_y": 2.21096,
  "fwhm_z": 1.6290066666666665,
  "gcor": 0.0117713,
  "gsr_x": -0.00693189213052392,
  "gsr_y": 0.017269132658839226,
  "provenance": {
    "md5sum": "251e2491cef51a43fdc0040eb16294d4",
    "settings": {
      "fd_thres": 0.2,
      "testing": false
    },
    "software": "mriqc",
    "version": "22.0.1",
    "webapi_port": null,
    "webapi_url": "https://mriqc.nimh.nih.gov/api/v1"
  },
  "size_t": 260,
  "size_x": 96,
  "size_y": 96,
  "size_z": 39,
  "snr": 6.1354805581711425,
  "spacing_tr": 2.5,
  "spacing_x": 2.0,
  "spacing_y": 2.0,
  "spacing_z": 3.0,
  "summary_bg_k": 65.86789659060167,
  "summary_bg_mad": 5.787851131541445,
  "summary_bg_mean": 18.55724334716797,
  "summary_bg_median": 11.576923370361328,
  "summary_bg_n": 219784.0,
  "summary_bg_p05": 6.188461780548096,
  "summary_bg_p95": 47.21865386962882,
  "summary_bg_stdv": 26.292644500732422,
  "summary_fg_k": 2.2493120140711387,
  "summary_fg_mad": 48.144643010311725,
  "summary_fg_mean": 348.1324157714844,
  "summary_fg_median": 343.6942443847656,
  "summary_fg_n": 76558.0,
  "summary_fg_p05": 267.9455902099609,
  "summary_fg_p95": 440.51441955566395,
  "summary_fg_stdv": 56.017127990722656,
  "tsnr": 34.0599788693944
}