{
  "aor": 0.0018792307692307693,
  "aqi": 0.02600261423076923,
  "bids_meta": {
    "EchoTime": 0.03,
    "EffectiveEchoSpacing": 0.000390006,
    "FlipAngle": 90,
    "ImageType": [
      "ORIGINAL",
      "PRIMARY",
      "M",
      "ND",
      "NORM",
      "MOS"
    ],
    "MagneticFieldStrength": 3,
    "Manufacturer": "Siemens",
    "ManufacturersModelName": "TrioTim",
    "PhaseEncodingDirection": "j-",
    "PulseSequenceType": "Gradient Echo EPI",
    "RepetitionTime": 2.5,
    "SliceTiming": [
      0,
      1.2875,
      0.065,
      1.3525,
      0.13,
      1.415,
      0.1925,
      1.48,
      0.2575,
      1.545,
      0.3225,
      1.6075,
      0.385,
      1.6725,
      0.45,
      1.7375,
      0.515,
      1.8025,
      0.58,
      1.865,
      0.6425,
      1.93,
      0.7075,
      1.995,
      0.7725,
      2.06,
      0.8375,
      2.1225,
      0.9,
      2.1875,
      0.965,
      2.2525,
      1.03,
      2.3175,
      1.095,
      2.38,
      1.1575,
      2.445,
      1.2225
    ],
    "TaskName": "Experimental Run 2",
    "dataset": "ds000253",
    "modality": "bold",
    "subject_id": "20",
    "task_id": "run2"
  },
  "dummy_trs": 0,
  "dvars_nstd": 48.23002633328187,
  "dvars_std": 1.1345408449034746,
  "dvars_vstd": 1.0127859824324323,
  "efc": 0.5454320013872993,
  "fber": 869.8848876953125,
  "fd_mean": 0.3214624427395127,
  "fd_num": 148,
  "fd_perc": 56.92307692307692,
  "fwhm_avg": 1.9389738888888888,
  "fwhm_x": 2.00698,
  "fwhm_y": 2.217595,
  "fwhm_z": 1.5923466666666668,
  "gcor": 0.0109438,
  "gsr_x": -0.005789177492260933,
  "gsr_y": 0.017593156546354294,
  "provenance": {
    "md5sum": "e5061222235eb8b12887a14e7aee9e56",
    "settings": {
      "fd_thres": 0.2,
      "testing": false
    },
    "software": "mriqc",
    "version": "22.0.1",
    "webapi_port": null,
    "webapi_url": "https://mriqc.nimh.nih.gov/api/v1"
  },
  "size_t": 260,
  "size_x": 96,
  "size_y": 96,
  "size_z": 39,
  "snr": 6.1264351272772695,
  "spacing_tr": 2.5,
  "spacing_x": 2.0,
  "spacing_y": 2.0,
  "spacing_z": 3.0,
  "summary_bg_k": 63.33234818641377,
  "summary_bg_mad": 5.884790170201354,
  "summary_bg_mean": 18.465097427368164,
  "summary_bg_median": 11.419230461120605,
  "summary_bg_n": 219849.0,
  "summary_bg_p05": 5.884615421295166,
  "summary_bg_p95": 47.771537017822176,
  "summary_bg_stdv": 26.02088737487793,
  "summary_fg_k": 2.2148475684574214,
  "summary_fg_mad": 48.00779821020583,
  "summary_fg_mean": 348.0189514160156,
  "summary_fg_median": 343.48846435546875,
  "summary_fg_n": 76494.0,
  "summary_fg_p05": 268.23077392578125,
  "summary_fg_p95": 441.47308349609375,
  "summary_fg_stdv": 56.066246032714844,
  "tsnr": 31.56400099862367
}