{
  "aor": 0.0003991538461538462,
  "aqi": 0.025069792307692306,
  "bids_meta": {
    "EchoTime": 0.03,
    "EffectiveEchoSpacing": 0.000370002,
    "FlipAngle": 90,
    "ImageType": [
      "ORIGINAL",
      "PRIMARY",
      "M",
      "ND",
      "NORM",
      "MOS"
    ],
    "MagneticFieldStrength": 3,
    "Manufacturer": "Siemens",
    "ManufacturersModelName": "TrioTim",
    "PhaseEncodingDirection": "j-",
    "PulseSequenceType": "Gradient Echo EPI",
    "RepetitionTime": 2.5,
    "SliceTiming": [
      0,
      1.285,
      0.0625,
      1.35,
      0.1275,
      1.415,
      0.1925,
      1.48,
      0.2575,
      1.5425,
      0.32,
      1.6075,
      0.385,
      1.6725,
      0.45,
      1.7375,
      0.515,
      1.8,
      0.5775,
      1.865,
      0.6425,
      1.93,
      0.7075,
      1.995,
      0.7725,
      2.0575,
      0.835,
      2.1225,
      0.9,
      2.1875,
      0.965,
      2.2525,
      1.0275,
      2.315,
      1.0925,
      2.38,
      1.1575,
      2.445,
      1.2225
    ],
    "TaskName": "Experimental Run 4",
    "dataset": "ds000253",
    "modality": "bold",
    "subject_id": "06",
    "task_id": "run4"
  },
  "dummy_trs": 0,
  "dvars_nstd": 46.142311273050176,
  "dvars_std": 1.065813769073359,
  "dvars_vstd": 0.9963331374903471,
  "efc": 0.5906889270688925,
  "fber": 568.121337890625,
  "fd_mean": 0.11312173468393912,
  "fd_num": 11,
  "fd_perc": 4.230769230769231,
  "fwhm_avg": 1.9339488888888887,
  "fwhm_x": 1.945535,
  "fwhm_y": 2.190685,
  "fwhm_z": 1.6656266666666666,
  "gcor": 0.00993913,
  "gsr_x": -0.0032516401261091232,
  "gsr_y": 0.0324251763522625,
  "provenance": {
    "md5sum": "112214f1eaeaaf7eb718d97f92e6cce0",
    "settings": {
      "fd_thres": 0.2,
      "testing": false
    },
    "software": "mriqc",
    "version": "22.0.1",
    "webapi_port": null,
    "webapi_url": "https://mriqc.nimh.nih.gov/api/v1"
  },
  "size_t": 260,
  "size_x": 96,
  "size_y": 96,
  "size_z": 39,
  "snr": 6.386606819483264,
  "spacing_tr": 2.5,
  "spacing_x": 2.0,
  "spacing_y": 2.0,
  "spacing_z": 3.0,
  "summary_bg_k": 52.35248858664918,
  "summary_bg_mad": 10.401026295369398,
  "summary_bg_mean": 29.299358367919922,
  "summary_bg_median": 19.419231414794922,
  "summary_bg_n": 203392.0,
  "summary_bg_p05": 9.757692337036133,
  "summary_bg_p95": 77.136343383789,
  "summary_bg_stdv": 36.22486877441406,
  "summary_fg_k": 1.765351596331275,
  "summary_fg_mad": 68.6131095363189,
  "summary_fg_mean": 476.4248962402344,
  "summary_fg_median": 471.8038330078125,
  "summary_fg_n": 92118.0,
  "summary_fg_p05": 370.4228729248047,
  "summary_fg_p95": 597.1928985595703,
  "summary_fg_stdv": 73.87354278564453,
  "tsnr": 31.54206258209888
}