{
  "aor": 0.0003233076923076924,
  "aqi": 0.023026967307692305,
  "bids_meta": {
    "EchoTime": 0.03,
    "EffectiveEchoSpacing": 0.000370002,
    "FlipAngle": 90,
    "ImageType": [
      "ORIGINAL",
      "PRIMARY",
      "M",
      "ND",
      "NORM",
      "MOS"
    ],
    "MagneticFieldStrength": 3,
    "Manufacturer": "Siemens",
    "ManufacturersModelName": "TrioTim",
    "PhaseEncodingDirection": "j-",
    "PulseSequenceType": "Gradient Echo EPI",
    "RepetitionTime": 2.5,
    "SliceTiming": [
      0,
      1.2875,
      0.065,
      1.3525,
      0.13,
      1.415,
      0.1925,
      1.48,
      0.2575,
      1.545,
      0.3225,
      1.61,
      0.3875,
      1.6725,
      0.45,
      1.7375,
      0.515,
      1.8025,
      0.58,
      1.8675,
      0.645,
      1.93,
      0.7075,
      1.995,
      0.7725,
      2.06,
      0.8375,
      2.125,
      0.9025,
      2.1875,
      0.965,
      2.2525,
      1.03,
      2.3175,
      1.095,
      2.3825,
      1.16,
      2.445,
      1.2225
    ],
    "TaskName": "Experimental Run 2",
    "dataset": "ds000253",
    "modality": "bold",
    "subject_id": "06",
    "task_id": "run2"
  },
  "dummy_trs": 0,
  "dvars_nstd": 46.30552994428573,
  "dvars_std": 1.075732943629344,
  "dvars_vstd": 0.9966905351351353,
  "efc": 0.5904109538016897,
  "fber": 573.3988647460938,
  "fd_mean": 0.1070603422364584,
  "fd_num": 5,
  "fd_perc": 1.9230769230769231,
  "fwhm_avg": 1.931355,
  "fwhm_x": 1.936565,
  "fwhm_y": 2.18469,
  "fwhm_z": 1.6728100000000001,
  "gcor": 0.0118688,
  "gsr_x": -0.0032466843258589506,
  "gsr_y": 0.03219325467944145,
  "provenance": {
    "md5sum": "d8beef0bc688442d456f9c64609702d5",
    "settings": {
      "fd_thres": 0.2,
      "testing": false
    },
    "software": "mriqc",
    "version": "22.0.1",
    "webapi_port": null,
    "webapi_url": "https://mriqc.nimh.nih.gov/api/v1"
  },
  "size_t": 260,
  "size_x": 96,
  "size_y": 96,
  "size_z": 39,
  "snr": 6.415188336539101,
  "spacing_tr": 2.5,
  "spacing_x": 2.0,
  "spacing_y": 2.0,
  "spacing_z": 3.0,
  "summary_bg_k": 56.237818509618826,
  "summary_bg_mad": 10.520773978980005,
  "summary_bg_mean": 29.063175201416016,
  "summary_bg_median": 19.257692337036133,
  "summary_bg_n": 203309.0,
  "summary_bg_p05": 9.649999618530273,
  "summary_bg_p95": 76.32691955566406,
  "summary_bg_stdv": 36.458946228027344,
  "summary_fg_k": 1.7382983381296695,
  "summary_fg_mad": 68.821238509864,
  "summary_fg_mean": 475.92950439453125,
  "summary_fg_median": 471.3615417480469,
  "summary_fg_n": 92280.0,
  "summary_fg_p05": 370.49615478515625,
  "summary_fg_p95": 595.5961303710938,
  "summary_fg_stdv": 73.47547149658203,
  "tsnr": 32.622686240589246
}