{
  "aor": 0.00032415384615384614,
  "aqi": 0.02167481076923077,
  "bids_meta": {
    "EchoTime": 0.03,
    "EffectiveEchoSpacing": 0.000370002,
    "FlipAngle": 90,
    "ImageType": [
      "ORIGINAL",
      "PRIMARY",
      "M",
      "ND",
      "NORM",
      "MOS"
    ],
    "MagneticFieldStrength": 3,
    "Manufacturer": "Siemens",
    "ManufacturersModelName": "TrioTim",
    "PhaseEncodingDirection": "j-",
    "PulseSequenceType": "Gradient Echo EPI",
    "RepetitionTime": 2.5,
    "SliceTiming": [
      0,
      1.2875,
      0.065,
      1.3525,
      0.13,
      1.4175,
      0.195,
      1.48,
      0.2575,
      1.545,
      0.3225,
      1.61,
      0.3875,
      1.675,
      0.4525,
      1.7375,
      0.515,
      1.8025,
      0.58,
      1.8675,
      0.645,
      1.9325,
      0.7075,
      1.995,
      0.7725,
      2.06,
      0.8375,
      2.125,
      0.9025,
      2.1875,
      0.965,
      2.2525,
      1.03,
      2.3175,
      1.095,
      2.3825,
      1.16,
      2.445,
      1.2225
    ],
    "TaskName": "Experimental Run 3",
    "dataset": "ds000253",
    "modality": "bold",
    "subject_id": "06",
    "task_id": "run3"
  },
  "dummy_trs": 0,
  "dvars_nstd": 46.16132575644785,
  "dvars_std": 1.0796698301158298,
  "dvars_vstd": 0.9993056923166015,
  "efc": 0.5903840223559667,
  "fber": 571.9285278320312,
  "fd_mean": 0.11123516394084353,
  "fd_num": 7,
  "fd_perc": 2.6923076923076925,
  "fwhm_avg": 1.9286599999999998,
  "fwhm_x": 1.939245,
  "fwhm_y": 2.174735,
  "fwhm_z": 1.672,
  "gcor": 0.0122458,
  "gsr_x": -0.0029030293226242065,
  "gsr_y": 0.03139299899339676,
  "provenance": {
    "md5sum": "6fc298b4be8e9634b166a1c263252997",
    "settings": {
      "fd_thres": 0.2,
      "testing": false
    },
    "software": "mriqc",
    "version": "22.0.1",
    "webapi_port": null,
    "webapi_url": "https://mriqc.nimh.nih.gov/api/v1"
  },
  "size_t": 260,
  "size_x": 96,
  "size_y": 96,
  "size_z": 39,
  "snr": 6.411052921124529,
  "spacing_tr": 2.5,
  "spacing_x": 2.0,
  "spacing_y": 2.0,
  "spacing_z": 3.0,
  "summary_bg_k": 53.975448039000746,
  "summary_bg_mad": 10.543581916970874,
  "summary_bg_mean": 29.099618911743164,
  "summary_bg_median": 19.299999237060547,
  "summary_bg_n": 203333.0,
  "summary_bg_p05": 9.692307472229004,
  "summary_bg_p95": 76.87615356445308,
  "summary_bg_stdv": 36.34198760986328,
  "summary_fg_k": 1.7884098165210016,
  "summary_fg_mad": 68.92960131239454,
  "summary_fg_mean": 476.5841064453125,
  "summary_fg_median": 471.9615478515625,
  "summary_fg_n": 92235.0,
  "summary_fg_p05": 371.10423583984374,
  "summary_fg_p95": 597.0961303710938,
  "summary_fg_stdv": 73.616455078125,
  "tsnr": 33.31900038011372
}