{
  "aor": 0.0003782692307692308,
  "aqi": 0.021873860000000002,
  "bids_meta": {
    "EchoTime": 0.03,
    "EffectiveEchoSpacing": 0.000370002,
    "FlipAngle": 90,
    "ImageType": [
      "ORIGINAL",
      "PRIMARY",
      "M",
      "ND",
      "NORM",
      "MOS"
    ],
    "MagneticFieldStrength": 3,
    "Manufacturer": "Siemens",
    "ManufacturersModelName": "TrioTim",
    "PhaseEncodingDirection": "j-",
    "PulseSequenceType": "Gradient Echo EPI",
    "RepetitionTime": 2.5,
    "SliceTiming": [
      0,
      1.2875,
      0.065,
      1.3525,
      0.13,
      1.4175,
      0.195,
      1.48,
      0.2575,
      1.545,
      0.3225,
      1.61,
      0.3875,
      1.675,
      0.45,
      1.7375,
      0.515,
      1.8025,
      0.58,
      1.8675,
      0.645,
      1.93,
      0.7075,
      1.995,
      0.7725,
      2.06,
      0.8375,
      2.125,
      0.9025,
      2.1875,
      0.965,
      2.2525,
      1.03,
      2.3175,
      1.095,
      2.3825,
      1.16,
      2.445,
      1.2225
    ],
    "TaskName": "Experimental Run 1",
    "dataset": "ds000253",
    "modality": "bold",
    "subject_id": "06",
    "task_id": "run1"
  },
  "dummy_trs": 0,
  "dvars_nstd": 46.09277233277994,
  "dvars_std": 1.0841881162162172,
  "dvars_vstd": 1.0015894097683407,
  "efc": 0.5901240670536329,
  "fber": 578.9268798828125,
  "fd_mean": 0.11316791133983804,
  "fd_num": 11,
  "fd_perc": 4.230769230769231,
  "fwhm_avg": 1.9282055555555555,
  "fwhm_x": 1.93927,
  "fwhm_y": 2.17963,
  "fwhm_z": 1.6657166666666667,
  "gcor": 0.0128051,
  "gsr_x": -0.0034624245017766953,
  "gsr_y": 0.030984977260231972,
  "provenance": {
    "md5sum": "bdfac2399fc11044508de7b3f659bb3d",
    "settings": {
      "fd_thres": 0.2,
      "testing": false
    },
    "software": "mriqc",
    "version": "22.0.1",
    "webapi_port": null,
    "webapi_url": "https://mriqc.nimh.nih.gov/api/v1"
  },
  "size_t": 260,
  "size_x": 96,
  "size_y": 96,
  "size_z": 39,
  "snr": 6.430897023000158,
  "spacing_tr": 2.5,
  "spacing_x": 2.0,
  "spacing_y": 2.0,
  "spacing_z": 3.0,
  "summary_bg_k": 56.88181296020659,
  "summary_bg_mad": 9.99616029895755,
  "summary_bg_mean": 28.878299713134766,
  "summary_bg_median": 19.092308044433594,
  "summary_bg_n": 203266.0,
  "summary_bg_p05": 9.769230842590332,
  "summary_bg_p95": 74.91922760009766,
  "summary_bg_stdv": 36.605567932128906,
  "summary_fg_k": 1.7831738272502697,
  "summary_fg_mad": 68.76993019334222,
  "summary_fg_mean": 475.0914306640625,
  "summary_fg_median": 470.71539306640625,
  "summary_fg_n": 92258.0,
  "summary_fg_p05": 370.38788146972655,
  "summary_fg_p95": 594.2478851318359,
  "summary_fg_stdv": 73.19551849365234,
  "tsnr": 33.258441352751106
}