{
  "aor": 0.0008352692307692308,
  "aqi": 0.02307462153846154,
  "bids_meta": {
    "EchoTime": 0.03,
    "EffectiveEchoSpacing": 0.000370002,
    "FlipAngle": 90,
    "ImageType": [
      "ORIGINAL",
      "PRIMARY",
      "M",
      "ND",
      "NORM",
      "MOS"
    ],
    "MagneticFieldStrength": 3,
    "Manufacturer": "Siemens",
    "ManufacturersModelName": "TrioTim",
    "PhaseEncodingDirection": "j-",
    "PulseSequenceType": "Gradient Echo EPI",
    "RepetitionTime": 2.5,
    "SliceTiming": [
      0,
      1.2875,
      0.065,
      1.35,
      0.1275,
      1.415,
      0.1925,
      1.48,
      0.2575,
      1.545,
      0.3225,
      1.6075,
      0.385,
      1.6725,
      0.45,
      1.7375,
      0.515,
      1.8025,
      0.58,
      1.865,
      0.6425,
      1.93,
      0.7075,
      1.995,
      0.7725,
      2.06,
      0.8375,
      2.1225,
      0.9,
      2.1875,
      0.965,
      2.2525,
      1.03,
      2.315,
      1.0925,
      2.38,
      1.1575,
      2.445,
      1.2225
    ],
    "TaskName": "Experimental Run 2",
    "dataset": "ds000253",
    "modality": "bold",
    "subject_id": "01",
    "task_id": "run2"
  },
  "dummy_trs": 0,
  "dvars_nstd": 50.570960011621594,
  "dvars_std": 1.0736386683397678,
  "dvars_vstd": 1.0107821473745173,
  "efc": 0.6088838245329277,
  "fber": 452.46136474609375,
  "fd_mean": 0.08228723898084794,
  "fd_num": 7,
  "fd_perc": 2.6923076923076925,
  "fwhm_avg": 1.9775855555555557,
  "fwhm_x": 1.954325,
  "fwhm_y": 2.308525,
  "fwhm_z": 1.6699066666666667,
  "gcor": 0.00729933,
  "gsr_x": -0.0074165803380310535,
  "gsr_y": 0.03504282236099243,
  "provenance": {
    "md5sum": "bd5cfd14657ad168b556df9817907a1a",
    "settings": {
      "fd_thres": 0.2,
      "testing": false
    },
    "software": "mriqc",
    "version": "22.0.1",
    "webapi_port": null,
    "webapi_url": "https://mriqc.nimh.nih.gov/api/v1"
  },
  "size_t": 260,
  "size_x": 96,
  "size_y": 96,
  "size_z": 39,
  "snr": 5.656359335775093,
  "spacing_tr": 2.5,
  "spacing_x": 2.0,
  "spacing_y": 2.0,
  "spacing_z": 3.0,
  "summary_bg_k": 40.54005473305435,
  "summary_bg_mad": 11.330503143964386,
  "summary_bg_mean": 31.013425827026367,
  "summary_bg_median": 21.684616088867188,
  "summary_bg_n": 194698.0,
  "summary_bg_p05": 10.538461685180664,
  "summary_bg_p95": 74.07307434082031,
  "summary_bg_stdv": 34.67866516113281,
  "summary_fg_k": 2.3495116389211876,
  "summary_fg_mad": 68.09421233347064,
  "summary_fg_mean": 474.8796691894531,
  "summary_fg_median": 467.3057556152344,
  "summary_fg_n": 98946.0,
  "summary_fg_p05": 360.84039306640625,
  "summary_fg_p95": 619.2134704589844,
  "summary_fg_stdv": 82.6155776977539,
  "tsnr": 30.410559340845793
}