{
  "aor": 0.0004062692307692307,
  "aqi": 0.02341569423076923,
  "bids_meta": {
    "EchoTime": 0.03,
    "EffectiveEchoSpacing": 0.000370002,
    "FlipAngle": 90,
    "ImageType": [
      "ORIGINAL",
      "PRIMARY",
      "M",
      "ND",
      "NORM",
      "MOS"
    ],
    "MagneticFieldStrength": 3,
    "Manufacturer": "Siemens",
    "ManufacturersModelName": "TrioTim",
    "PhaseEncodingDirection": "j-",
    "PulseSequenceType": "Gradient Echo EPI",
    "RepetitionTime": 2.5,
    "SliceTiming": [
      0,
      1.2875,
      0.065,
      1.3525,
      0.13,
      1.4175,
      0.1925,
      1.48,
      0.2575,
      1.545,
      0.3225,
      1.61,
      0.3875,
      1.6725,
      0.45,
      1.7375,
      0.515,
      1.8025,
      0.58,
      1.8675,
      0.645,
      1.93,
      0.7075,
      1.995,
      0.7725,
      2.06,
      0.8375,
      2.125,
      0.9025,
      2.1875,
      0.965,
      2.2525,
      1.03,
      2.3175,
      1.095,
      2.3825,
      1.16,
      2.445,
      1.2225
    ],
    "TaskName": "Experimental Run 4",
    "dataset": "ds000253",
    "modality": "bold",
    "subject_id": "04",
    "task_id": "run4"
  },
  "dummy_trs": 0,
  "dvars_nstd": 49.554641443822405,
  "dvars_std": 1.094146006640926,
  "dvars_vstd": 1.0008624096525094,
  "efc": 0.6000854549174208,
  "fber": 494.7842102050781,
  "fd_mean": 0.06313294748898705,
  "fd_num": 11,
  "fd_perc": 4.230769230769231,
  "fwhm_avg": 1.8966611111111111,
  "fwhm_x": 1.939685,
  "fwhm_y": 2.148715,
  "fwhm_z": 1.6015833333333334,
  "gcor": 0.00834886,
  "gsr_x": 0.0015966023784130812,
  "gsr_y": 0.033570848405361176,
  "provenance": {
    "md5sum": "7ead9180bbcc0fbe3104ea1ade7e1ca6",
    "settings": {
      "fd_thres": 0.2,
      "testing": false
    },
    "software": "mriqc",
    "version": "22.0.1",
    "webapi_port": null,
    "webapi_url": "https://mriqc.nimh.nih.gov/api/v1"
  },
  "size_t": 260,
  "size_x": 96,
  "size_y": 96,
  "size_z": 39,
  "snr": 5.995570934317044,
  "spacing_tr": 2.5,
  "spacing_x": 2.0,
  "spacing_y": 2.0,
  "spacing_z": 3.0,
  "summary_bg_k": 22.34400925863562,
  "summary_bg_mad": 13.029791377780676,
  "summary_bg_mean": 40.84049987792969,
  "summary_bg_median": 23.16538429260254,
  "summary_bg_n": 205750.0,
  "summary_bg_p05": 11.557692527770996,
  "summary_bg_p95": 138.24057922363278,
  "summary_bg_stdv": 50.424354553222656,
  "summary_fg_k": 2.5552896082971976,
  "summary_fg_mad": 75.52717666020158,
  "summary_fg_mean": 531.8898315429688,
  "summary_fg_median": 525.0538330078125,
  "summary_fg_n": 89488.0,
  "summary_fg_p05": 412.88096008300784,
  "summary_fg_p95": 680.8230590820312,
  "summary_fg_stdv": 87.57312774658203,
  "tsnr": 30.701462330762297
}