{
  "aor": 0.0003158461538461539,
  "aqi": 0.020958151153846152,
  "bids_meta": {
    "EchoTime": 0.03,
    "EffectiveEchoSpacing": 0.000370002,
    "FlipAngle": 90,
    "ImageType": [
      "ORIGINAL",
      "PRIMARY",
      "M",
      "ND",
      "NORM",
      "MOS"
    ],
    "MagneticFieldStrength": 3,
    "Manufacturer": "Siemens",
    "ManufacturersModelName": "TrioTim",
    "PhaseEncodingDirection": "j-",
    "PulseSequenceType": "Gradient Echo EPI",
    "RepetitionTime": 2.5,
    "SliceTiming": [
      0,
      1.2875,
      0.065,
      1.35,
      0.1275,
      1.415,
      0.1925,
      1.48,
      0.2575,
      1.545,
      0.32,
      1.6075,
      0.385,
      1.6725,
      0.45,
      1.7375,
      0.515,
      1.8,
      0.5775,
      1.865,
      0.6425,
      1.93,
      0.7075,
      1.995,
      0.7725,
      2.0575,
      0.835,
      2.1225,
      0.9,
      2.1875,
      0.965,
      2.2525,
      1.03,
      2.315,
      1.0925,
      2.38,
      1.1575,
      2.445,
      1.2225
    ],
    "TaskName": "Experimental Run 2",
    "dataset": "ds000253",
    "modality": "bold",
    "subject_id": "04",
    "task_id": "run2"
  },
  "dummy_trs": 0,
  "dvars_nstd": 48.47429724737452,
  "dvars_std": 1.0929410364092662,
  "dvars_vstd": 1.0012804265250965,
  "efc": 0.5988428520186578,
  "fber": 508.19183349609375,
  "fd_mean": 0.049745068459937807,
  "fd_num": 2,
  "fd_perc": 0.7692307692307693,
  "fwhm_avg": 1.8838227777777778,
  "fwhm_x": 1.921915,
  "fwhm_y": 2.13253,
  "fwhm_z": 1.5970233333333335,
  "gcor": 0.0115093,
  "gsr_x": 0.0015661868965253234,
  "gsr_y": 0.03373010829091072,
  "provenance": {
    "md5sum": "a777a26d2e3611741dc5c177885e3807",
    "settings": {
      "fd_thres": 0.2,
      "testing": false
    },
    "software": "mriqc",
    "version": "22.0.1",
    "webapi_port": null,
    "webapi_url": "https://mriqc.nimh.nih.gov/api/v1"
  },
  "size_t": 260,
  "size_x": 96,
  "size_y": 96,
  "size_z": 39,
  "snr": 6.014669796649183,
  "spacing_tr": 2.5,
  "spacing_x": 2.0,
  "spacing_y": 2.0,
  "spacing_z": 3.0,
  "summary_bg_k": 22.65725096795902,
  "summary_bg_mad": 12.710461864952961,
  "summary_bg_mean": 40.409236907958984,
  "summary_bg_median": 22.853845596313477,
  "summary_bg_n": 205916.0,
  "summary_bg_p05": 11.55384635925293,
  "summary_bg_p95": 137.32884216308594,
  "summary_bg_stdv": 50.2039680480957,
  "summary_fg_k": 2.5297693932967,
  "summary_fg_mad": 75.39028661466664,
  "summary_fg_mean": 532.6327514648438,
  "summary_fg_median": 525.8961791992188,
  "summary_fg_n": 89327.0,
  "summary_fg_p05": 414.0692443847656,
  "summary_fg_p95": 681.685400390625,
  "summary_fg_stdv": 87.43509674072266,
  "tsnr": 31.950150558259338
}