{
  "aor": 0.0003138846153846154,
  "aqi": 0.02077718307692308,
  "bids_meta": {
    "EchoTime": 0.03,
    "EffectiveEchoSpacing": 0.000370002,
    "FlipAngle": 90,
    "ImageType": [
      "ORIGINAL",
      "PRIMARY",
      "M",
      "ND",
      "NORM",
      "MOS"
    ],
    "MagneticFieldStrength": 3,
    "Manufacturer": "Siemens",
    "ManufacturersModelName": "TrioTim",
    "PhaseEncodingDirection": "j-",
    "PulseSequenceType": "Gradient Echo EPI",
    "RepetitionTime": 2.5,
    "SliceTiming": [
      0,
      1.2875,
      0.065,
      1.3525,
      0.13,
      1.415,
      0.1925,
      1.48,
      0.2575,
      1.545,
      0.3225,
      1.61,
      0.3875,
      1.6725,
      0.45,
      1.7375,
      0.515,
      1.8025,
      0.58,
      1.8675,
      0.645,
      1.93,
      0.7075,
      1.995,
      0.7725,
      2.06,
      0.8375,
      2.125,
      0.9,
      2.1875,
      0.965,
      2.2525,
      1.03,
      2.3175,
      1.095,
      2.38,
      1.1575,
      2.445,
      1.2225
    ],
    "TaskName": "Experimental Run 1",
    "dataset": "ds000253",
    "modality": "bold",
    "subject_id": "04",
    "task_id": "run1"
  },
  "dummy_trs": 0,
  "dvars_nstd": 48.13064444119689,
  "dvars_std": 1.0999633832046334,
  "dvars_vstd": 1.001588126949807,
  "efc": 0.5983851447768068,
  "fber": 515.0016479492188,
  "fd_mean": 0.04672362942339941,
  "fd_num": 1,
  "fd_perc": 0.38461538461538464,
  "fwhm_avg": 1.8789966666666666,
  "fwhm_x": 1.921675,
  "fwhm_y": 2.122565,
  "fwhm_z": 1.5927499999999999,
  "gcor": 0.0103816,
  "gsr_x": 0.0011302015045657754,
  "gsr_y": 0.033800575882196426,
  "provenance": {
    "md5sum": "b3d5ab4a6455971214e1adc91cdcd010",
    "settings": {
      "fd_thres": 0.2,
      "testing": false
    },
    "software": "mriqc",
    "version": "22.0.1",
    "webapi_port": null,
    "webapi_url": "https://mriqc.nimh.nih.gov/api/v1"
  },
  "size_t": 260,
  "size_x": 96,
  "size_y": 96,
  "size_z": 39,
  "snr": 6.034153694222846,
  "spacing_tr": 2.5,
  "spacing_x": 2.0,
  "spacing_y": 2.0,
  "spacing_z": 3.0,
  "summary_bg_k": 23.839937550415442,
  "summary_bg_mad": 12.539394553463325,
  "summary_bg_mean": 40.133758544921875,
  "summary_bg_median": 22.684616088867188,
  "summary_bg_n": 205790.0,
  "summary_bg_p05": 11.449999809265137,
  "summary_bg_p95": 135.96615524291974,
  "summary_bg_stdv": 50.20620346069336,
  "summary_fg_k": 2.590921042569998,
  "summary_fg_mad": 74.97690175231995,
  "summary_fg_mean": 532.88916015625,
  "summary_fg_median": 525.986572265625,
  "summary_fg_n": 89434.0,
  "summary_fg_p05": 414.9896179199219,
  "summary_fg_p95": 680.9180969238281,
  "summary_fg_stdv": 87.16775512695312,
  "tsnr": 32.29640544578433
}