{
  "aor": 0.0006281012658227847,
  "aqi": 0.023007025000000004,
  "bids_meta": {
    "EchoTime": 0.03,
    "EffectiveEchoSpacing": 0.000370002,
    "FlipAngle": 90,
    "ImageType": [
      "ORIGINAL",
      "PRIMARY",
      "M",
      "ND",
      "NORM",
      "MOS"
    ],
    "MagneticFieldStrength": 3,
    "Manufacturer": "Siemens",
    "ManufacturersModelName": "TrioTim",
    "PhaseEncodingDirection": "j-",
    "PulseSequenceType": "Gradient Echo EPI",
    "RepetitionTime": 2.5,
    "SliceTiming": [
      0,
      1.2875,
      0.065,
      1.3525,
      0.13,
      1.4175,
      0.195,
      1.48,
      0.2575,
      1.545,
      0.3225,
      1.61,
      0.3875,
      1.675,
      0.45,
      1.7375,
      0.515,
      1.8025,
      0.58,
      1.8675,
      0.645,
      1.93,
      0.7075,
      1.995,
      0.7725,
      2.06,
      0.8375,
      2.125,
      0.9025,
      2.1875,
      0.965,
      2.2525,
      1.03,
      2.3175,
      1.095,
      2.3825,
      1.16,
      2.445,
      1.2225
    ],
    "TaskName": "Localizer",
    "dataset": "ds000253",
    "modality": "bold",
    "subject_id": "13",
    "task_id": "localizer"
  },
  "dummy_trs": 0,
  "dvars_nstd": 53.37569234958728,
  "dvars_std": 1.120650078920634,
  "dvars_vstd": 1.006993505904762,
  "efc": 0.5854286363429259,
  "fber": 454.4183044433594,
  "fd_mean": 0.1521230158371702,
  "fd_num": 78,
  "fd_perc": 24.68354430379747,
  "fwhm_avg": 2.0383122222222223,
  "fwhm_x": 2.08272,
  "fwhm_y": 2.28457,
  "fwhm_z": 1.7476466666666666,
  "gcor": 0.016052,
  "gsr_x": 0.0008321521454490721,
  "gsr_y": 0.0126876849681139,
  "provenance": {
    "md5sum": "1466d5bd6423d7b8994f9e2c589019c8",
    "settings": {
      "fd_thres": 0.2,
      "testing": false
    },
    "software": "mriqc",
    "version": "22.0.1",
    "webapi_port": null,
    "webapi_url": "https://mriqc.nimh.nih.gov/api/v1"
  },
  "size_t": 316,
  "size_x": 96,
  "size_y": 96,
  "size_z": 39,
  "snr": 6.036292102179618,
  "spacing_tr": 2.5,
  "spacing_x": 2.0,
  "spacing_y": 2.0,
  "spacing_z": 3.0,
  "summary_bg_k": 28.131159518031463,
  "summary_bg_mad": 9.360100057632119,
  "summary_bg_mean": 26.49344253540039,
  "summary_bg_median": 18.512659072875977,
  "summary_bg_n": 208143.0,
  "summary_bg_p05": 9.534810066223145,
  "summary_bg_p95": 67.09430694580074,
  "summary_bg_stdv": 29.065719604492188,
  "summary_fg_k": 1.0870511138158125,
  "summary_fg_mad": 66.6584391340127,
  "summary_fg_mean": 412.7099914550781,
  "summary_fg_median": 410.3291320800781,
  "summary_fg_n": 86338.0,
  "summary_fg_p05": 305.51218872070314,
  "summary_fg_p95": 519.703466796875,
  "summary_fg_stdv": 67.97662353515625,
  "tsnr": 28.70339116139803
}