{
  "aor": 0.0008479230769230768,
  "aqi": 0.024954224615384615,
  "bids_meta": {
    "EchoTime": 0.03,
    "EffectiveEchoSpacing": 0.000370002,
    "FlipAngle": 90,
    "ImageType": [
      "ORIGINAL",
      "PRIMARY",
      "M",
      "ND",
      "NORM",
      "MOS"
    ],
    "MagneticFieldStrength": 3,
    "Manufacturer": "Siemens",
    "ManufacturersModelName": "TrioTim",
    "PhaseEncodingDirection": "j-",
    "PulseSequenceType": "Gradient Echo EPI",
    "RepetitionTime": 2.5,
    "SliceTiming": [
      0,
      1.285,
      0.0625,
      1.35,
      0.1275,
      1.415,
      0.1925,
      1.48,
      0.2575,
      1.5425,
      0.32,
      1.6075,
      0.385,
      1.6725,
      0.45,
      1.7375,
      0.515,
      1.8,
      0.5775,
      1.865,
      0.6425,
      1.93,
      0.7075,
      1.995,
      0.7725,
      2.0575,
      0.835,
      2.1225,
      0.9,
      2.1875,
      0.965,
      2.2525,
      1.03,
      2.315,
      1.0925,
      2.38,
      1.1575,
      2.445,
      1.2225
    ],
    "TaskName": "Experimental Run 1",
    "dataset": "ds000253",
    "modality": "bold",
    "subject_id": "13",
    "task_id": "run1"
  },
  "dummy_trs": 0,
  "dvars_nstd": 54.31800066081079,
  "dvars_std": 1.1212695703088797,
  "dvars_vstd": 1.0093859862548262,
  "efc": 0.5857875949504591,
  "fber": 444.33056640625,
  "fd_mean": 0.17467699152990965,
  "fd_num": 88,
  "fd_perc": 33.84615384615385,
  "fwhm_avg": 2.0371594444444443,
  "fwhm_x": 2.072605,
  "fwhm_y": 2.29277,
  "fwhm_z": 1.7461033333333333,
  "gcor": 0.00923252,
  "gsr_x": 0.0007975018816068769,
  "gsr_y": 0.012533963657915592,
  "provenance": {
    "md5sum": "5c07ea4e5b345d692b7268557d0f9d83",
    "settings": {
      "fd_thres": 0.2,
      "testing": false
    },
    "software": "mriqc",
    "version": "22.0.1",
    "webapi_port": null,
    "webapi_url": "https://mriqc.nimh.nih.gov/api/v1"
  },
  "size_t": 260,
  "size_x": 96,
  "size_y": 96,
  "size_z": 39,
  "snr": 6.026780879049124,
  "spacing_tr": 2.5,
  "spacing_x": 2.0,
  "spacing_y": 2.0,
  "spacing_z": 3.0,
  "summary_bg_k": 27.966514098531718,
  "summary_bg_mad": 9.585594792407385,
  "summary_bg_mean": 26.42902946472168,
  "summary_bg_median": 18.630769729614258,
  "summary_bg_n": 207995.0,
  "summary_bg_p05": 9.55384635925293,
  "summary_bg_p95": 66.08577117919917,
  "summary_bg_stdv": 28.54402732849121,
  "summary_fg_k": 1.138348913430554,
  "summary_fg_mad": 65.82187377393397,
  "summary_fg_mean": 410.6348876953125,
  "summary_fg_median": 408.0769348144531,
  "summary_fg_n": 86255.0,
  "summary_fg_p05": 303.75,
  "summary_fg_p95": 517.6473327636719,
  "summary_fg_stdv": 67.710205078125,
  "tsnr": 27.90690429508686
}