{
  "aor": 0.00028365384615384613,
  "aqi": 0.019147802307692308,
  "bids_meta": {
    "EchoTime": 0.03,
    "EffectiveEchoSpacing": 0.000390006,
    "FlipAngle": 90,
    "ImageType": [
      "ORIGINAL",
      "PRIMARY",
      "M",
      "ND",
      "NORM",
      "MOS"
    ],
    "MagneticFieldStrength": 3,
    "Manufacturer": "Siemens",
    "ManufacturersModelName": "TrioTim",
    "PhaseEncodingDirection": "j-",
    "PulseSequenceType": "Gradient Echo EPI",
    "RepetitionTime": 2.5,
    "SliceTiming": [
      0,
      1.2875,
      0.065,
      1.35,
      0.1275,
      1.415,
      0.1925,
      1.48,
      0.2575,
      1.545,
      0.32,
      1.6075,
      0.385,
      1.6725,
      0.45,
      1.7375,
      0.515,
      1.8,
      0.5775,
      1.865,
      0.6425,
      1.93,
      0.7075,
      1.995,
      0.7725,
      2.0575,
      0.835,
      2.1225,
      0.9,
      2.1875,
      0.965,
      2.2525,
      1.03,
      2.315,
      1.0925,
      2.38,
      1.1575,
      2.445,
      1.2225
    ],
    "TaskName": "Experimental Run 4",
    "dataset": "ds000253",
    "modality": "bold",
    "subject_id": "18",
    "task_id": "run4"
  },
  "dummy_trs": 0,
  "dvars_nstd": 39.28812719181469,
  "dvars_std": 1.0702967661003857,
  "dvars_vstd": 0.9820229883783792,
  "efc": 0.546519127712881,
  "fber": 1019.2096557617188,
  "fd_mean": 0.1133978503495312,
  "fd_num": 22,
  "fd_perc": 8.461538461538462,
  "fwhm_avg": 1.9671205555555555,
  "fwhm_x": 1.95362,
  "fwhm_y": 2.263485,
  "fwhm_z": 1.6842566666666665,
  "gcor": 0.0079626,
  "gsr_x": -0.0038361649494618177,
  "gsr_y": 0.028988730162382126,
  "provenance": {
    "md5sum": "e6fd1a9cc0177d6de37a65799d2cf061",
    "settings": {
      "fd_thres": 0.2,
      "testing": false
    },
    "software": "mriqc",
    "version": "22.0.1",
    "webapi_port": null,
    "webapi_url": "https://mriqc.nimh.nih.gov/api/v1"
  },
  "size_t": 260,
  "size_x": 96,
  "size_y": 96,
  "size_z": 39,
  "snr": 6.19035519158403,
  "spacing_tr": 2.5,
  "spacing_x": 2.0,
  "spacing_y": 2.0,
  "spacing_z": 3.0,
  "summary_bg_k": 54.491302061248454,
  "summary_bg_mad": 8.19993231952152,
  "summary_bg_mean": 28.515235900878906,
  "summary_bg_median": 16.457693099975586,
  "summary_bg_n": 219193.0,
  "summary_bg_p05": 8.969230651855469,
  "summary_bg_p95": 77.2399978637694,
  "summary_bg_stdv": 43.31856918334961,
  "summary_fg_k": 1.7286092136952194,
  "summary_fg_mad": 85.27817742979101,
  "summary_fg_mean": 549.2073974609375,
  "summary_fg_median": 541.626953125,
  "summary_fg_n": 78233.0,
  "summary_fg_p05": 430.44232177734375,
  "summary_fg_p95": 691.7976806640623,
  "summary_fg_stdv": 87.49473571777344,
  "tsnr": 36.72769560164306
}