{
  "aor": 0.000782246835443038,
  "aqi": 0.026768359493670884,
  "bids_meta": {
    "EchoTime": 0.03,
    "EffectiveEchoSpacing": 0.000390006,
    "FlipAngle": 90,
    "ImageType": [
      "ORIGINAL",
      "PRIMARY",
      "M",
      "ND",
      "NORM",
      "MOS"
    ],
    "MagneticFieldStrength": 3,
    "Manufacturer": "Siemens",
    "ManufacturersModelName": "TrioTim",
    "PhaseEncodingDirection": "j-",
    "PulseSequenceType": "Gradient Echo EPI",
    "RepetitionTime": 2.5,
    "SliceTiming": [
      0,
      1.285,
      0.0625,
      1.35,
      0.1275,
      1.415,
      0.1925,
      1.48,
      0.2575,
      1.5425,
      0.32,
      1.6075,
      0.385,
      1.6725,
      0.45,
      1.7375,
      0.515,
      1.8,
      0.5775,
      1.865,
      0.6425,
      1.93,
      0.7075,
      1.995,
      0.77,
      2.0575,
      0.835,
      2.1225,
      0.9,
      2.1875,
      0.965,
      2.25,
      1.0275,
      2.315,
      1.0925,
      2.38,
      1.1575,
      2.445,
      1.2225
    ],
    "TaskName": "Localizer",
    "dataset": "ds000253",
    "modality": "bold",
    "subject_id": "18",
    "task_id": "localizer"
  },
  "dummy_trs": 0,
  "dvars_nstd": 36.61336350209523,
  "dvars_std": 1.0076668755238098,
  "dvars_vstd": 0.9640061553968248,
  "efc": 0.5459077902617399,
  "fber": 1033.956787109375,
  "fd_mean": 0.13023594699187224,
  "fd_num": 42,
  "fd_perc": 13.291139240506329,
  "fwhm_avg": 1.9753088888888888,
  "fwhm_x": 1.963005,
  "fwhm_y": 2.289785,
  "fwhm_z": 1.6731366666666665,
  "gcor": 0.0103424,
  "gsr_x": -0.0052860393188893795,
  "gsr_y": 0.030921917408704758,
  "provenance": {
    "md5sum": "de68a873beec63722bd576b8624bdfc0",
    "settings": {
      "fd_thres": 0.2,
      "testing": false
    },
    "software": "mriqc",
    "version": "22.0.1",
    "webapi_port": null,
    "webapi_url": "https://mriqc.nimh.nih.gov/api/v1"
  },
  "size_t": 316,
  "size_x": 96,
  "size_y": 96,
  "size_z": 39,
  "snr": 6.158805941301355,
  "spacing_tr": 2.5,
  "spacing_x": 2.0,
  "spacing_y": 2.0,
  "spacing_z": 3.0,
  "summary_bg_k": 56.78111181058815,
  "summary_bg_mad": 8.703250955586348,
  "summary_bg_mean": 29.093120574951172,
  "summary_bg_median": 16.715190887451172,
  "summary_bg_n": 219422.0,
  "summary_bg_p05": 8.9367094039917,
  "summary_bg_p95": 79.66709175109841,
  "summary_bg_stdv": 44.61379623413086,
  "summary_fg_k": 1.9296078536492791,
  "summary_fg_mad": 85.17452015187975,
  "summary_fg_mean": 549.3397216796875,
  "summary_fg_median": 541.00634765625,
  "summary_fg_n": 78073.0,
  "summary_fg_p05": 429.25380859375,
  "summary_fg_p95": 693.5506347656249,
  "summary_fg_stdv": 87.84217071533203,
  "tsnr": 33.075632880209014
}