{
  "aor": 0.0002565384615384616,
  "aqi": 0.024285458461538463,
  "bids_meta": {
    "EchoTime": 0.03,
    "EffectiveEchoSpacing": 0.000390006,
    "FlipAngle": 90,
    "ImageType": [
      "ORIGINAL",
      "PRIMARY",
      "M",
      "ND",
      "NORM",
      "MOS"
    ],
    "MagneticFieldStrength": 3,
    "Manufacturer": "Siemens",
    "ManufacturersModelName": "TrioTim",
    "PhaseEncodingDirection": "j-",
    "PulseSequenceType": "Gradient Echo EPI",
    "RepetitionTime": 2.5,
    "SliceTiming": [
      0,
      1.2875,
      0.065,
      1.3525,
      0.13,
      1.4175,
      0.195,
      1.48,
      0.2575,
      1.545,
      0.3225,
      1.61,
      0.3875,
      1.675,
      0.4525,
      1.7375,
      0.515,
      1.8025,
      0.58,
      1.8675,
      0.645,
      1.9325,
      0.71,
      1.995,
      0.7725,
      2.06,
      0.8375,
      2.125,
      0.9025,
      2.19,
      0.9675,
      2.2525,
      1.03,
      2.3175,
      1.095,
      2.3825,
      1.16,
      2.4475,
      1.2225
    ],
    "TaskName": "Experimental Run 3",
    "dataset": "ds000253",
    "modality": "bold",
    "subject_id": "18",
    "task_id": "run3"
  },
  "dummy_trs": 0,
  "dvars_nstd": 38.740416110231685,
  "dvars_std": 1.0289861643243248,
  "dvars_vstd": 0.9632937260617762,
  "efc": 0.546075300034074,
  "fber": 1050.521728515625,
  "fd_mean": 0.14543274825740127,
  "fd_num": 50,
  "fd_perc": 19.23076923076923,
  "fwhm_avg": 1.9754788888888888,
  "fwhm_x": 1.96027,
  "fwhm_y": 2.2807,
  "fwhm_z": 1.6854666666666667,
  "gcor": 0.0134675,
  "gsr_x": -0.003416960360482335,
  "gsr_y": 0.02993171475827694,
  "provenance": {
    "md5sum": "431bc407a0d7836541830d1f9444f674",
    "settings": {
      "fd_thres": 0.2,
      "testing": false
    },
    "software": "mriqc",
    "version": "22.0.1",
    "webapi_port": null,
    "webapi_url": "https://mriqc.nimh.nih.gov/api/v1"
  },
  "size_t": 260,
  "size_x": 96,
  "size_y": 96,
  "size_z": 39,
  "snr": 6.2134139421318775,
  "spacing_tr": 2.5,
  "spacing_x": 2.0,
  "spacing_y": 2.0,
  "spacing_z": 3.0,
  "summary_bg_k": 54.36368268681175,
  "summary_bg_mad": 8.376701968988788,
  "summary_bg_mean": 28.638044357299805,
  "summary_bg_median": 16.507692337036133,
  "summary_bg_n": 219228.0,
  "summary_bg_p05": 9.103846549987793,
  "summary_bg_p95": 78.31538391113281,
  "summary_bg_stdv": 43.02134704589844,
  "summary_fg_k": 1.747291482346787,
  "summary_fg_mad": 85.12420723479667,
  "summary_fg_mean": 549.287841796875,
  "summary_fg_median": 542.2000122070312,
  "summary_fg_n": 78204.0,
  "summary_fg_p05": 429.56229705810546,
  "summary_fg_p95": 690.9757751464844,
  "summary_fg_stdv": 87.26226043701172,
  "tsnr": 34.07003325223923
}