{
  "aor": 0.00033580769230769243,
  "aqi": 0.013566778846153845,
  "bids_meta": {
    "EchoTime": 0.03,
    "EffectiveEchoSpacing": 0.000390006,
    "FlipAngle": 90,
    "ImageType": [
      "ORIGINAL",
      "PRIMARY",
      "M",
      "ND",
      "NORM",
      "MOS"
    ],
    "MagneticFieldStrength": 3,
    "Manufacturer": "Siemens",
    "ManufacturersModelName": "TrioTim",
    "PhaseEncodingDirection": "j-",
    "PulseSequenceType": "Gradient Echo EPI",
    "RepetitionTime": 2.5,
    "SliceTiming": [
      0,
      1.2875,
      0.065,
      1.3525,
      0.13,
      1.4175,
      0.195,
      1.48,
      0.2575,
      1.545,
      0.3225,
      1.61,
      0.3875,
      1.675,
      0.4525,
      1.7375,
      0.515,
      1.8025,
      0.58,
      1.8675,
      0.645,
      1.9325,
      0.71,
      1.995,
      0.7725,
      2.06,
      0.8375,
      2.125,
      0.9025,
      2.19,
      0.9675,
      2.2525,
      1.03,
      2.3175,
      1.095,
      2.3825,
      1.16,
      2.4475,
      1.225
    ],
    "TaskName": "Experimental Run 1",
    "dataset": "ds000253",
    "modality": "bold",
    "subject_id": "18",
    "task_id": "run1"
  },
  "dummy_trs": 0,
  "dvars_nstd": 37.04500319127416,
  "dvars_std": 1.0590796916602325,
  "dvars_vstd": 1.000866462316603,
  "efc": 0.5455314503665415,
  "fber": 1003.2186889648438,
  "fd_mean": 0.12043339934752655,
  "fd_num": 35,
  "fd_perc": 13.461538461538462,
  "fwhm_avg": 1.9374327777777778,
  "fwhm_x": 1.918385,
  "fwhm_y": 2.23137,
  "fwhm_z": 1.6625433333333335,
  "gcor": 0.0132395,
  "gsr_x": -0.004978777840733528,
  "gsr_y": 0.02887105382978916,
  "provenance": {
    "md5sum": "8f9ca00398ccb4e65fa258929543ba1f",
    "settings": {
      "fd_thres": 0.2,
      "testing": false
    },
    "software": "mriqc",
    "version": "22.0.1",
    "webapi_port": null,
    "webapi_url": "https://mriqc.nimh.nih.gov/api/v1"
  },
  "size_t": 260,
  "size_x": 96,
  "size_y": 96,
  "size_z": 39,
  "snr": 6.15819922978271,
  "spacing_tr": 2.5,
  "spacing_x": 2.0,
  "spacing_y": 2.0,
  "spacing_z": 3.0,
  "summary_bg_k": 59.10626134087958,
  "summary_bg_mad": 8.160014539758443,
  "summary_bg_mean": 28.396059036254883,
  "summary_bg_median": 16.492307662963867,
  "summary_bg_n": 219415.0,
  "summary_bg_p05": 9.038461685180664,
  "summary_bg_p95": 75.41769180297842,
  "summary_bg_stdv": 44.21836471557617,
  "summary_fg_k": 1.820558956038334,
  "summary_fg_mad": 85.1127601412517,
  "summary_fg_mean": 548.4088134765625,
  "summary_fg_median": 540.1981201171875,
  "summary_fg_n": 78058.0,
  "summary_fg_p05": 429.52691650390625,
  "summary_fg_p95": 691.2401947021484,
  "summary_fg_stdv": 87.7195816040039,
  "tsnr": 40.08887738361955
}