{
  "aor": 0.0004987307692307692,
  "aqi": 0.024437668461538456,
  "bids_meta": {
    "EchoTime": 0.03,
    "EffectiveEchoSpacing": 0.000390006,
    "FlipAngle": 90,
    "ImageType": [
      "ORIGINAL",
      "PRIMARY",
      "M",
      "ND",
      "NORM",
      "MOS"
    ],
    "MagneticFieldStrength": 3,
    "Manufacturer": "Siemens",
    "ManufacturersModelName": "TrioTim",
    "PhaseEncodingDirection": "j-",
    "PulseSequenceType": "Gradient Echo EPI",
    "RepetitionTime": 2.5,
    "SliceTiming": [
      0,
      1.2875,
      0.065,
      1.35,
      0.1275,
      1.415,
      0.1925,
      1.48,
      0.2575,
      1.545,
      0.32,
      1.6075,
      0.385,
      1.6725,
      0.45,
      1.7375,
      0.515,
      1.8,
      0.5775,
      1.865,
      0.6425,
      1.93,
      0.7075,
      1.995,
      0.7725,
      2.0575,
      0.835,
      2.1225,
      0.9,
      2.1875,
      0.965,
      2.2525,
      1.03,
      2.315,
      1.0925,
      2.38,
      1.1575,
      2.445,
      1.2225
    ],
    "TaskName": "Experimental Run 2",
    "dataset": "ds000253",
    "modality": "bold",
    "subject_id": "18",
    "task_id": "run2"
  },
  "dummy_trs": 0,
  "dvars_nstd": 37.542874118957535,
  "dvars_std": 1.0262498059073357,
  "dvars_vstd": 0.9699545693050187,
  "efc": 0.5463523819531915,
  "fber": 1016.471435546875,
  "fd_mean": 0.13145721743387156,
  "fd_num": 40,
  "fd_perc": 15.384615384615385,
  "fwhm_avg": 1.9749911111111114,
  "fwhm_x": 1.951005,
  "fwhm_y": 2.281645,
  "fwhm_z": 1.6923233333333334,
  "gcor": 0.0119516,
  "gsr_x": -0.00478207366541028,
  "gsr_y": 0.0300713162869215,
  "provenance": {
    "md5sum": "6d9a6e438828e5b86ae7db5de52e7cbd",
    "settings": {
      "fd_thres": 0.2,
      "testing": false
    },
    "software": "mriqc",
    "version": "22.0.1",
    "webapi_port": null,
    "webapi_url": "https://mriqc.nimh.nih.gov/api/v1"
  },
  "size_t": 260,
  "size_x": 96,
  "size_y": 96,
  "size_z": 39,
  "snr": 6.2130289234025255,
  "spacing_tr": 2.5,
  "spacing_x": 2.0,
  "spacing_y": 2.0,
  "spacing_z": 3.0,
  "summary_bg_k": 56.99997314414611,
  "summary_bg_mad": 8.291166899324313,
  "summary_bg_mean": 28.74605369567871,
  "summary_bg_median": 16.58846092224121,
  "summary_bg_n": 219348.0,
  "summary_bg_p05": 9.119231224060059,
  "summary_bg_p95": 77.05384826660156,
  "summary_bg_stdv": 44.07754135131836,
  "summary_fg_k": 1.8079228062786354,
  "summary_fg_mad": 84.8218772780079,
  "summary_fg_mean": 548.6263427734375,
  "summary_fg_median": 540.9000244140625,
  "summary_fg_n": 78191.0,
  "summary_fg_p05": 430.01922607421875,
  "summary_fg_p95": 689.3653869628906,
  "summary_fg_stdv": 87.05843353271484,
  "tsnr": 33.902272273320705
}