{
  "aor": 0.0004493846153846154,
  "aqi": 0.024785989615384616,
  "bids_meta": {
    "EchoTime": 0.03,
    "EffectiveEchoSpacing": 0.000390006,
    "FlipAngle": 90,
    "ImageType": [
      "ORIGINAL",
      "PRIMARY",
      "M",
      "ND",
      "NORM",
      "MOS"
    ],
    "MagneticFieldStrength": 3,
    "Manufacturer": "Siemens",
    "ManufacturersModelName": "TrioTim",
    "PhaseEncodingDirection": "j-",
    "PulseSequenceType": "Gradient Echo EPI",
    "RepetitionTime": 2.5,
    "SliceTiming": [
      0,
      1.2875,
      0.065,
      1.3525,
      0.1275,
      1.415,
      0.1925,
      1.48,
      0.2575,
      1.545,
      0.3225,
      1.6075,
      0.385,
      1.6725,
      0.45,
      1.7375,
      0.515,
      1.8025,
      0.58,
      1.865,
      0.6425,
      1.93,
      0.7075,
      1.995,
      0.7725,
      2.06,
      0.8375,
      2.1225,
      0.9,
      2.1875,
      0.965,
      2.2525,
      1.03,
      2.3175,
      1.095,
      2.38,
      1.1575,
      2.445,
      1.2225
    ],
    "TaskName": "Experimental Run 2",
    "dataset": "ds000253",
    "modality": "bold",
    "subject_id": "15",
    "task_id": "run2"
  },
  "dummy_trs": 0,
  "dvars_nstd": 44.18060893351352,
  "dvars_std": 1.0572170377220078,
  "dvars_vstd": 0.9672324217760623,
  "efc": 0.606113069009473,
  "fber": 701.2561645507812,
  "fd_mean": 0.1521906525943281,
  "fd_num": 54,
  "fd_perc": 20.76923076923077,
  "fwhm_avg": 2.0337872222222226,
  "fwhm_x": 2.023315,
  "fwhm_y": 2.38493,
  "fwhm_z": 1.6931166666666666,
  "gcor": 0.00909046,
  "gsr_x": -0.001481303246691823,
  "gsr_y": 0.03497646376490593,
  "provenance": {
    "md5sum": "960ca0009e3e618f564436bae8229f60",
    "settings": {
      "fd_thres": 0.2,
      "testing": false
    },
    "software": "mriqc",
    "version": "22.0.1",
    "webapi_port": null,
    "webapi_url": "https://mriqc.nimh.nih.gov/api/v1"
  },
  "size_t": 260,
  "size_x": 96,
  "size_y": 96,
  "size_z": 39,
  "snr": 6.051134851566247,
  "spacing_tr": 2.5,
  "spacing_x": 2.0,
  "spacing_y": 2.0,
  "spacing_z": 3.0,
  "summary_bg_k": 35.85961830547698,
  "summary_bg_mad": 10.001864050854838,
  "summary_bg_mean": 30.277441024780273,
  "summary_bg_median": 17.71538543701172,
  "summary_bg_n": 192572.0,
  "summary_bg_p05": 8.30384635925293,
  "summary_bg_p95": 91.26499977111803,
  "summary_bg_stdv": 41.69860076904297,
  "summary_fg_k": 1.4301990613388922,
  "summary_fg_mad": 76.97270024961583,
  "summary_fg_mean": 490.9676818847656,
  "summary_fg_median": 485.6961669921875,
  "summary_fg_n": 99856.0,
  "summary_fg_p05": 371.84519958496094,
  "summary_fg_p95": 618.5009613037109,
  "summary_fg_stdv": 80.26490020751953,
  "tsnr": 31.48746870981995
}