{
  "aor": 0.0013097307692307692,
  "aqi": 0.021664452307692306,
  "bids_meta": {
    "EchoTime": 0.03,
    "EffectiveEchoSpacing": 0.000390006,
    "FlipAngle": 90,
    "ImageType": [
      "ORIGINAL",
      "PRIMARY",
      "M",
      "ND",
      "NORM",
      "MOS"
    ],
    "MagneticFieldStrength": 3,
    "Manufacturer": "Siemens",
    "ManufacturersModelName": "TrioTim",
    "PhaseEncodingDirection": "j-",
    "PulseSequenceType": "Gradient Echo EPI",
    "RepetitionTime": 2.5,
    "SliceTiming": [
      0,
      1.285,
      0.0625,
      1.35,
      0.1275,
      1.415,
      0.1925,
      1.48,
      0.2575,
      1.5425,
      0.32,
      1.6075,
      0.385,
      1.6725,
      0.45,
      1.7375,
      0.515,
      1.8,
      0.5775,
      1.865,
      0.6425,
      1.93,
      0.7075,
      1.995,
      0.7725,
      2.0575,
      0.835,
      2.1225,
      0.9,
      2.1875,
      0.965,
      2.2525,
      1.03,
      2.315,
      1.0925,
      2.38,
      1.1575,
      2.445,
      1.2225
    ],
    "TaskName": "Experimental Run 3",
    "dataset": "ds000253",
    "modality": "bold",
    "subject_id": "15",
    "task_id": "run3"
  },
  "dummy_trs": 0,
  "dvars_nstd": 44.81724869401543,
  "dvars_std": 1.1004114772972975,
  "dvars_vstd": 1.0023940488416987,
  "efc": 0.6060914856522623,
  "fber": 719.1541137695312,
  "fd_mean": 0.185786049545846,
  "fd_num": 64,
  "fd_perc": 24.615384615384617,
  "fwhm_avg": 2.0353183333333336,
  "fwhm_x": 2.02944,
  "fwhm_y": 2.381025,
  "fwhm_z": 1.6954900000000002,
  "gcor": 0.0107594,
  "gsr_x": -0.00036995080881752074,
  "gsr_y": 0.03298988938331604,
  "provenance": {
    "md5sum": "a49d6b2878cb13a0fc2242684425e4bf",
    "settings": {
      "fd_thres": 0.2,
      "testing": false
    },
    "software": "mriqc",
    "version": "22.0.1",
    "webapi_port": null,
    "webapi_url": "https://mriqc.nimh.nih.gov/api/v1"
  },
  "size_t": 260,
  "size_x": 96,
  "size_y": 96,
  "size_z": 39,
  "snr": 6.0234544882266166,
  "spacing_tr": 2.5,
  "spacing_x": 2.0,
  "spacing_y": 2.0,
  "spacing_z": 3.0,
  "summary_bg_k": 34.45541820822224,
  "summary_bg_mad": 9.619807406353518,
  "summary_bg_mean": 29.829957962036133,
  "summary_bg_median": 17.399999618530273,
  "summary_bg_n": 192424.0,
  "summary_bg_p05": 8.253846168518066,
  "summary_bg_p95": 90.86038703918462,
  "summary_bg_stdv": 41.012901306152344,
  "summary_fg_k": 1.5561200767901235,
  "summary_fg_mad": 76.93564424323898,
  "summary_fg_mean": 491.0254211425781,
  "summary_fg_median": 486.22308349609375,
  "summary_fg_n": 100003.0,
  "summary_fg_p05": 371.53076171875,
  "summary_fg_p95": 618.7446166992187,
  "summary_fg_stdv": 80.72122955322266,
  "tsnr": 32.72819893108681
}