{
  "aor": 0.0007892307692307692,
  "aqi": 0.04429224000000001,
  "bids_meta": {
    "EchoTime": 0.03,
    "EffectiveEchoSpacing": 0.000370002,
    "FlipAngle": 90,
    "ImageType": [
      "ORIGINAL",
      "PRIMARY",
      "M",
      "ND",
      "NORM",
      "MOS"
    ],
    "MagneticFieldStrength": 3,
    "Manufacturer": "Siemens",
    "ManufacturersModelName": "TrioTim",
    "PhaseEncodingDirection": "j-",
    "PulseSequenceType": "Gradient Echo EPI",
    "RepetitionTime": 2.5,
    "SliceTiming": [
      0,
      1.2875,
      0.065,
      1.3525,
      0.13,
      1.415,
      0.1925,
      1.48,
      0.2575,
      1.545,
      0.3225,
      1.61,
      0.3875,
      1.6725,
      0.45,
      1.7375,
      0.515,
      1.8025,
      0.58,
      1.8675,
      0.645,
      1.93,
      0.7075,
      1.995,
      0.7725,
      2.06,
      0.8375,
      2.125,
      0.9025,
      2.1875,
      0.965,
      2.2525,
      1.03,
      2.3175,
      1.095,
      2.3825,
      1.16,
      2.445,
      1.2225
    ],
    "TaskName": "Experimental Run 3",
    "dataset": "ds000253",
    "modality": "bold",
    "subject_id": "08",
    "task_id": "run3"
  },
  "dummy_trs": 0,
  "dvars_nstd": 47.30745758868726,
  "dvars_std": 1.0647402508494208,
  "dvars_vstd": 0.9859700567953666,
  "efc": 0.5481329134214912,
  "fber": 656.076416015625,
  "fd_mean": 0.10196270955200969,
  "fd_num": 22,
  "fd_perc": 8.461538461538462,
  "fwhm_avg": 1.914879400677331,
  "fwhm_x": 1.887865,
  "fwhm_y": 2.20462,
  "fwhm_z": 1.6521532020319936,
  "gcor": 0.0105413,
  "gsr_x": 0.008674776181578636,
  "gsr_y": 0.019484644755721092,
  "provenance": {
    "md5sum": "f13d82df0a768de029804bdf0612d9d2",
    "settings": {
      "fd_thres": 0.2,
      "testing": false
    },
    "software": "mriqc",
    "version": "22.0.1",
    "webapi_port": null,
    "webapi_url": "https://mriqc.nimh.nih.gov/api/v1"
  },
  "size_t": 260,
  "size_x": 96,
  "size_y": 96,
  "size_z": 39,
  "snr": 7.239593565110008,
  "spacing_tr": 2.5,
  "spacing_x": 2.0,
  "spacing_y": 2.0,
  "spacing_z": 3.000000238418579,
  "summary_bg_k": 32.16872846292933,
  "summary_bg_mad": 12.604970733246262,
  "summary_bg_mean": 36.57417678833008,
  "summary_bg_median": 22.467308044433594,
  "summary_bg_n": 226686.0,
  "summary_bg_p05": 10.992307662963867,
  "summary_bg_p95": 104.67884826660156,
  "summary_bg_stdv": 48.25599670410156,
  "summary_fg_k": 3.5896852652069953,
  "summary_fg_mad": 67.91465584835896,
  "summary_fg_mean": 583.7915649414062,
  "summary_fg_median": 583.6307983398438,
  "summary_fg_n": 71623.0,
  "summary_fg_p05": 462.34308471679685,
  "summary_fg_p95": 708.3299804687499,
  "summary_fg_stdv": 80.61595153808594,
  "tsnr": 26.74357346491888
}