{
  "aor": 0.00035453846153846153,
  "aqi": 0.032787252307692305,
  "bids_meta": {
    "EchoTime": 0.03,
    "EffectiveEchoSpacing": 0.000370002,
    "FlipAngle": 90,
    "ImageType": [
      "ORIGINAL",
      "PRIMARY",
      "M",
      "ND",
      "NORM",
      "MOS"
    ],
    "MagneticFieldStrength": 3,
    "Manufacturer": "Siemens",
    "ManufacturersModelName": "TrioTim",
    "PhaseEncodingDirection": "j-",
    "PulseSequenceType": "Gradient Echo EPI",
    "RepetitionTime": 2.5,
    "SliceTiming": [
      0,
      1.2875,
      0.065,
      1.3525,
      0.13,
      1.4175,
      0.195,
      1.48,
      0.2575,
      1.545,
      0.3225,
      1.61,
      0.3875,
      1.675,
      0.4525,
      1.7375,
      0.515,
      1.8025,
      0.58,
      1.8675,
      0.645,
      1.9325,
      0.71,
      1.995,
      0.7725,
      2.06,
      0.8375,
      2.125,
      0.9025,
      2.19,
      0.965,
      2.2525,
      1.03,
      2.3175,
      1.095,
      2.3825,
      1.16,
      2.445,
      1.2225
    ],
    "TaskName": "Experimental Run 2",
    "dataset": "ds000253",
    "modality": "bold",
    "subject_id": "14",
    "task_id": "run2"
  },
  "dummy_trs": 0,
  "dvars_nstd": 62.87705104046334,
  "dvars_std": 1.0495588262548263,
  "dvars_vstd": 1.0028072631274132,
  "efc": 0.6128163249502556,
  "fber": 251.99205017089844,
  "fd_mean": 0.13531986919775682,
  "fd_num": 36,
  "fd_perc": 13.846153846153847,
  "fwhm_avg": 2.03414115710877,
  "fwhm_x": 2.019355,
  "fwhm_y": 2.346715,
  "fwhm_z": 1.7363534713263091,
  "gcor": 0.00183274,
  "gsr_x": -0.001881138770841062,
  "gsr_y": 0.049867238849401474,
  "provenance": {
    "md5sum": "ac84555de1f4c6de64f755fff4fa87fc",
    "settings": {
      "fd_thres": 0.2,
      "testing": false
    },
    "software": "mriqc",
    "version": "22.0.1",
    "webapi_port": null,
    "webapi_url": "https://mriqc.nimh.nih.gov/api/v1"
  },
  "size_t": 260,
  "size_x": 96,
  "size_y": 96,
  "size_z": 39,
  "snr": 5.638585268108629,
  "spacing_tr": 2.5,
  "spacing_x": 2.0,
  "spacing_y": 2.0,
  "spacing_z": 2.999999761581421,
  "summary_bg_k": 17.753076997245525,
  "summary_bg_mad": 12.613524947172538,
  "summary_bg_mean": 26.300344467163086,
  "summary_bg_median": 18.47307777404785,
  "summary_bg_n": 207131.0,
  "summary_bg_p05": 7.684615612030029,
  "summary_bg_p95": 64.9153823852539,
  "summary_bg_stdv": 24.41189956665039,
  "summary_fg_k": 1.1800276781975443,
  "summary_fg_mad": 50.026423026448114,
  "summary_fg_mean": 305.91058349609375,
  "summary_fg_median": 302.4153747558594,
  "summary_fg_n": 88163.0,
  "summary_fg_p05": 225.64999389648438,
  "summary_fg_p95": 395.75615234374993,
  "summary_fg_stdv": 53.632896423339844,
  "tsnr": 22.516576889902353
}