{
  "aor": 0.01488895752895753,
  "aqi": 0.04943716640926641,
  "bids_meta": {
    "EchoTime": 0.03,
    "EffectiveEchoSpacing": 0.000370002,
    "FlipAngle": 90,
    "ImageType": [
      "ORIGINAL",
      "PRIMARY",
      "M",
      "ND",
      "NORM",
      "MOS"
    ],
    "MagneticFieldStrength": 3,
    "Manufacturer": "Siemens",
    "ManufacturersModelName": "TrioTim",
    "PhaseEncodingDirection": "j-",
    "PulseSequenceType": "Gradient Echo EPI",
    "RepetitionTime": 2.5,
    "SliceTiming": [
      0,
      1.285,
      0.0625,
      1.35,
      0.1275,
      1.415,
      0.1925,
      1.4775,
      0.255,
      1.5425,
      0.32,
      1.6075,
      0.385,
      1.6725,
      0.45,
      1.735,
      0.5125,
      1.8,
      0.5775,
      1.865,
      0.6425,
      1.93,
      0.7075,
      1.9925,
      0.77,
      2.0575,
      0.835,
      2.1225,
      0.9,
      2.1875,
      0.965,
      2.25,
      1.0275,
      2.315,
      1.0925,
      2.38,
      1.1575,
      2.445,
      1.2225
    ],
    "TaskName": "Experimental Run 3",
    "dataset": "ds000253",
    "modality": "bold",
    "subject_id": "14",
    "task_id": "run3"
  },
  "dummy_trs": 1,
  "dvars_nstd": 65.53255718457366,
  "dvars_std": 1.154533657596899,
  "dvars_vstd": 1.2018237574031014,
  "efc": 0.6169846506038914,
  "fber": 227.33518981933594,
  "fd_mean": 0.19536933923986297,
  "fd_num": 85,
  "fd_perc": 32.818532818532816,
  "fwhm_avg": 2.034515046041545,
  "fwhm_x": 2.018375,
  "fwhm_y": 2.34716,
  "fwhm_z": 1.738010138124636,
  "gcor": 0.00155808,
  "gsr_x": -0.005587554536759853,
  "gsr_y": 0.06004757806658745,
  "provenance": {
    "md5sum": "7d2e3717005d9287c3cc786ce7859842",
    "settings": {
      "fd_thres": 0.2,
      "testing": false
    },
    "software": "mriqc",
    "version": "22.0.1",
    "webapi_port": null,
    "webapi_url": "https://mriqc.nimh.nih.gov/api/v1"
  },
  "size_t": 259,
  "size_x": 96,
  "size_y": 96,
  "size_z": 39,
  "snr": 5.6953520327436715,
  "spacing_tr": 2.5,
  "spacing_x": 2.0,
  "spacing_y": 2.0,
  "spacing_z": 2.999999761581421,
  "summary_bg_k": 15.494306702696367,
  "summary_bg_mad": 13.578116490454974,
  "summary_bg_mean": 26.96457862854004,
  "summary_bg_median": 19.30501937866211,
  "summary_bg_n": 207140.0,
  "summary_bg_p05": 7.698841571807861,
  "summary_bg_p95": 66.32451858520503,
  "summary_bg_stdv": 24.286136627197266,
  "summary_fg_k": 1.2948512236683225,
  "summary_fg_mad": 48.479346071572564,
  "summary_fg_mean": 302.0179138183594,
  "summary_fg_median": 298.436279296875,
  "summary_fg_n": 88163.0,
  "summary_fg_p05": 224.3559814453125,
  "summary_fg_p95": 389.27372436523433,
  "summary_fg_stdv": 52.39967346191406,
  "tsnr": 18.07169261999661
}