{
  "aor": 0.0006251153846153847,
  "aqi": 0.03688602230769231,
  "bids_meta": {
    "EchoTime": 0.03,
    "EffectiveEchoSpacing": 0.000370002,
    "FlipAngle": 90,
    "ImageType": [
      "ORIGINAL",
      "PRIMARY",
      "M",
      "ND",
      "NORM",
      "MOS"
    ],
    "MagneticFieldStrength": 3,
    "Manufacturer": "Siemens",
    "ManufacturersModelName": "TrioTim",
    "PhaseEncodingDirection": "j-",
    "PulseSequenceType": "Gradient Echo EPI",
    "RepetitionTime": 2.5,
    "SliceTiming": [
      0,
      1.2875,
      0.065,
      1.35,
      0.1275,
      1.415,
      0.1925,
      1.48,
      0.2575,
      1.545,
      0.3225,
      1.6075,
      0.385,
      1.6725,
      0.45,
      1.7375,
      0.515,
      1.8025,
      0.58,
      1.865,
      0.6425,
      1.93,
      0.7075,
      1.995,
      0.7725,
      2.06,
      0.835,
      2.1225,
      0.9,
      2.1875,
      0.965,
      2.2525,
      1.03,
      2.315,
      1.0925,
      2.38,
      1.1575,
      2.445,
      1.2225
    ],
    "TaskName": "Experimental Run 1",
    "dataset": "ds000253",
    "modality": "bold",
    "subject_id": "14",
    "task_id": "run1"
  },
  "dummy_trs": 0,
  "dvars_nstd": 62.01774541231662,
  "dvars_std": 1.0406133833976832,
  "dvars_vstd": 0.9988026044787648,
  "efc": 0.612162457461897,
  "fber": 254.51438903808594,
  "fd_mean": 0.1689817769285736,
  "fd_num": 77,
  "fd_perc": 29.615384615384617,
  "fwhm_avg": 2.06231615643378,
  "fwhm_x": 2.056795,
  "fwhm_y": 2.41928,
  "fwhm_z": 1.7108734693013405,
  "gcor": 0.00187313,
  "gsr_x": -0.002403500722721219,
  "gsr_y": 0.05127819627523422,
  "provenance": {
    "md5sum": "28171be4ee42d2f4148bfd12da28a9c1",
    "settings": {
      "fd_thres": 0.2,
      "testing": false
    },
    "software": "mriqc",
    "version": "22.0.1",
    "webapi_port": null,
    "webapi_url": "https://mriqc.nimh.nih.gov/api/v1"
  },
  "size_t": 260,
  "size_x": 96,
  "size_y": 96,
  "size_z": 39,
  "snr": 5.584721775800979,
  "spacing_tr": 2.5,
  "spacing_x": 2.0,
  "spacing_y": 2.0,
  "spacing_z": 2.999999761581421,
  "summary_bg_k": 17.265380700738497,
  "summary_bg_mad": 13.263585820943916,
  "summary_bg_mean": 26.438400268554688,
  "summary_bg_median": 18.761537551879883,
  "summary_bg_n": 206962.0,
  "summary_bg_p05": 7.288461685180664,
  "summary_bg_p95": 65.31153869628906,
  "summary_bg_stdv": 24.52018165588379,
  "summary_fg_k": 1.1635710044453678,
  "summary_fg_mad": 50.642258560996446,
  "summary_fg_mean": 306.8865661621094,
  "summary_fg_median": 303.1115417480469,
  "summary_fg_n": 88241.0,
  "summary_fg_p05": 225.67308044433594,
  "summary_fg_p95": 398.0769348144531,
  "summary_fg_stdv": 54.27482986450195,
  "tsnr": 21.303956397576258
}