{
  "aor": 0.00035534615384615384,
  "aqi": 0.03332538423076924,
  "bids_meta": {
    "EchoTime": 0.03,
    "EffectiveEchoSpacing": 0.000370002,
    "FlipAngle": 90,
    "ImageType": [
      "ORIGINAL",
      "PRIMARY",
      "M",
      "ND",
      "NORM",
      "MOS"
    ],
    "MagneticFieldStrength": 3,
    "Manufacturer": "Siemens",
    "ManufacturersModelName": "TrioTim",
    "PhaseEncodingDirection": "j-",
    "PulseSequenceType": "Gradient Echo EPI",
    "RepetitionTime": 2.5,
    "SliceTiming": [
      0,
      1.2875,
      0.065,
      1.3525,
      0.13,
      1.415,
      0.1925,
      1.48,
      0.2575,
      1.545,
      0.3225,
      1.61,
      0.3875,
      1.6725,
      0.45,
      1.7375,
      0.515,
      1.8025,
      0.58,
      1.8675,
      0.645,
      1.93,
      0.7075,
      1.995,
      0.7725,
      2.06,
      0.8375,
      2.125,
      0.9025,
      2.1875,
      0.965,
      2.2525,
      1.03,
      2.3175,
      1.095,
      2.3825,
      1.16,
      2.445,
      1.2225
    ],
    "TaskName": "Experimental Run 4",
    "dataset": "ds000253",
    "modality": "bold",
    "subject_id": "14",
    "task_id": "run4"
  },
  "dummy_trs": 0,
  "dvars_nstd": 64.37977177370652,
  "dvars_std": 1.0426545135521244,
  "dvars_vstd": 0.9946382566023165,
  "efc": 0.6135146325074433,
  "fber": 237.13722229003906,
  "fd_mean": 0.10937753002114088,
  "fd_num": 18,
  "fd_perc": 6.923076923076923,
  "fwhm_avg": 2.2054778273567486,
  "fwhm_x": 2.19433,
  "fwhm_y": 2.55056,
  "fwhm_z": 1.871543482070246,
  "gcor": 0.0204905,
  "gsr_x": -0.009110448881983757,
  "gsr_y": 0.05924370884895325,
  "provenance": {
    "md5sum": "05c6ee837eb981a8cdd79af192ae60d2",
    "settings": {
      "fd_thres": 0.2,
      "testing": false
    },
    "software": "mriqc",
    "version": "22.0.1",
    "webapi_port": null,
    "webapi_url": "https://mriqc.nimh.nih.gov/api/v1"
  },
  "size_t": 260,
  "size_x": 96,
  "size_y": 96,
  "size_z": 39,
  "snr": 5.155935941861406,
  "spacing_tr": 2.5,
  "spacing_x": 2.0,
  "spacing_y": 2.0,
  "spacing_z": 2.999999761581421,
  "summary_bg_k": 12.827179498035532,
  "summary_bg_mad": 12.955660984071464,
  "summary_bg_mean": 26.14865493774414,
  "summary_bg_median": 18.511537551879883,
  "summary_bg_n": 207305.0,
  "summary_bg_p05": 7.507692337036133,
  "summary_bg_p95": 66.18000183105464,
  "summary_bg_stdv": 23.008447647094727,
  "summary_fg_k": 1.207564344097908,
  "summary_fg_mad": 51.56888494756245,
  "summary_fg_mean": 297.04693603515625,
  "summary_fg_median": 292.9115295410156,
  "summary_fg_n": 88182.0,
  "summary_fg_p05": 212.00788269042968,
  "summary_fg_p95": 395.81808929443355,
  "summary_fg_stdv": 56.81022262573242,
  "tsnr": 20.987152841174975
}