{
  "aor": 0.000579493670886076,
  "aqi": 0.03966448291139241,
  "bids_meta": {
    "EchoTime": 0.03,
    "EffectiveEchoSpacing": 0.000370002,
    "FlipAngle": 90,
    "ImageType": [
      "ORIGINAL",
      "PRIMARY",
      "M",
      "ND",
      "NORM",
      "MOS"
    ],
    "MagneticFieldStrength": 3,
    "Manufacturer": "Siemens",
    "ManufacturersModelName": "TrioTim",
    "PhaseEncodingDirection": "j-",
    "PulseSequenceType": "Gradient Echo EPI",
    "RepetitionTime": 2.5,
    "SliceTiming": [
      0,
      1.2875,
      0.0625,
      1.35,
      0.1275,
      1.415,
      0.1925,
      1.48,
      0.2575,
      1.5425,
      0.32,
      1.6075,
      0.385,
      1.6725,
      0.45,
      1.7375,
      0.515,
      1.8,
      0.5775,
      1.865,
      0.6425,
      1.93,
      0.7075,
      1.995,
      0.7725,
      2.0575,
      0.835,
      2.1225,
      0.9,
      2.1875,
      0.965,
      2.2525,
      1.03,
      2.315,
      1.0925,
      2.38,
      1.1575,
      2.445,
      1.2225
    ],
    "TaskName": "Localizer",
    "dataset": "ds000253",
    "modality": "bold",
    "subject_id": "14",
    "task_id": "localizer"
  },
  "dummy_trs": 0,
  "dvars_nstd": 63.6873572213968,
  "dvars_std": 1.048344186507937,
  "dvars_vstd": 0.9962078829841269,
  "efc": 0.6111535787646691,
  "fber": 260.39447021484375,
  "fd_mean": 0.32634123756329825,
  "fd_num": 189,
  "fd_perc": 59.81012658227848,
  "fwhm_avg": 2.088488378662537,
  "fwhm_x": 2.100025,
  "fwhm_y": 2.45432,
  "fwhm_z": 1.7111201359876105,
  "gcor": 0.0037423,
  "gsr_x": -0.0033840122632682323,
  "gsr_y": 0.05052509158849716,
  "provenance": {
    "md5sum": "d39bcafdc32845f8180db9dc60b705cf",
    "settings": {
      "fd_thres": 0.2,
      "testing": false
    },
    "software": "mriqc",
    "version": "22.0.1",
    "webapi_port": null,
    "webapi_url": "https://mriqc.nimh.nih.gov/api/v1"
  },
  "size_t": 316,
  "size_x": 96,
  "size_y": 96,
  "size_z": 39,
  "snr": 5.578535536271243,
  "spacing_tr": 2.5,
  "spacing_x": 2.0,
  "spacing_y": 2.0,
  "spacing_z": 2.999999761581421,
  "summary_bg_k": 18.2475460094119,
  "summary_bg_mad": 13.197975707089208,
  "summary_bg_mean": 26.375917434692383,
  "summary_bg_median": 18.68987464904785,
  "summary_bg_n": 206777.0,
  "summary_bg_p05": 7.306962013244629,
  "summary_bg_p95": 64.24050903320312,
  "summary_bg_stdv": 24.72991371154785,
  "summary_fg_k": 1.1850229554152731,
  "summary_fg_mad": 50.72754619472091,
  "summary_fg_mean": 308.47271728515625,
  "summary_fg_median": 304.6012878417969,
  "summary_fg_n": 88440.0,
  "summary_fg_p05": 227.60095596313477,
  "summary_fg_p95": 401.3261169433594,
  "summary_fg_stdv": 54.60206604003906,
  "tsnr": 20.690606274351012
}