{
  "aor": 0.0004504113924050633,
  "aqi": 0.028207315822784806,
  "bids_meta": {
    "EchoTime": 0.03,
    "EffectiveEchoSpacing": 0.000370002,
    "FlipAngle": 90,
    "ImageType": [
      "ORIGINAL",
      "PRIMARY",
      "M",
      "ND",
      "NORM",
      "MOS"
    ],
    "MagneticFieldStrength": 3,
    "Manufacturer": "Siemens",
    "ManufacturersModelName": "TrioTim",
    "PhaseEncodingDirection": "j-",
    "PulseSequenceType": "Gradient Echo EPI",
    "RepetitionTime": 2.5,
    "SliceTiming": [
      0,
      1.285,
      0.0625,
      1.35,
      0.1275,
      1.415,
      0.1925,
      1.48,
      0.255,
      1.5425,
      0.32,
      1.6075,
      0.385,
      1.6725,
      0.45,
      1.735,
      0.5125,
      1.8,
      0.5775,
      1.865,
      0.6425,
      1.93,
      0.7075,
      1.9925,
      0.77,
      2.0575,
      0.835,
      2.1225,
      0.9,
      2.1875,
      0.965,
      2.25,
      1.0275,
      2.315,
      1.0925,
      2.38,
      1.1575,
      2.445,
      1.2225
    ],
    "TaskName": "Localizer",
    "dataset": "ds000253",
    "modality": "bold",
    "subject_id": "06",
    "task_id": "localizer"
  },
  "dummy_trs": 0,
  "dvars_nstd": 45.43490514603176,
  "dvars_std": 1.0644170026031754,
  "dvars_vstd": 0.982199506380953,
  "efc": 0.5901728365274481,
  "fber": 595.3421630859375,
  "fd_mean": 0.11300054026356966,
  "fd_num": 21,
  "fd_perc": 6.6455696202531644,
  "fwhm_avg": 1.933957222222222,
  "fwhm_x": 1.952245,
  "fwhm_y": 2.19974,
  "fwhm_z": 1.6498866666666665,
  "gcor": 0.0164668,
  "gsr_x": -0.00474825594574213,
  "gsr_y": 0.0325000025331974,
  "provenance": {
    "md5sum": "37f0876ad148d5f31b7d1e6f0608c2c0",
    "settings": {
      "fd_thres": 0.2,
      "testing": false
    },
    "software": "mriqc",
    "version": "22.0.1",
    "webapi_port": null,
    "webapi_url": "https://mriqc.nimh.nih.gov/api/v1"
  },
  "size_t": 316,
  "size_x": 96,
  "size_y": 96,
  "size_z": 39,
  "snr": 6.450879050651415,
  "spacing_tr": 2.5,
  "spacing_x": 2.0,
  "spacing_y": 2.0,
  "spacing_z": 3.0,
  "summary_bg_k": 59.742726137012795,
  "summary_bg_mad": 10.256229611111202,
  "summary_bg_mean": 29.227890014648438,
  "summary_bg_median": 19.177215576171875,
  "summary_bg_n": 203359.0,
  "summary_bg_p05": 9.591772079467773,
  "summary_bg_p95": 75.78512954711907,
  "summary_bg_stdv": 37.22320556640625,
  "summary_fg_k": 1.8111264334479795,
  "summary_fg_mad": 68.62197764040909,
  "summary_fg_mean": 475.2899169921875,
  "summary_fg_median": 470.8481140136719,
  "summary_fg_n": 92293.0,
  "summary_fg_p05": 370.50823364257815,
  "summary_fg_p95": 594.7082641601561,
  "summary_fg_stdv": 72.98936462402344,
  "tsnr": 30.503346170298755
}