{
  "aor": 0.0003584615384615384,
  "aqi": 0.025050265769230765,
  "bids_meta": {
    "EchoTime": 0.03,
    "EffectiveEchoSpacing": 0.000370002,
    "FlipAngle": 90,
    "ImageType": [
      "ORIGINAL",
      "PRIMARY",
      "M",
      "ND",
      "NORM",
      "MOS"
    ],
    "MagneticFieldStrength": 3,
    "Manufacturer": "Siemens",
    "ManufacturersModelName": "TrioTim",
    "PhaseEncodingDirection": "j-",
    "PulseSequenceType": "Gradient Echo EPI",
    "RepetitionTime": 2.5,
    "SliceTiming": [
      0,
      1.2875,
      0.065,
      1.3525,
      0.13,
      1.415,
      0.1925,
      1.48,
      0.2575,
      1.545,
      0.3225,
      1.61,
      0.3875,
      1.6725,
      0.45,
      1.7375,
      0.515,
      1.8025,
      0.58,
      1.8675,
      0.6425,
      1.93,
      0.7075,
      1.995,
      0.7725,
      2.06,
      0.8375,
      2.1225,
      0.9,
      2.1875,
      0.965,
      2.2525,
      1.03,
      2.3175,
      1.095,
      2.38,
      1.1575,
      2.445,
      1.2225
    ],
    "TaskName": "Experimental Run 4",
    "dataset": "ds000253",
    "modality": "bold",
    "subject_id": "01",
    "task_id": "run4"
  },
  "dummy_trs": 0,
  "dvars_nstd": 50.9700894595367,
  "dvars_std": 1.0648888335135134,
  "dvars_vstd": 0.9971898048648649,
  "efc": 0.6100338545662501,
  "fber": 438.9000244140625,
  "fd_mean": 0.06781490879891564,
  "fd_num": 6,
  "fd_perc": 2.3076923076923075,
  "fwhm_avg": 1.9628338888888888,
  "fwhm_x": 1.94238,
  "fwhm_y": 2.280335,
  "fwhm_z": 1.6657866666666665,
  "gcor": 0.0061079,
  "gsr_x": -0.007991334423422813,
  "gsr_y": 0.034225668758153915,
  "provenance": {
    "md5sum": "c26d08352bbd57883f415c05565b0ad4",
    "settings": {
      "fd_thres": 0.2,
      "testing": false
    },
    "software": "mriqc",
    "version": "22.0.1",
    "webapi_port": null,
    "webapi_url": "https://mriqc.nimh.nih.gov/api/v1"
  },
  "size_t": 260,
  "size_x": 96,
  "size_y": 96,
  "size_z": 39,
  "snr": 5.702197211809271,
  "spacing_tr": 2.5,
  "spacing_x": 2.0,
  "spacing_y": 2.0,
  "spacing_z": 3.0,
  "summary_bg_k": 40.07954320850777,
  "summary_bg_mad": 11.70115228467113,
  "summary_bg_mean": 31.300125122070312,
  "summary_bg_median": 21.89230728149414,
  "summary_bg_n": 194880.0,
  "summary_bg_p05": 10.780769348144531,
  "summary_bg_p95": 75.38480529785151,
  "summary_bg_stdv": 34.780338287353516,
  "summary_fg_k": 2.349014592383914,
  "summary_fg_mad": 67.48690556229477,
  "summary_fg_mean": 473.2325744628906,
  "summary_fg_median": 465.50384521484375,
  "summary_fg_n": 98901.0,
  "summary_fg_p05": 362.05767822265625,
  "summary_fg_p95": 617.0346069335938,
  "summary_fg_stdv": 81.63545989990234,
  "tsnr": 29.55658396333456
}