{
  "aor": 0.00042834615384615383,
  "aqi": 0.023804623076923076,
  "bids_meta": {
    "EchoTime": 0.03,
    "EffectiveEchoSpacing": 0.000370002,
    "FlipAngle": 90,
    "ImageType": [
      "ORIGINAL",
      "PRIMARY",
      "M",
      "ND",
      "NORM",
      "MOS"
    ],
    "MagneticFieldStrength": 3,
    "Manufacturer": "Siemens",
    "ManufacturersModelName": "TrioTim",
    "PhaseEncodingDirection": "j-",
    "PulseSequenceType": "Gradient Echo EPI",
    "RepetitionTime": 2.5,
    "SliceTiming": [
      0,
      1.2875,
      0.0625,
      1.35,
      0.1275,
      1.415,
      0.1925,
      1.48,
      0.2575,
      1.5425,
      0.32,
      1.6075,
      0.385,
      1.6725,
      0.45,
      1.7375,
      0.515,
      1.8,
      0.5775,
      1.865,
      0.6425,
      1.93,
      0.7075,
      1.995,
      0.7725,
      2.0575,
      0.835,
      2.1225,
      0.9,
      2.1875,
      0.965,
      2.2525,
      1.03,
      2.315,
      1.0925,
      2.38,
      1.1575,
      2.445,
      1.2225
    ],
    "TaskName": "Experimental Run 3",
    "dataset": "ds000253",
    "modality": "bold",
    "subject_id": "01",
    "task_id": "run3"
  },
  "dummy_trs": 0,
  "dvars_nstd": 50.7824698490348,
  "dvars_std": 1.0699731137837831,
  "dvars_vstd": 1.0033113726640923,
  "efc": 0.609610145887085,
  "fber": 441.40362548828125,
  "fd_mean": 0.06805983418461299,
  "fd_num": 1,
  "fd_perc": 0.38461538461538464,
  "fwhm_avg": 1.9666933333333334,
  "fwhm_x": 1.941155,
  "fwhm_y": 2.289605,
  "fwhm_z": 1.66932,
  "gcor": 0.00659656,
  "gsr_x": -0.007932987064123154,
  "gsr_y": 0.03471113741397858,
  "provenance": {
    "md5sum": "80ad147f100fd186d5e30123201fad26",
    "settings": {
      "fd_thres": 0.2,
      "testing": false
    },
    "software": "mriqc",
    "version": "22.0.1",
    "webapi_port": null,
    "webapi_url": "https://mriqc.nimh.nih.gov/api/v1"
  },
  "size_t": 260,
  "size_x": 96,
  "size_y": 96,
  "size_z": 39,
  "snr": 5.694412994232306,
  "spacing_tr": 2.5,
  "spacing_x": 2.0,
  "spacing_y": 2.0,
  "spacing_z": 3.0,
  "summary_bg_k": 40.00244231240754,
  "summary_bg_mad": 11.518677469386915,
  "summary_bg_mean": 31.16843605041504,
  "summary_bg_median": 21.846153259277344,
  "summary_bg_n": 194867.0,
  "summary_bg_p05": 10.69615364074707,
  "summary_bg_p95": 74.55807800292949,
  "summary_bg_stdv": 34.645103454589844,
  "summary_fg_k": 2.3192613766266588,
  "summary_fg_mad": 67.84898210811969,
  "summary_fg_mean": 473.9897155761719,
  "summary_fg_median": 466.3538513183594,
  "summary_fg_n": 98852.0,
  "summary_fg_p05": 361.67767944335935,
  "summary_fg_p95": 617.0978607177734,
  "summary_fg_stdv": 81.89632415771484,
  "tsnr": 30.183891256339848
}