{
  "aor": 0.001127576923076923,
  "aqi": 0.023824803076923078,
  "bids_meta": {
    "EchoTime": 0.03,
    "EffectiveEchoSpacing": 0.000370002,
    "FlipAngle": 90,
    "ImageType": [
      "ORIGINAL",
      "PRIMARY",
      "M",
      "ND",
      "NORM",
      "MOS"
    ],
    "MagneticFieldStrength": 3,
    "Manufacturer": "Siemens",
    "ManufacturersModelName": "TrioTim",
    "PhaseEncodingDirection": "j-",
    "PulseSequenceType": "Gradient Echo EPI",
    "RepetitionTime": 2.5,
    "SliceTiming": [
      0,
      1.285,
      0.0625,
      1.35,
      0.1275,
      1.415,
      0.1925,
      1.48,
      0.2575,
      1.5425,
      0.32,
      1.6075,
      0.385,
      1.6725,
      0.45,
      1.7375,
      0.5125,
      1.8,
      0.5775,
      1.865,
      0.6425,
      1.93,
      0.7075,
      1.9925,
      0.77,
      2.0575,
      0.835,
      2.1225,
      0.9,
      2.1875,
      0.965,
      2.25,
      1.0275,
      2.315,
      1.0925,
      2.38,
      1.1575,
      2.445,
      1.2225
    ],
    "TaskName": "Experimental Run 1",
    "dataset": "ds000253",
    "modality": "bold",
    "subject_id": "01",
    "task_id": "run1"
  },
  "dummy_trs": 0,
  "dvars_nstd": 50.376157605945956,
  "dvars_std": 1.0745086065250962,
  "dvars_vstd": 1.0173231530888034,
  "efc": 0.608610690012474,
  "fber": 462.6086120605469,
  "fd_mean": 0.09273572364901018,
  "fd_num": 15,
  "fd_perc": 5.769230769230769,
  "fwhm_avg": 1.9731616666666667,
  "fwhm_x": 1.957205,
  "fwhm_y": 2.30689,
  "fwhm_z": 1.65539,
  "gcor": 0.0110361,
  "gsr_x": -0.0065327794291079044,
  "gsr_y": 0.0346061997115612,
  "provenance": {
    "md5sum": "39fb34fa468551a3e4ad4111d0a2f1a3",
    "settings": {
      "fd_thres": 0.2,
      "testing": false
    },
    "software": "mriqc",
    "version": "22.0.1",
    "webapi_port": null,
    "webapi_url": "https://mriqc.nimh.nih.gov/api/v1"
  },
  "size_t": 260,
  "size_x": 96,
  "size_y": 96,
  "size_z": 39,
  "snr": 5.6683399155284055,
  "spacing_tr": 2.5,
  "spacing_x": 2.0,
  "spacing_y": 2.0,
  "spacing_z": 3.0,
  "summary_bg_k": 40.982344400604084,
  "summary_bg_mad": 11.541486821297443,
  "summary_bg_mean": 31.010303497314453,
  "summary_bg_median": 21.649999618530273,
  "summary_bg_n": 194772.0,
  "summary_bg_p05": 10.5115385055542,
  "summary_bg_p95": 74.50692481994602,
  "summary_bg_stdv": 34.70487594604492,
  "summary_fg_k": 2.4492440803441147,
  "summary_fg_mad": 68.12559003850401,
  "summary_fg_mean": 475.34625244140625,
  "summary_fg_median": 467.7115478515625,
  "summary_fg_n": 98876.0,
  "summary_fg_p05": 361.7701873779297,
  "summary_fg_p95": 618.5182647705078,
  "summary_fg_stdv": 82.5125503540039,
  "tsnr": 29.990812784642912
}