{
  "aor": 0.0003349615384615385,
  "aqi": 0.023427119615384615,
  "bids_meta": {
    "EchoTime": 0.03,
    "EffectiveEchoSpacing": 0.000370002,
    "FlipAngle": 90,
    "ImageType": [
      "ORIGINAL",
      "PRIMARY",
      "M",
      "ND",
      "NORM",
      "MOS"
    ],
    "MagneticFieldStrength": 3,
    "Manufacturer": "Siemens",
    "ManufacturersModelName": "TrioTim",
    "PhaseEncodingDirection": "j-",
    "PulseSequenceType": "Gradient Echo EPI",
    "RepetitionTime": 2.5,
    "SliceTiming": [
      0,
      1.285,
      0.0625,
      1.35,
      0.1275,
      1.415,
      0.1925,
      1.48,
      0.2575,
      1.5425,
      0.32,
      1.6075,
      0.385,
      1.6725,
      0.45,
      1.7375,
      0.515,
      1.8,
      0.5775,
      1.865,
      0.6425,
      1.93,
      0.7075,
      1.995,
      0.77,
      2.0575,
      0.835,
      2.1225,
      0.9,
      2.1875,
      0.965,
      2.25,
      1.0275,
      2.315,
      1.0925,
      2.38,
      1.1575,
      2.445,
      1.2225
    ],
    "TaskName": "Localizer",
    "dataset": "ds000253",
    "modality": "bold",
    "subject_id": "01",
    "task_id": "localizer"
  },
  "dummy_trs": 0,
  "dvars_nstd": 49.29635474301157,
  "dvars_std": 1.0639338381081078,
  "dvars_vstd": 0.998458989150579,
  "efc": 0.6076710817950255,
  "fber": 467.48785400390625,
  "fd_mean": 0.07889567205208138,
  "fd_num": 12,
  "fd_perc": 4.615384615384615,
  "fwhm_avg": 1.9905494444444445,
  "fwhm_x": 1.96932,
  "fwhm_y": 2.315095,
  "fwhm_z": 1.6872333333333334,
  "gcor": 0.00376397,
  "gsr_x": -0.006420927122235298,
  "gsr_y": 0.033747803419828415,
  "provenance": {
    "md5sum": "1b664571f39ec1d08393a61ea3342c92",
    "settings": {
      "fd_thres": 0.2,
      "testing": false
    },
    "software": "mriqc",
    "version": "22.0.1",
    "webapi_port": null,
    "webapi_url": "https://mriqc.nimh.nih.gov/api/v1"
  },
  "size_t": 260,
  "size_x": 96,
  "size_y": 96,
  "size_z": 39,
  "snr": 5.704778636810502,
  "spacing_tr": 2.5,
  "spacing_x": 2.0,
  "spacing_y": 2.0,
  "spacing_z": 3.0,
  "summary_bg_k": 42.45353035544835,
  "summary_bg_mad": 11.091004948903857,
  "summary_bg_mean": 30.651615142822266,
  "summary_bg_median": 21.342308044433594,
  "summary_bg_n": 194719.0,
  "summary_bg_p05": 10.561538696289062,
  "summary_bg_p95": 72.88576736450202,
  "summary_bg_stdv": 34.95988845825195,
  "summary_fg_k": 2.3211032429776868,
  "summary_fg_mad": 68.04573185626334,
  "summary_fg_mean": 477.6874694824219,
  "summary_fg_median": 469.984619140625,
  "summary_fg_n": 98664.0,
  "summary_fg_p05": 364.0357604980469,
  "summary_fg_p95": 622.0140350341794,
  "summary_fg_stdv": 82.38395690917969,
  "tsnr": 30.578351311851293
}