{
  "aor": 0.0005897151898734178,
  "aqi": 0.044686170253164556,
  "bids_meta": {
    "EchoTime": 0.03,
    "EffectiveEchoSpacing": 0.000370002,
    "FlipAngle": 90,
    "ImageType": [
      "ORIGINAL",
      "PRIMARY",
      "M",
      "ND",
      "NORM",
      "MOS"
    ],
    "MagneticFieldStrength": 3,
    "Manufacturer": "Siemens",
    "ManufacturersModelName": "TrioTim",
    "PhaseEncodingDirection": "j-",
    "PulseSequenceType": "Gradient Echo EPI",
    "RepetitionTime": 2.5,
    "SliceTiming": [
      0,
      1.2875,
      0.065,
      1.3525,
      0.13,
      1.4175,
      0.195,
      1.48,
      0.2575,
      1.545,
      0.3225,
      1.61,
      0.3875,
      1.675,
      0.4525,
      1.7375,
      0.515,
      1.8025,
      0.58,
      1.8675,
      0.645,
      1.9325,
      0.71,
      1.995,
      0.7725,
      2.06,
      0.8375,
      2.125,
      0.9025,
      2.19,
      0.9675,
      2.2525,
      1.03,
      2.3175,
      1.095,
      2.3825,
      1.16,
      2.4475,
      1.2225
    ],
    "TaskName": "Localizer",
    "dataset": "ds000253",
    "modality": "bold",
    "subject_id": "08",
    "task_id": "localizer"
  },
  "dummy_trs": 0,
  "dvars_nstd": 44.804999990349245,
  "dvars_std": 1.0526745834285713,
  "dvars_vstd": 0.9761657630793651,
  "efc": 0.546050023949081,
  "fber": 699.7395629882812,
  "fd_mean": 0.09976316926245908,
  "fd_num": 32,
  "fd_perc": 10.126582278481013,
  "fwhm_avg": 1.926046067027961,
  "fwhm_x": 1.889135,
  "fwhm_y": 2.22492,
  "fwhm_z": 1.6640832010838826,
  "gcor": 0.00818364,
  "gsr_x": 0.009626125916838646,
  "gsr_y": 0.018232138827443123,
  "provenance": {
    "md5sum": "1a5ae8c3d29e05c901be4077e22f6aeb",
    "settings": {
      "fd_thres": 0.2,
      "testing": false
    },
    "software": "mriqc",
    "version": "22.0.1",
    "webapi_port": null,
    "webapi_url": "https://mriqc.nimh.nih.gov/api/v1"
  },
  "size_t": 316,
  "size_x": 96,
  "size_y": 96,
  "size_z": 39,
  "snr": 7.346521911590979,
  "spacing_tr": 2.5,
  "spacing_x": 2.0,
  "spacing_y": 2.0,
  "spacing_z": 3.000000238418579,
  "summary_bg_k": 31.91697779423842,
  "summary_bg_mad": 12.297154768187417,
  "summary_bg_mean": 36.43791198730469,
  "summary_bg_median": 21.895570755004883,
  "summary_bg_n": 227019.0,
  "summary_bg_p05": 10.832279205322266,
  "summary_bg_p95": 106.493040466308,
  "summary_bg_stdv": 49.769447326660156,
  "summary_fg_k": 3.4218186701904383,
  "summary_fg_mad": 67.78679226591582,
  "summary_fg_mean": 587.8548583984375,
  "summary_fg_median": 587.6076049804688,
  "summary_fg_n": 71372.0,
  "summary_fg_p05": 467.28197784423827,
  "summary_fg_p95": 712.7498474121093,
  "summary_fg_stdv": 79.98390197753906,
  "tsnr": 27.045168698066846
}