{
  "aor": 0.0004996153846153846,
  "aqi": 0.03742998153846153,
  "bids_meta": {
    "EchoTime": 0.03,
    "EffectiveEchoSpacing": 0.000370002,
    "FlipAngle": 90,
    "ImageType": [
      "ORIGINAL",
      "PRIMARY",
      "M",
      "ND",
      "NORM",
      "MOS"
    ],
    "MagneticFieldStrength": 3,
    "Manufacturer": "Siemens",
    "ManufacturersModelName": "TrioTim",
    "PhaseEncodingDirection": "j-",
    "PulseSequenceType": "Gradient Echo EPI",
    "RepetitionTime": 2.5,
    "SliceTiming": [
      0,
      1.2875,
      0.065,
      1.3525,
      0.13,
      1.415,
      0.1925,
      1.48,
      0.2575,
      1.545,
      0.3225,
      1.61,
      0.385,
      1.6725,
      0.45,
      1.7375,
      0.515,
      1.8025,
      0.58,
      1.865,
      0.6425,
      1.93,
      0.7075,
      1.995,
      0.7725,
      2.06,
      0.8375,
      2.1225,
      0.9,
      2.1875,
      0.965,
      2.2525,
      1.03,
      2.3175,
      1.095,
      2.38,
      1.1575,
      2.445,
      1.2225
    ],
    "TaskName": "Experimental Run 2",
    "dataset": "ds000253",
    "modality": "bold",
    "subject_id": "08",
    "task_id": "run2"
  },
  "dummy_trs": 0,
  "dvars_nstd": 47.23472224073362,
  "dvars_std": 1.0660563649034758,
  "dvars_vstd": 0.9815020976833976,
  "efc": 0.547928731042215,
  "fber": 647.513671875,
  "fd_mean": 0.07925087798838881,
  "fd_num": 17,
  "fd_perc": 6.538461538461538,
  "fwhm_avg": 1.897076622604003,
  "fwhm_x": 1.85508,
  "fwhm_y": 2.17284,
  "fwhm_z": 1.6633098678120084,
  "gcor": 0.0152847,
  "gsr_x": 0.008658260107040405,
  "gsr_y": 0.019494494423270226,
  "provenance": {
    "md5sum": "55e28502e2519fe43759820c636bb2ac",
    "settings": {
      "fd_thres": 0.2,
      "testing": false
    },
    "software": "mriqc",
    "version": "22.0.1",
    "webapi_port": null,
    "webapi_url": "https://mriqc.nimh.nih.gov/api/v1"
  },
  "size_t": 260,
  "size_x": 96,
  "size_y": 96,
  "size_z": 39,
  "snr": 7.271295355657649,
  "spacing_tr": 2.5,
  "spacing_x": 2.0,
  "spacing_y": 2.0,
  "spacing_z": 3.000000238418579,
  "summary_bg_k": 32.21076303841735,
  "summary_bg_mad": 12.374026752112007,
  "summary_bg_mean": 36.55904769897461,
  "summary_bg_median": 22.569231033325195,
  "summary_bg_n": 226843.0,
  "summary_bg_p05": 11.14230728149414,
  "summary_bg_p95": 104.70769500732422,
  "summary_bg_stdv": 48.36074447631836,
  "summary_fg_k": 3.590052287305146,
  "summary_fg_mad": 67.93166812967483,
  "summary_fg_mean": 584.97607421875,
  "summary_fg_median": 584.9577026367188,
  "summary_fg_n": 71463.0,
  "summary_fg_p05": 463.7826843261719,
  "summary_fg_p95": 709.0949768066406,
  "summary_fg_stdv": 80.44696044921875,
  "tsnr": 28.872708504088223
}