{
  "aor": 0.0010401171875,
  "aqi": 0.0334198953125,
  "bids_meta": {
    "EchoTime": 0.03,
    "EffectiveEchoSpacing": 0.000370002,
    "FlipAngle": 90,
    "ImageType": [
      "ORIGINAL",
      "PRIMARY",
      "M",
      "ND",
      "NORM",
      "MOS"
    ],
    "MagneticFieldStrength": 3,
    "Manufacturer": "Siemens",
    "ManufacturersModelName": "TrioTim",
    "PhaseEncodingDirection": "j-",
    "PulseSequenceType": "Gradient Echo EPI",
    "RepetitionTime": 2.5,
    "SliceTiming": [
      0,
      1.2875,
      0.065,
      1.3525,
      0.13,
      1.415,
      0.1925,
      1.48,
      0.2575,
      1.545,
      0.3225,
      1.61,
      0.3875,
      1.6725,
      0.45,
      1.7375,
      0.515,
      1.8025,
      0.58,
      1.8675,
      0.645,
      1.93,
      0.7075,
      1.995,
      0.7725,
      2.06,
      0.8375,
      2.125,
      0.9025,
      2.1875,
      0.965,
      2.2525,
      1.03,
      2.3175,
      1.095,
      2.3825,
      1.16,
      2.445,
      1.2225
    ],
    "TaskName": "Experimental Run 1",
    "dataset": "ds000253",
    "modality": "bold",
    "subject_id": "08",
    "task_id": "run1"
  },
  "dummy_trs": 4,
  "dvars_nstd": 47.234953053843114,
  "dvars_std": 1.0983074176078433,
  "dvars_vstd": 1.0022908353725493,
  "efc": 0.5473014129932571,
  "fber": 672.9659423828125,
  "fd_mean": 0.07682999349346518,
  "fd_num": 14,
  "fd_perc": 5.46875,
  "fwhm_avg": 1.8873855122813508,
  "fwhm_x": 1.86109,
  "fwhm_y": 2.16752,
  "fwhm_z": 1.633546536844052,
  "gcor": 0.0163385,
  "gsr_x": 0.008827576413750648,
  "gsr_y": 0.018280819058418274,
  "provenance": {
    "md5sum": "5bbc996f743b5e008ce0deff5d3360e8",
    "settings": {
      "fd_thres": 0.2,
      "testing": false
    },
    "software": "mriqc",
    "version": "22.0.1",
    "webapi_port": null,
    "webapi_url": "https://mriqc.nimh.nih.gov/api/v1"
  },
  "size_t": 256,
  "size_x": 96,
  "size_y": 96,
  "size_z": 39,
  "snr": 7.230164652154107,
  "spacing_tr": 2.5,
  "spacing_x": 2.0,
  "spacing_y": 2.0,
  "spacing_z": 3.000000238418579,
  "summary_bg_k": 32.568595670139985,
  "summary_bg_mad": 12.144597078930653,
  "summary_bg_mean": 36.63842010498047,
  "summary_bg_median": 22.265625,
  "summary_bg_n": 226845.0,
  "summary_bg_p05": 11.08203125,
  "summary_bg_p95": 106.29687499999977,
  "summary_bg_stdv": 49.34959411621094,
  "summary_fg_k": 3.771830994358047,
  "summary_fg_mad": 67.91302701291383,
  "summary_fg_mean": 586.7918701171875,
  "summary_fg_median": 586.775390625,
  "summary_fg_n": 71458.0,
  "summary_fg_p05": 464.7275390625,
  "summary_fg_p95": 711.7466796875,
  "summary_fg_stdv": 81.156005859375,
  "tsnr": 29.80765989725478
}