{
  "aor": 0.0008290769230769232,
  "aqi": 0.03253249884615385,
  "bids_meta": {
    "EchoTime": 0.03,
    "EffectiveEchoSpacing": 0.000370002,
    "FlipAngle": 90,
    "ImageType": [
      "ORIGINAL",
      "PRIMARY",
      "M",
      "ND",
      "NORM",
      "MOS"
    ],
    "MagneticFieldStrength": 3,
    "Manufacturer": "Siemens",
    "ManufacturersModelName": "TrioTim",
    "PhaseEncodingDirection": "j-",
    "PulseSequenceType": "Gradient Echo EPI",
    "RepetitionTime": 2.5,
    "SliceTiming": [
      0,
      1.2875,
      0.065,
      1.3525,
      0.13,
      1.4175,
      0.195,
      1.48,
      0.2575,
      1.545,
      0.3225,
      1.61,
      0.3875,
      1.675,
      0.4525,
      1.7375,
      0.515,
      1.8025,
      0.58,
      1.8675,
      0.645,
      1.9325,
      0.71,
      1.995,
      0.7725,
      2.06,
      0.8375,
      2.125,
      0.9025,
      2.19,
      0.9675,
      2.2525,
      1.03,
      2.3175,
      1.095,
      2.3825,
      1.16,
      2.4475,
      1.225
    ],
    "TaskName": "Experimental Run 4",
    "dataset": "ds000253",
    "modality": "bold",
    "subject_id": "08",
    "task_id": "run4"
  },
  "dummy_trs": 0,
  "dvars_nstd": 48.058456788841724,
  "dvars_std": 1.1021366267181465,
  "dvars_vstd": 1.0027618089575288,
  "efc": 0.5480313634074764,
  "fber": 648.2340698242188,
  "fd_mean": 0.0900053540999871,
  "fd_num": 25,
  "fd_perc": 9.615384615384615,
  "fwhm_avg": 1.90051662280189,
  "fwhm_x": 1.875845,
  "fwhm_y": 2.169865,
  "fwhm_z": 1.6558398684056705,
  "gcor": 0.0103217,
  "gsr_x": 0.008943303488194942,
  "gsr_y": 0.01971711963415146,
  "provenance": {
    "md5sum": "e02c0d013ce779d529a985abacde461e",
    "settings": {
      "fd_thres": 0.2,
      "testing": false
    },
    "software": "mriqc",
    "version": "22.0.1",
    "webapi_port": null,
    "webapi_url": "https://mriqc.nimh.nih.gov/api/v1"
  },
  "size_t": 260,
  "size_x": 96,
  "size_y": 96,
  "size_z": 39,
  "snr": 7.200139711645762,
  "spacing_tr": 2.5,
  "spacing_x": 2.0,
  "spacing_y": 2.0,
  "spacing_z": 3.000000238418579,
  "summary_bg_k": 31.773375263128777,
  "summary_bg_mad": 12.642033809221381,
  "summary_bg_mean": 36.55501937866211,
  "summary_bg_median": 22.549999237060547,
  "summary_bg_n": 226772.0,
  "summary_bg_p05": 11.069231033325195,
  "summary_bg_p95": 105.79230499267578,
  "summary_bg_stdv": 48.032867431640625,
  "summary_fg_k": 3.605186446172331,
  "summary_fg_mad": 68.1597050919938,
  "summary_fg_mean": 583.99365234375,
  "summary_fg_median": 584.1307983398438,
  "summary_fg_n": 71531.0,
  "summary_fg_p05": 461.2115478515625,
  "summary_fg_p95": 708.53076171875,
  "summary_fg_stdv": 81.12713623046875,
  "tsnr": 30.305491028819233
}