{
  "aor": 0.00043569230769230767,
  "aqi": 0.025961313461538463,
  "bids_meta": {
    "EchoTime": 0.03,
    "EffectiveEchoSpacing": 0.000370002,
    "FlipAngle": 90,
    "ImageType": [
      "ORIGINAL",
      "PRIMARY",
      "M",
      "ND",
      "NORM",
      "MOS"
    ],
    "MagneticFieldStrength": 3,
    "Manufacturer": "Siemens",
    "ManufacturersModelName": "TrioTim",
    "PhaseEncodingDirection": "j-",
    "PulseSequenceType": "Gradient Echo EPI",
    "RepetitionTime": 2.5,
    "SliceTiming": [
      0,
      1.285,
      0.0625,
      1.35,
      0.1275,
      1.415,
      0.1925,
      1.48,
      0.255,
      1.5425,
      0.32,
      1.6075,
      0.385,
      1.6725,
      0.45,
      1.735,
      0.5125,
      1.8,
      0.5775,
      1.865,
      0.6425,
      1.93,
      0.7075,
      1.9925,
      0.77,
      2.0575,
      0.835,
      2.1225,
      0.9,
      2.1875,
      0.965,
      2.25,
      1.0275,
      2.315,
      1.0925,
      2.38,
      1.1575,
      2.445,
      1.2225
    ],
    "TaskName": "Experimental Run 4",
    "dataset": "ds000253",
    "modality": "bold",
    "subject_id": "10",
    "task_id": "run4"
  },
  "dummy_trs": 0,
  "dvars_nstd": 45.32791908011582,
  "dvars_std": 1.0435767091891897,
  "dvars_vstd": 0.9920554915057912,
  "efc": 0.5892939036475269,
  "fber": 573.0093994140625,
  "fd_mean": 0.11376311455395469,
  "fd_num": 38,
  "fd_perc": 14.615384615384615,
  "fwhm_avg": 2.053928888888889,
  "fwhm_x": 2.016475,
  "fwhm_y": 2.376875,
  "fwhm_z": 1.7684366666666669,
  "gcor": 0.00688408,
  "gsr_x": -0.0026995560619980097,
  "gsr_y": 0.03611210733652115,
  "provenance": {
    "md5sum": "6ba9b7713966f7be3adc35a1735e8842",
    "settings": {
      "fd_thres": 0.2,
      "testing": false
    },
    "software": "mriqc",
    "version": "22.0.1",
    "webapi_port": null,
    "webapi_url": "https://mriqc.nimh.nih.gov/api/v1"
  },
  "size_t": 260,
  "size_x": 96,
  "size_y": 96,
  "size_z": 39,
  "snr": 6.476209411954589,
  "spacing_tr": 2.5,
  "spacing_x": 2.0,
  "spacing_y": 2.0,
  "spacing_z": 3.0,
  "summary_bg_k": 30.569276608709337,
  "summary_bg_mad": 10.663332428420796,
  "summary_bg_mean": 32.82849884033203,
  "summary_bg_median": 20.63846206665039,
  "summary_bg_n": 206022.0,
  "summary_bg_p05": 10.980769157409668,
  "summary_bg_p95": 88.72692108154297,
  "summary_bg_stdv": 40.347755432128906,
  "summary_fg_k": 1.7781549772371177,
  "summary_fg_mad": 71.98031961027536,
  "summary_fg_mean": 509.68682861328125,
  "summary_fg_median": 507.20770263671875,
  "summary_fg_n": 89242.0,
  "summary_fg_p05": 388.52691650390625,
  "summary_fg_p95": 635.2688415527343,
  "summary_fg_stdv": 78.31816864013672,
  "tsnr": 30.736534353578463
}