{
  "aor": 0.0006741923076923076,
  "aqi": 0.02984052115384615,
  "bids_meta": {
    "EchoTime": 0.03,
    "EffectiveEchoSpacing": 0.000370002,
    "FlipAngle": 90,
    "ImageType": [
      "ORIGINAL",
      "PRIMARY",
      "M",
      "ND",
      "NORM",
      "MOS"
    ],
    "MagneticFieldStrength": 3,
    "Manufacturer": "Siemens",
    "ManufacturersModelName": "TrioTim",
    "PhaseEncodingDirection": "j-",
    "PulseSequenceType": "Gradient Echo EPI",
    "RepetitionTime": 2.5,
    "SliceTiming": [
      0,
      1.2875,
      0.065,
      1.3525,
      0.13,
      1.4175,
      0.195,
      1.48,
      0.2575,
      1.545,
      0.3225,
      1.61,
      0.3875,
      1.675,
      0.4525,
      1.7375,
      0.515,
      1.8025,
      0.58,
      1.8675,
      0.645,
      1.9325,
      0.7075,
      1.995,
      0.7725,
      2.06,
      0.8375,
      2.125,
      0.9025,
      2.1875,
      0.965,
      2.2525,
      1.03,
      2.3175,
      1.095,
      2.3825,
      1.16,
      2.445,
      1.2225
    ],
    "TaskName": "Experimental Run 2",
    "dataset": "ds000253",
    "modality": "bold",
    "subject_id": "10",
    "task_id": "run2"
  },
  "dummy_trs": 0,
  "dvars_nstd": 44.73817862119691,
  "dvars_std": 1.03765496003861,
  "dvars_vstd": 0.9917827240154438,
  "efc": 0.587728059732367,
  "fber": 615.6630859375,
  "fd_mean": 0.11159537383004312,
  "fd_num": 27,
  "fd_perc": 10.384615384615385,
  "fwhm_avg": 2.0883283333333336,
  "fwhm_x": 2.061605,
  "fwhm_y": 2.43326,
  "fwhm_z": 1.7701200000000001,
  "gcor": 0.00495462,
  "gsr_x": -0.0003528899105731398,
  "gsr_y": 0.034732967615127563,
  "provenance": {
    "md5sum": "e0fbcece02a84a91b1c4a1f44a60ed06",
    "settings": {
      "fd_thres": 0.2,
      "testing": false
    },
    "software": "mriqc",
    "version": "22.0.1",
    "webapi_port": null,
    "webapi_url": "https://mriqc.nimh.nih.gov/api/v1"
  },
  "size_t": 260,
  "size_x": 96,
  "size_y": 96,
  "size_z": 39,
  "snr": 6.452310527991147,
  "spacing_tr": 2.5,
  "spacing_x": 2.0,
  "spacing_y": 2.0,
  "spacing_z": 3.0,
  "summary_bg_k": 30.08229468181578,
  "summary_bg_mad": 10.686140366411665,
  "summary_bg_mean": 32.897457122802734,
  "summary_bg_median": 20.407691955566406,
  "summary_bg_n": 206056.0,
  "summary_bg_p05": 10.90673041343689,
  "summary_bg_p95": 89.52404022216797,
  "summary_bg_stdv": 41.22323226928711,
  "summary_fg_k": 1.4261951001219488,
  "summary_fg_mad": 72.83281136137319,
  "summary_fg_mean": 512.5225219726562,
  "summary_fg_median": 509.7211608886719,
  "summary_fg_n": 89242.0,
  "summary_fg_p05": 390.04229736328125,
  "summary_fg_p95": 641.0651763916015,
  "summary_fg_stdv": 78.99779510498047,
  "tsnr": 29.100575239863247
}