{
  "aor": 0.0007757911392405065,
  "aqi": 0.035636879113924054,
  "bids_meta": {
    "EchoTime": 0.03,
    "EffectiveEchoSpacing": 0.000370002,
    "FlipAngle": 90,
    "ImageType": [
      "ORIGINAL",
      "PRIMARY",
      "M",
      "ND",
      "NORM",
      "MOS"
    ],
    "MagneticFieldStrength": 3,
    "Manufacturer": "Siemens",
    "ManufacturersModelName": "TrioTim",
    "PhaseEncodingDirection": "j-",
    "PulseSequenceType": "Gradient Echo EPI",
    "RepetitionTime": 2.5,
    "SliceTiming": [
      0,
      1.2875,
      0.065,
      1.35,
      0.1275,
      1.415,
      0.1925,
      1.48,
      0.2575,
      1.545,
      0.3225,
      1.6075,
      0.385,
      1.6725,
      0.45,
      1.7375,
      0.515,
      1.8025,
      0.5775,
      1.865,
      0.6425,
      1.93,
      0.7075,
      1.995,
      0.7725,
      2.0575,
      0.835,
      2.1225,
      0.9,
      2.1875,
      0.965,
      2.2525,
      1.03,
      2.315,
      1.0925,
      2.38,
      1.1575,
      2.445,
      1.2225
    ],
    "TaskName": "Localizer",
    "dataset": "ds000253",
    "modality": "bold",
    "subject_id": "10",
    "task_id": "localizer"
  },
  "dummy_trs": 0,
  "dvars_nstd": 45.62100252431747,
  "dvars_std": 1.0223574053650788,
  "dvars_vstd": 0.9756159491428568,
  "efc": 0.5900731965450449,
  "fber": 556.0714721679688,
  "fd_mean": 0.10325054464628873,
  "fd_num": 28,
  "fd_perc": 8.860759493670885,
  "fwhm_avg": 2.0594966666666665,
  "fwhm_x": 2.020415,
  "fwhm_y": 2.387875,
  "fwhm_z": 1.7702,
  "gcor": 0.0108786,
  "gsr_x": -0.004558642394840717,
  "gsr_y": 0.0347275547683239,
  "provenance": {
    "md5sum": "4530fbd6142e1c18bb73af55564f553e",
    "settings": {
      "fd_thres": 0.2,
      "testing": false
    },
    "software": "mriqc",
    "version": "22.0.1",
    "webapi_port": null,
    "webapi_url": "https://mriqc.nimh.nih.gov/api/v1"
  },
  "size_t": 316,
  "size_x": 96,
  "size_y": 96,
  "size_z": 39,
  "snr": 6.602175912339508,
  "spacing_tr": 2.5,
  "spacing_x": 2.0,
  "spacing_y": 2.0,
  "spacing_z": 3.0,
  "summary_bg_k": 31.754046916429985,
  "summary_bg_mad": 11.269655111515247,
  "summary_bg_mean": 33.591678619384766,
  "summary_bg_median": 21.48417854309082,
  "summary_bg_n": 206148.0,
  "summary_bg_p05": 11.468355178833008,
  "summary_bg_p95": 88.95775413513182,
  "summary_bg_stdv": 41.16818618774414,
  "summary_fg_k": 1.7473886825084533,
  "summary_fg_mad": 71.02414795855177,
  "summary_fg_mean": 511.64202880859375,
  "summary_fg_median": 509.2626647949219,
  "summary_fg_n": 89199.0,
  "summary_fg_p05": 392.20476684570315,
  "summary_fg_p95": 635.8136108398437,
  "summary_fg_stdv": 77.13514709472656,
  "tsnr": 27.199464780278504
}