{
  "aor": 0.001537953667953668,
  "aqi": 0.02812848416988417,
  "bids_meta": {
    "EchoTime": 0.03,
    "EffectiveEchoSpacing": 0.000370002,
    "FlipAngle": 90,
    "ImageType": [
      "ORIGINAL",
      "PRIMARY",
      "M",
      "ND",
      "NORM",
      "MOS"
    ],
    "MagneticFieldStrength": 3,
    "Manufacturer": "Siemens",
    "ManufacturersModelName": "TrioTim",
    "PhaseEncodingDirection": "j-",
    "PulseSequenceType": "Gradient Echo EPI",
    "RepetitionTime": 2.5,
    "SliceTiming": [
      0,
      1.285,
      0.0625,
      1.35,
      0.1275,
      1.415,
      0.1925,
      1.48,
      0.2575,
      1.5425,
      0.32,
      1.6075,
      0.385,
      1.6725,
      0.45,
      1.7375,
      0.515,
      1.8,
      0.5775,
      1.865,
      0.6425,
      1.93,
      0.7075,
      1.995,
      0.7725,
      2.0575,
      0.835,
      2.1225,
      0.9,
      2.1875,
      0.965,
      2.2525,
      1.03,
      2.315,
      1.0925,
      2.38,
      1.1575,
      2.445,
      1.2225
    ],
    "TaskName": "Experimental Run 1",
    "dataset": "ds000253",
    "modality": "bold",
    "subject_id": "10",
    "task_id": "run1"
  },
  "dummy_trs": 1,
  "dvars_nstd": 45.82040921271318,
  "dvars_std": 1.0537358388759692,
  "dvars_vstd": 1.0073960002713178,
  "efc": 0.5898699691815745,
  "fber": 558.0562133789062,
  "fd_mean": 0.11656161048288805,
  "fd_num": 35,
  "fd_perc": 13.513513513513514,
  "fwhm_avg": 2.0451061111111115,
  "fwhm_x": 2.00301,
  "fwhm_y": 2.364045,
  "fwhm_z": 1.7682633333333333,
  "gcor": 0.00706839,
  "gsr_x": -0.0037773088552057743,
  "gsr_y": 0.03452346473932266,
  "provenance": {
    "md5sum": "358e4937199c2f6a487a45ec6c01afc3",
    "settings": {
      "fd_thres": 0.2,
      "testing": false
    },
    "software": "mriqc",
    "version": "22.0.1",
    "webapi_port": null,
    "webapi_url": "https://mriqc.nimh.nih.gov/api/v1"
  },
  "size_t": 259,
  "size_x": 96,
  "size_y": 96,
  "size_z": 39,
  "snr": 6.594456353421419,
  "spacing_tr": 2.5,
  "spacing_x": 2.0,
  "spacing_y": 2.0,
  "spacing_z": 3.0,
  "summary_bg_k": 30.041981138565006,
  "summary_bg_mad": 10.967822854445823,
  "summary_bg_mean": 33.31623840332031,
  "summary_bg_median": 21.08108139038086,
  "summary_bg_n": 206182.0,
  "summary_bg_p05": 11.30115795135498,
  "summary_bg_p95": 89.15424842834466,
  "summary_bg_stdv": 40.91910934448242,
  "summary_fg_k": 1.6307579459148567,
  "summary_fg_mad": 71.85756876131279,
  "summary_fg_mean": 513.035400390625,
  "summary_fg_median": 510.5289611816406,
  "summary_fg_n": 89071.0,
  "summary_fg_p05": 393.0791473388672,
  "summary_fg_p95": 637.3011474609375,
  "summary_fg_stdv": 77.41746520996094,
  "tsnr": 28.975976502988487
}