{
  "aor": 0.0003165384615384616,
  "aqi": 0.020450191538461535,
  "bids_meta": {
    "EchoTime": 0.03,
    "EffectiveEchoSpacing": 0.000370002,
    "FlipAngle": 90,
    "ImageType": [
      "ORIGINAL",
      "PRIMARY",
      "M",
      "ND",
      "NORM",
      "MOS"
    ],
    "MagneticFieldStrength": 3,
    "Manufacturer": "Siemens",
    "ManufacturersModelName": "TrioTim",
    "PhaseEncodingDirection": "j-",
    "PulseSequenceType": "Gradient Echo EPI",
    "RepetitionTime": 2.5,
    "SliceTiming": [
      0,
      1.285,
      0.0625,
      1.35,
      0.1275,
      1.415,
      0.1925,
      1.48,
      0.2575,
      1.5425,
      0.32,
      1.6075,
      0.385,
      1.6725,
      0.45,
      1.7375,
      0.515,
      1.8,
      0.5775,
      1.865,
      0.6425,
      1.93,
      0.7075,
      1.995,
      0.77,
      2.0575,
      0.835,
      2.1225,
      0.9,
      2.1875,
      0.965,
      2.25,
      1.0275,
      2.315,
      1.0925,
      2.38,
      1.1575,
      2.445,
      1.2225
    ],
    "TaskName": "Experimental Run 3",
    "dataset": "ds000253",
    "modality": "bold",
    "subject_id": "10",
    "task_id": "run3"
  },
  "dummy_trs": 0,
  "dvars_nstd": 44.82189620308881,
  "dvars_std": 1.0558121324710432,
  "dvars_vstd": 1.0008738886486486,
  "efc": 0.588492327047874,
  "fber": 583.8427734375,
  "fd_mean": 0.10260337733325982,
  "fd_num": 27,
  "fd_perc": 10.384615384615385,
  "fwhm_avg": 2.052486666666667,
  "fwhm_x": 2.016455,
  "fwhm_y": 2.361995,
  "fwhm_z": 1.7790100000000002,
  "gcor": 0.00930841,
  "gsr_x": -0.00248948042280972,
  "gsr_y": 0.034711889922618866,
  "provenance": {
    "md5sum": "b566b4fc449b674f47ae8a54e07e5715",
    "settings": {
      "fd_thres": 0.2,
      "testing": false
    },
    "software": "mriqc",
    "version": "22.0.1",
    "webapi_port": null,
    "webapi_url": "https://mriqc.nimh.nih.gov/api/v1"
  },
  "size_t": 260,
  "size_x": 96,
  "size_y": 96,
  "size_z": 39,
  "snr": 6.451462782391147,
  "spacing_tr": 2.5,
  "spacing_x": 2.0,
  "spacing_y": 2.0,
  "spacing_z": 3.0,
  "summary_bg_k": 30.251922202121342,
  "summary_bg_mad": 10.229956156040448,
  "summary_bg_mean": 32.50457000732422,
  "summary_bg_median": 20.380769729614258,
  "summary_bg_n": 205967.0,
  "summary_bg_p05": 11.097308063507084,
  "summary_bg_p95": 88.25653686523431,
  "summary_bg_stdv": 40.24723434448242,
  "summary_fg_k": 1.8130146562607736,
  "summary_fg_mad": 72.51064128395407,
  "summary_fg_mean": 510.1270751953125,
  "summary_fg_median": 507.8115539550781,
  "summary_fg_n": 89180.0,
  "summary_fg_p05": 388.591162109375,
  "summary_fg_p95": 636.1307983398438,
  "summary_fg_stdv": 78.7121810913086,
  "tsnr": 33.12079945963342
}