{
  "aor": 0.002503961538461539,
  "aqi": 0.03765683769230769,
  "bids_meta": {
    "EchoTime": 0.03,
    "EffectiveEchoSpacing": 0.000370002,
    "FlipAngle": 90,
    "ImageType": [
      "ORIGINAL",
      "PRIMARY",
      "M",
      "ND",
      "NORM",
      "MOS"
    ],
    "MagneticFieldStrength": 3,
    "Manufacturer": "Siemens",
    "ManufacturersModelName": "TrioTim",
    "PhaseEncodingDirection": "j-",
    "PulseSequenceType": "Gradient Echo EPI",
    "RepetitionTime": 2.5,
    "SliceTiming": [
      0,
      1.285,
      0.0625,
      1.35,
      0.1275,
      1.415,
      0.1925,
      1.48,
      0.255,
      1.5425,
      0.32,
      1.6075,
      0.385,
      1.6725,
      0.45,
      1.735,
      0.5125,
      1.8,
      0.5775,
      1.865,
      0.6425,
      1.93,
      0.7075,
      1.9925,
      0.77,
      2.0575,
      0.835,
      2.1225,
      0.9,
      2.1875,
      0.965,
      2.25,
      1.0275,
      2.315,
      1.0925,
      2.38,
      1.1575,
      2.445,
      1.2225
    ],
    "TaskName": "Experimental Run 1",
    "dataset": "ds000253",
    "modality": "bold",
    "subject_id": "11",
    "task_id": "run1"
  },
  "dummy_trs": 0,
  "dvars_nstd": 52.19767267806947,
  "dvars_std": 1.0894049766409266,
  "dvars_vstd": 1.0186573254826252,
  "efc": 0.633510371442581,
  "fber": 477.8645935058594,
  "fd_mean": 0.14468932742735643,
  "fd_num": 52,
  "fd_perc": 20.0,
  "fwhm_avg": 2.0710205555555556,
  "fwhm_x": 2.074035,
  "fwhm_y": 2.36068,
  "fwhm_z": 1.7783466666666667,
  "gcor": 0.0043176,
  "gsr_x": -0.0010964772664010525,
  "gsr_y": 0.048239924013614655,
  "provenance": {
    "md5sum": "22b56ad2325d2b3532453ba973b348d9",
    "settings": {
      "fd_thres": 0.2,
      "testing": false
    },
    "software": "mriqc",
    "version": "22.0.1",
    "webapi_port": null,
    "webapi_url": "https://mriqc.nimh.nih.gov/api/v1"
  },
  "size_t": 260,
  "size_x": 96,
  "size_y": 96,
  "size_z": 39,
  "snr": 6.115834876988557,
  "spacing_tr": 2.5,
  "spacing_x": 2.0,
  "spacing_y": 2.0,
  "spacing_z": 3.0,
  "summary_bg_k": 28.095266882340884,
  "summary_bg_mad": 13.446062050147788,
  "summary_bg_mean": 37.881134033203125,
  "summary_bg_median": 24.30384635925293,
  "summary_bg_n": 183877.0,
  "summary_bg_p05": 11.853846549987793,
  "summary_bg_p95": 104.16615142822259,
  "summary_bg_stdv": 46.4876708984375,
  "summary_fg_k": 2.2890160208079493,
  "summary_fg_mad": 74.10156105956119,
  "summary_fg_mean": 547.892333984375,
  "summary_fg_median": 542.7922973632812,
  "summary_fg_n": 109433.0,
  "summary_fg_p05": 415.4253723144531,
  "summary_fg_p95": 693.339208984375,
  "summary_fg_stdv": 88.75154876708984,
  "tsnr": 25.990429959492758
}