{
  "aor": 0.000919923076923077,
  "aqi": 0.03267246884615385,
  "bids_meta": {
    "EchoTime": 0.03,
    "EffectiveEchoSpacing": 0.000370002,
    "FlipAngle": 90,
    "ImageType": [
      "ORIGINAL",
      "PRIMARY",
      "M",
      "ND",
      "NORM",
      "MOS"
    ],
    "MagneticFieldStrength": 3,
    "Manufacturer": "Siemens",
    "ManufacturersModelName": "TrioTim",
    "PhaseEncodingDirection": "j-",
    "PulseSequenceType": "Gradient Echo EPI",
    "RepetitionTime": 2.5,
    "SliceTiming": [
      0,
      1.2875,
      0.065,
      1.3525,
      0.13,
      1.415,
      0.1925,
      1.48,
      0.2575,
      1.545,
      0.3225,
      1.61,
      0.3875,
      1.6725,
      0.45,
      1.7375,
      0.515,
      1.8025,
      0.58,
      1.8675,
      0.645,
      1.93,
      0.7075,
      1.995,
      0.7725,
      2.06,
      0.8375,
      2.125,
      0.9025,
      2.1875,
      0.965,
      2.2525,
      1.03,
      2.3175,
      1.095,
      2.3825,
      1.16,
      2.445,
      1.2225
    ],
    "TaskName": "Experimental Run 3",
    "dataset": "ds000253",
    "modality": "bold",
    "subject_id": "11",
    "task_id": "run3"
  },
  "dummy_trs": 0,
  "dvars_nstd": 53.01549235447874,
  "dvars_std": 1.0641650398841704,
  "dvars_vstd": 1.0003154995752894,
  "efc": 0.6326808447136789,
  "fber": 480.38330078125,
  "fd_mean": 0.16977280798270045,
  "fd_num": 66,
  "fd_perc": 25.384615384615383,
  "fwhm_avg": 2.0675938888888887,
  "fwhm_x": 2.06911,
  "fwhm_y": 2.359155,
  "fwhm_z": 1.7745166666666667,
  "gcor": 0.00431693,
  "gsr_x": 0.00045132925151847303,
  "gsr_y": 0.049206215888261795,
  "provenance": {
    "md5sum": "aa9d800172353cb69e75caa549743b70",
    "settings": {
      "fd_thres": 0.2,
      "testing": false
    },
    "software": "mriqc",
    "version": "22.0.1",
    "webapi_port": null,
    "webapi_url": "https://mriqc.nimh.nih.gov/api/v1"
  },
  "size_t": 260,
  "size_x": 96,
  "size_y": 96,
  "size_z": 39,
  "snr": 6.093473141197791,
  "spacing_tr": 2.5,
  "spacing_x": 2.0,
  "spacing_y": 2.0,
  "spacing_z": 3.0,
  "summary_bg_k": 26.988370941257557,
  "summary_bg_mad": 13.052600729691203,
  "summary_bg_mean": 37.63799285888672,
  "summary_bg_median": 24.02692222595215,
  "summary_bg_n": 184064.0,
  "summary_bg_p05": 11.930768966674805,
  "summary_bg_p95": 103.50749816894547,
  "summary_bg_stdv": 46.27245330810547,
  "summary_fg_k": 2.349724388230502,
  "summary_fg_mad": 74.05884937455542,
  "summary_fg_mean": 546.8928833007812,
  "summary_fg_median": 542.3057861328125,
  "summary_fg_n": 109204.0,
  "summary_fg_p05": 413.3813446044922,
  "summary_fg_p95": 691.7450012207031,
  "summary_fg_stdv": 88.99740600585938,
  "tsnr": 27.210225725080818
}