{
  "aor": 0.001426,
  "aqi": 0.03244349615384615,
  "bids_meta": {
    "EchoTime": 0.03,
    "EffectiveEchoSpacing": 0.000370002,
    "FlipAngle": 90,
    "ImageType": [
      "ORIGINAL",
      "PRIMARY",
      "M",
      "ND",
      "NORM",
      "MOS"
    ],
    "MagneticFieldStrength": 3,
    "Manufacturer": "Siemens",
    "ManufacturersModelName": "TrioTim",
    "PhaseEncodingDirection": "j-",
    "PulseSequenceType": "Gradient Echo EPI",
    "RepetitionTime": 2.5,
    "SliceTiming": [
      0,
      1.2875,
      0.065,
      1.35,
      0.1275,
      1.415,
      0.1925,
      1.48,
      0.2575,
      1.545,
      0.3225,
      1.6075,
      0.385,
      1.6725,
      0.45,
      1.7375,
      0.515,
      1.8025,
      0.58,
      1.865,
      0.6425,
      1.93,
      0.7075,
      1.995,
      0.7725,
      2.06,
      0.8375,
      2.1225,
      0.9,
      2.1875,
      0.965,
      2.2525,
      1.03,
      2.3175,
      1.095,
      2.38,
      1.1575,
      2.445,
      1.2225
    ],
    "TaskName": "Experimental Run 4",
    "dataset": "ds000253",
    "modality": "bold",
    "subject_id": "11",
    "task_id": "run4"
  },
  "dummy_trs": 0,
  "dvars_nstd": 53.527918399768325,
  "dvars_std": 1.0669420350579142,
  "dvars_vstd": 1.0064531866409265,
  "efc": 0.6328940679092497,
  "fber": 481.8428955078125,
  "fd_mean": 0.17443757805054266,
  "fd_num": 64,
  "fd_perc": 24.615384615384617,
  "fwhm_avg": 2.0621783333333332,
  "fwhm_x": 2.06918,
  "fwhm_y": 2.358115,
  "fwhm_z": 1.7592400000000001,
  "gcor": 0.00733315,
  "gsr_x": 0.0012343355920165777,
  "gsr_y": 0.04959457367658615,
  "provenance": {
    "md5sum": "d80deff00936c692b1494f48f23e6bf5",
    "settings": {
      "fd_thres": 0.2,
      "testing": false
    },
    "software": "mriqc",
    "version": "22.0.1",
    "webapi_port": null,
    "webapi_url": "https://mriqc.nimh.nih.gov/api/v1"
  },
  "size_t": 260,
  "size_x": 96,
  "size_y": 96,
  "size_z": 39,
  "snr": 6.072814934988839,
  "spacing_tr": 2.5,
  "spacing_x": 2.0,
  "spacing_y": 2.0,
  "spacing_z": 3.0,
  "summary_bg_k": 26.045160017799244,
  "summary_bg_mad": 13.206563855087257,
  "summary_bg_mean": 37.87377166748047,
  "summary_bg_median": 24.042306900024414,
  "summary_bg_n": 184040.0,
  "summary_bg_p05": 11.70769214630127,
  "summary_bg_p95": 104.74615478515625,
  "summary_bg_stdv": 46.536781311035156,
  "summary_fg_k": 2.2899855279790593,
  "summary_fg_mad": 74.48933700907602,
  "summary_fg_mean": 546.1861572265625,
  "summary_fg_median": 541.5884399414062,
  "summary_fg_n": 109284.0,
  "summary_fg_p05": 412.0236480712891,
  "summary_fg_p95": 691.3680480957031,
  "summary_fg_stdv": 89.1820297241211,
  "tsnr": 27.018998825224116
}