{
  "aor": 0.0007022307692307692,
  "aqi": 0.03527380192307692,
  "bids_meta": {
    "EchoTime": 0.03,
    "EffectiveEchoSpacing": 0.000370002,
    "FlipAngle": 90,
    "ImageType": [
      "ORIGINAL",
      "PRIMARY",
      "M",
      "ND",
      "NORM",
      "MOS"
    ],
    "MagneticFieldStrength": 3,
    "Manufacturer": "Siemens",
    "ManufacturersModelName": "TrioTim",
    "PhaseEncodingDirection": "j-",
    "PulseSequenceType": "Gradient Echo EPI",
    "RepetitionTime": 2.5,
    "SliceTiming": [
      0,
      1.2875,
      0.065,
      1.3525,
      0.13,
      1.415,
      0.1925,
      1.48,
      0.2575,
      1.545,
      0.3225,
      1.61,
      0.3875,
      1.6725,
      0.45,
      1.7375,
      0.515,
      1.8025,
      0.58,
      1.8675,
      0.645,
      1.93,
      0.7075,
      1.995,
      0.7725,
      2.06,
      0.8375,
      2.125,
      0.9,
      2.1875,
      0.965,
      2.2525,
      1.03,
      2.3175,
      1.095,
      2.38,
      1.1575,
      2.445,
      1.2225
    ],
    "TaskName": "Experimental Run 2",
    "dataset": "ds000253",
    "modality": "bold",
    "subject_id": "11",
    "task_id": "run2"
  },
  "dummy_trs": 0,
  "dvars_nstd": 53.3301793833977,
  "dvars_std": 1.0665244157142848,
  "dvars_vstd": 0.9936518180694983,
  "efc": 0.6329905245056338,
  "fber": 479.1436767578125,
  "fd_mean": 0.18431235093985313,
  "fd_num": 82,
  "fd_perc": 31.53846153846154,
  "fwhm_avg": 2.0742144444444444,
  "fwhm_x": 2.083355,
  "fwhm_y": 2.376775,
  "fwhm_z": 1.7625133333333334,
  "gcor": 0.00475931,
  "gsr_x": 0.0005195506382733583,
  "gsr_y": 0.04889402911067009,
  "provenance": {
    "md5sum": "661afdc5caaa466d8a415fb7705ddcdb",
    "settings": {
      "fd_thres": 0.2,
      "testing": false
    },
    "software": "mriqc",
    "version": "22.0.1",
    "webapi_port": null,
    "webapi_url": "https://mriqc.nimh.nih.gov/api/v1"
  },
  "size_t": 260,
  "size_x": 96,
  "size_y": 96,
  "size_z": 39,
  "snr": 6.095415780154189,
  "spacing_tr": 2.5,
  "spacing_x": 2.0,
  "spacing_y": 2.0,
  "spacing_z": 3.0,
  "summary_bg_k": 26.954398222323487,
  "summary_bg_mad": 13.474572326116288,
  "summary_bg_mean": 37.86418533325195,
  "summary_bg_median": 24.346153259277344,
  "summary_bg_n": 184010.0,
  "summary_bg_p05": 11.869231224060059,
  "summary_bg_p95": 103.3096126556392,
  "summary_bg_stdv": 46.19600296020508,
  "summary_fg_k": 2.2985877672950803,
  "summary_fg_mad": 74.46080976607165,
  "summary_fg_mean": 547.406982421875,
  "summary_fg_median": 542.6038208007812,
  "summary_fg_n": 109190.0,
  "summary_fg_p05": 414.28076171875,
  "summary_fg_p95": 692.381182861328,
  "summary_fg_stdv": 89.01793670654297,
  "tsnr": 26.480412079486996
}