{
  "aor": 0.00130376582278481,
  "aqi": 0.03329560632911392,
  "bids_meta": {
    "EchoTime": 0.03,
    "EffectiveEchoSpacing": 0.000370002,
    "FlipAngle": 90,
    "ImageType": [
      "ORIGINAL",
      "PRIMARY",
      "M",
      "ND",
      "NORM",
      "MOS"
    ],
    "MagneticFieldStrength": 3,
    "Manufacturer": "Siemens",
    "ManufacturersModelName": "TrioTim",
    "PhaseEncodingDirection": "j-",
    "PulseSequenceType": "Gradient Echo EPI",
    "RepetitionTime": 2.5,
    "SliceTiming": [
      0,
      1.2875,
      0.0625,
      1.35,
      0.1275,
      1.415,
      0.1925,
      1.48,
      0.2575,
      1.5425,
      0.32,
      1.6075,
      0.385,
      1.6725,
      0.45,
      1.7375,
      0.515,
      1.8,
      0.5775,
      1.865,
      0.6425,
      1.93,
      0.7075,
      1.995,
      0.7725,
      2.0575,
      0.835,
      2.1225,
      0.9,
      2.1875,
      0.965,
      2.2525,
      1.03,
      2.315,
      1.0925,
      2.38,
      1.1575,
      2.445,
      1.2225
    ],
    "TaskName": "Localizer",
    "dataset": "ds000253",
    "modality": "bold",
    "subject_id": "11",
    "task_id": "localizer"
  },
  "dummy_trs": 0,
  "dvars_nstd": 52.06629804593648,
  "dvars_std": 1.0679915258095238,
  "dvars_vstd": 1.0040292898095247,
  "efc": 0.6332419483334359,
  "fber": 479.6881408691406,
  "fd_mean": 0.15617202288453264,
  "fd_num": 73,
  "fd_perc": 23.10126582278481,
  "fwhm_avg": 2.047712777777778,
  "fwhm_x": 2.06216,
  "fwhm_y": 2.334655,
  "fwhm_z": 1.7463233333333334,
  "gcor": 0.00451941,
  "gsr_x": -0.0008755234302952886,
  "gsr_y": 0.04705798625946045,
  "provenance": {
    "md5sum": "7d14951e2f312814a0fc826974e30993",
    "settings": {
      "fd_thres": 0.2,
      "testing": false
    },
    "software": "mriqc",
    "version": "22.0.1",
    "webapi_port": null,
    "webapi_url": "https://mriqc.nimh.nih.gov/api/v1"
  },
  "size_t": 316,
  "size_x": 96,
  "size_y": 96,
  "size_z": 39,
  "snr": 6.095516512799808,
  "spacing_tr": 2.5,
  "spacing_x": 2.0,
  "spacing_y": 2.0,
  "spacing_z": 3.0,
  "summary_bg_k": 27.871659907810862,
  "summary_bg_mad": 13.427870559837793,
  "summary_bg_mean": 37.90855407714844,
  "summary_bg_median": 24.471519470214844,
  "summary_bg_n": 183800.0,
  "summary_bg_p05": 11.844937324523926,
  "summary_bg_p95": 104.45680389404271,
  "summary_bg_stdv": 46.284950256347656,
  "summary_fg_k": 2.3082409478402823,
  "summary_fg_mad": 74.45388721542982,
  "summary_fg_mean": 549.8275756835938,
  "summary_fg_median": 544.7405395507812,
  "summary_fg_n": 109449.0,
  "summary_fg_p05": 416.32153930664066,
  "summary_fg_p95": 696.6303955078124,
  "summary_fg_stdv": 89.36700439453125,
  "tsnr": 26.426435317844152
}