{
  "aor": 0.00031673076923076924,
  "aqi": 0.03630042730769231,
  "bids_meta": {
    "EchoTime": 0.03,
    "EffectiveEchoSpacing": 0.000370002,
    "FlipAngle": 90,
    "ImageType": [
      "ORIGINAL",
      "PRIMARY",
      "M",
      "ND",
      "NORM",
      "MOS"
    ],
    "MagneticFieldStrength": 3,
    "Manufacturer": "Siemens",
    "ManufacturersModelName": "TrioTim",
    "PhaseEncodingDirection": "j-",
    "PulseSequenceType": "Gradient Echo EPI",
    "RepetitionTime": 2.5,
    "SliceTiming": [
      0,
      1.285,
      0.0625,
      1.35,
      0.1275,
      1.415,
      0.1925,
      1.48,
      0.255,
      1.5425,
      0.32,
      1.6075,
      0.385,
      1.6725,
      0.45,
      1.735,
      0.5125,
      1.8,
      0.5775,
      1.865,
      0.6425,
      1.93,
      0.7075,
      1.9925,
      0.77,
      2.0575,
      0.835,
      2.1225,
      0.9,
      2.1875,
      0.965,
      2.25,
      1.0275,
      2.315,
      1.0925,
      2.38,
      1.1575,
      2.445,
      1.2225
    ],
    "TaskName": "Experimental Run 1",
    "dataset": "ds000253",
    "modality": "bold",
    "subject_id": "07",
    "task_id": "run1"
  },
  "dummy_trs": 0,
  "dvars_nstd": 46.4725284210811,
  "dvars_std": 1.01058177,
  "dvars_vstd": 0.9572920510810813,
  "efc": 0.5817576192532209,
  "fber": 552.7432861328125,
  "fd_mean": 0.0802034604662077,
  "fd_num": 9,
  "fd_perc": 3.4615384615384617,
  "fwhm_avg": 1.9481761111111109,
  "fwhm_x": 1.94024,
  "fwhm_y": 2.253065,
  "fwhm_z": 1.6512233333333333,
  "gcor": 0.00399247,
  "gsr_x": -0.007193231023848057,
  "gsr_y": 0.03292068466544151,
  "provenance": {
    "md5sum": "4ee59b51a62857b627f3064c89a0a0aa",
    "settings": {
      "fd_thres": 0.2,
      "testing": false
    },
    "software": "mriqc",
    "version": "22.0.1",
    "webapi_port": null,
    "webapi_url": "https://mriqc.nimh.nih.gov/api/v1"
  },
  "size_t": 260,
  "size_x": 96,
  "size_y": 96,
  "size_z": 39,
  "snr": 5.665841936388824,
  "spacing_tr": 2.5,
  "spacing_x": 2.0,
  "spacing_y": 2.0,
  "spacing_z": 3.0,
  "summary_bg_k": 42.54507226598391,
  "summary_bg_mad": 12.795996934617436,
  "summary_bg_mean": 36.35526657104492,
  "summary_bg_median": 24.330768585205078,
  "summary_bg_n": 207826.0,
  "summary_bg_p05": 12.41249966621399,
  "summary_bg_p95": 95.58077239990234,
  "summary_bg_stdv": 42.22267150878906,
  "summary_fg_k": 1.7018366168914287,
  "summary_fg_mad": 95.67345048607513,
  "summary_fg_mean": 581.8504028320312,
  "summary_fg_median": 576.5115356445312,
  "summary_fg_n": 87342.0,
  "summary_fg_p05": 436.97808227539065,
  "summary_fg_p95": 750.2838378906249,
  "summary_fg_stdv": 101.75155639648438,
  "tsnr": 24.544534012675285
}