{
  "aor": 0.0007535384615384616,
  "aqi": 0.02172601730769231,
  "bids_meta": {
    "EchoTime": 0.03,
    "EffectiveEchoSpacing": 0.000370002,
    "FlipAngle": 90,
    "ImageType": [
      "ORIGINAL",
      "PRIMARY",
      "M",
      "ND",
      "NORM",
      "MOS"
    ],
    "MagneticFieldStrength": 3,
    "Manufacturer": "Siemens",
    "ManufacturersModelName": "TrioTim",
    "PhaseEncodingDirection": "j-",
    "PulseSequenceType": "Gradient Echo EPI",
    "RepetitionTime": 2.5,
    "SliceTiming": [
      0,
      1.285,
      0.0625,
      1.35,
      0.1275,
      1.415,
      0.1925,
      1.48,
      0.2575,
      1.5425,
      0.32,
      1.6075,
      0.385,
      1.6725,
      0.45,
      1.7375,
      0.515,
      1.8,
      0.5775,
      1.865,
      0.6425,
      1.93,
      0.7075,
      1.995,
      0.7725,
      2.0575,
      0.835,
      2.1225,
      0.9,
      2.1875,
      0.965,
      2.2525,
      1.03,
      2.315,
      1.0925,
      2.38,
      1.1575,
      2.445,
      1.2225
    ],
    "TaskName": "Experimental Run 4",
    "dataset": "ds000253",
    "modality": "bold",
    "subject_id": "07",
    "task_id": "run4"
  },
  "dummy_trs": 0,
  "dvars_nstd": 46.65980438509652,
  "dvars_std": 1.0564542115057907,
  "dvars_vstd": 1.0031728686100376,
  "efc": 0.5822357001655953,
  "fber": 541.3114013671875,
  "fd_mean": 0.07417624902012464,
  "fd_num": 6,
  "fd_perc": 2.3076923076923075,
  "fwhm_avg": 1.8922188888888887,
  "fwhm_x": 1.88436,
  "fwhm_y": 2.18049,
  "fwhm_z": 1.6118066666666666,
  "gcor": 0.00607835,
  "gsr_x": -0.006451931316405535,
  "gsr_y": 0.03206143155694008,
  "provenance": {
    "md5sum": "9f661a8e5b56c686d2837b9128fcb988",
    "settings": {
      "fd_thres": 0.2,
      "testing": false
    },
    "software": "mriqc",
    "version": "22.0.1",
    "webapi_port": null,
    "webapi_url": "https://mriqc.nimh.nih.gov/api/v1"
  },
  "size_t": 260,
  "size_x": 96,
  "size_y": 96,
  "size_z": 39,
  "snr": 5.587761177565161,
  "spacing_tr": 2.5,
  "spacing_x": 2.0,
  "spacing_y": 2.0,
  "spacing_z": 3.0,
  "summary_bg_k": 42.11983524313528,
  "summary_bg_mad": 12.75037964471604,
  "summary_bg_mean": 36.40570068359375,
  "summary_bg_median": 24.342308044433594,
  "summary_bg_n": 207591.0,
  "summary_bg_p05": 12.149999618530273,
  "summary_bg_p95": 97.64807510375977,
  "summary_bg_stdv": 42.174591064453125,
  "summary_fg_k": 1.6818471190442796,
  "summary_fg_mad": 96.54306763206138,
  "summary_fg_mean": 580.5868530273438,
  "summary_fg_median": 574.548095703125,
  "summary_fg_n": 87554.0,
  "summary_fg_p05": 435.1717193603516,
  "summary_fg_p95": 751.1902069091794,
  "summary_fg_stdv": 102.82200622558594,
  "tsnr": 29.094986874377355
}