{
  "aor": 0.0006341772151898734,
  "aqi": 0.02763095727848101,
  "bids_meta": {
    "EchoTime": 0.03,
    "EffectiveEchoSpacing": 0.000370002,
    "FlipAngle": 90,
    "ImageType": [
      "ORIGINAL",
      "PRIMARY",
      "M",
      "ND",
      "NORM",
      "MOS"
    ],
    "MagneticFieldStrength": 3,
    "Manufacturer": "Siemens",
    "ManufacturersModelName": "TrioTim",
    "PhaseEncodingDirection": "j-",
    "PulseSequenceType": "Gradient Echo EPI",
    "RepetitionTime": 2.5,
    "SliceTiming": [
      0,
      1.2875,
      0.0625,
      1.35,
      0.1275,
      1.415,
      0.1925,
      1.48,
      0.2575,
      1.5425,
      0.32,
      1.6075,
      0.385,
      1.6725,
      0.45,
      1.7375,
      0.515,
      1.8,
      0.5775,
      1.865,
      0.6425,
      1.93,
      0.7075,
      1.995,
      0.7725,
      2.0575,
      0.835,
      2.1225,
      0.9,
      2.1875,
      0.965,
      2.2525,
      1.03,
      2.315,
      1.0925,
      2.38,
      1.1575,
      2.445,
      1.2225
    ],
    "TaskName": "Localizer",
    "dataset": "ds000253",
    "modality": "bold",
    "subject_id": "07",
    "task_id": "localizer"
  },
  "dummy_trs": 0,
  "dvars_nstd": 47.239975472285735,
  "dvars_std": 1.0551632133650795,
  "dvars_vstd": 0.9777073959047619,
  "efc": 0.5815292431401983,
  "fber": 549.1737060546875,
  "fd_mean": 0.07367727221781491,
  "fd_num": 15,
  "fd_perc": 4.746835443037975,
  "fwhm_avg": 1.9209161111111108,
  "fwhm_x": 1.91302,
  "fwhm_y": 2.212525,
  "fwhm_z": 1.6372033333333331,
  "gcor": 0.00396065,
  "gsr_x": -0.008184971287846565,
  "gsr_y": 0.03222036361694336,
  "provenance": {
    "md5sum": "823f5817fd2386fec80c32e63f7b668a",
    "settings": {
      "fd_thres": 0.2,
      "testing": false
    },
    "software": "mriqc",
    "version": "22.0.1",
    "webapi_port": null,
    "webapi_url": "https://mriqc.nimh.nih.gov/api/v1"
  },
  "size_t": 316,
  "size_x": 96,
  "size_y": 96,
  "size_z": 39,
  "snr": 5.692376836839354,
  "spacing_tr": 2.5,
  "spacing_x": 2.0,
  "spacing_y": 2.0,
  "spacing_z": 3.0,
  "summary_bg_k": 44.094580728094755,
  "summary_bg_mad": 12.414447887273063,
  "summary_bg_mean": 36.23171615600586,
  "summary_bg_median": 24.26898765563965,
  "summary_bg_n": 207663.0,
  "summary_bg_p05": 12.443037986755371,
  "summary_bg_p95": 94.7556991577148,
  "summary_bg_stdv": 42.90719223022461,
  "summary_fg_k": 1.5966359455983143,
  "summary_fg_mad": 96.13223913645497,
  "summary_fg_mean": 584.0542602539062,
  "summary_fg_median": 578.003173828125,
  "summary_fg_n": 87392.0,
  "summary_fg_p05": 440.92469024658203,
  "summary_fg_p95": 752.0580902099609,
  "summary_fg_stdv": 101.5392837524414,
  "tsnr": 27.090039863833226
}