{
  "aor": 0.0012438076923076925,
  "aqi": 0.02656785038461538,
  "bids_meta": {
    "EchoTime": 0.03,
    "EffectiveEchoSpacing": 0.000370002,
    "FlipAngle": 90,
    "ImageType": [
      "ORIGINAL",
      "PRIMARY",
      "M",
      "ND",
      "NORM",
      "MOS"
    ],
    "MagneticFieldStrength": 3,
    "Manufacturer": "Siemens",
    "ManufacturersModelName": "TrioTim",
    "PhaseEncodingDirection": "j-",
    "PulseSequenceType": "Gradient Echo EPI",
    "RepetitionTime": 2.5,
    "SliceTiming": [
      0,
      1.2875,
      0.065,
      1.3525,
      0.13,
      1.415,
      0.1925,
      1.48,
      0.2575,
      1.545,
      0.3225,
      1.61,
      0.3875,
      1.6725,
      0.45,
      1.7375,
      0.515,
      1.8025,
      0.58,
      1.8675,
      0.645,
      1.93,
      0.7075,
      1.995,
      0.7725,
      2.06,
      0.8375,
      2.125,
      0.9,
      2.1875,
      0.965,
      2.2525,
      1.03,
      2.3175,
      1.095,
      2.38,
      1.1575,
      2.445,
      1.2225
    ],
    "TaskName": "Experimental Run 3",
    "dataset": "ds000253",
    "modality": "bold",
    "subject_id": "07",
    "task_id": "run3"
  },
  "dummy_trs": 0,
  "dvars_nstd": 46.249065973783786,
  "dvars_std": 1.0556553086100382,
  "dvars_vstd": 0.9987564912355217,
  "efc": 0.5820147095081374,
  "fber": 539.5400390625,
  "fd_mean": 0.08624951323227388,
  "fd_num": 13,
  "fd_perc": 5.0,
  "fwhm_avg": 1.9056,
  "fwhm_x": 1.90658,
  "fwhm_y": 2.19078,
  "fwhm_z": 1.61944,
  "gcor": 0.00434179,
  "gsr_x": -0.006643323227763176,
  "gsr_y": 0.03298324719071388,
  "provenance": {
    "md5sum": "b89a92a248bec1f762d2c7442c67aa61",
    "settings": {
      "fd_thres": 0.2,
      "testing": false
    },
    "software": "mriqc",
    "version": "22.0.1",
    "webapi_port": null,
    "webapi_url": "https://mriqc.nimh.nih.gov/api/v1"
  },
  "size_t": 260,
  "size_x": 96,
  "size_y": 96,
  "size_z": 39,
  "snr": 5.655973148334886,
  "spacing_tr": 2.5,
  "spacing_x": 2.0,
  "spacing_y": 2.0,
  "spacing_z": 3.0,
  "summary_bg_k": 42.420153692959936,
  "summary_bg_mad": 13.006983439789806,
  "summary_bg_mean": 36.53901290893555,
  "summary_bg_median": 24.5,
  "summary_bg_n": 207851.0,
  "summary_bg_p05": 12.180768966674805,
  "summary_bg_p95": 97.23654174804688,
  "summary_bg_stdv": 42.23533630371094,
  "summary_fg_k": 1.6777636550205495,
  "summary_fg_mad": 95.96709332048984,
  "summary_fg_mean": 582.1768798828125,
  "summary_fg_median": 576.105712890625,
  "summary_fg_n": 87254.0,
  "summary_fg_p05": 438.30633239746095,
  "summary_fg_p95": 750.347476196289,
  "summary_fg_stdv": 101.85734558105469,
  "tsnr": 27.23510229587555
}