{
  "aor": 0.00044592307692307694,
  "aqi": 0.03549111192307692,
  "bids_meta": {
    "EchoTime": 0.03,
    "EffectiveEchoSpacing": 0.000370002,
    "FlipAngle": 90,
    "ImageType": [
      "ORIGINAL",
      "PRIMARY",
      "M",
      "ND",
      "NORM",
      "MOS"
    ],
    "MagneticFieldStrength": 3,
    "Manufacturer": "Siemens",
    "ManufacturersModelName": "TrioTim",
    "PhaseEncodingDirection": "j-",
    "PulseSequenceType": "Gradient Echo EPI",
    "RepetitionTime": 2.5,
    "SliceTiming": [
      0,
      1.2875,
      0.0625,
      1.35,
      0.1275,
      1.415,
      0.1925,
      1.48,
      0.2575,
      1.5425,
      0.32,
      1.6075,
      0.385,
      1.6725,
      0.45,
      1.7375,
      0.515,
      1.8,
      0.5775,
      1.865,
      0.6425,
      1.93,
      0.7075,
      1.995,
      0.7725,
      2.0575,
      0.835,
      2.1225,
      0.9,
      2.1875,
      0.965,
      2.2525,
      1.03,
      2.315,
      1.0925,
      2.38,
      1.1575,
      2.445,
      1.2225
    ],
    "TaskName": "Experimental Run 2",
    "dataset": "ds000253",
    "modality": "bold",
    "subject_id": "07",
    "task_id": "run2"
  },
  "dummy_trs": 0,
  "dvars_nstd": 46.33199865602315,
  "dvars_std": 1.0224063204633205,
  "dvars_vstd": 0.9691009577220082,
  "efc": 0.5813295175013491,
  "fber": 548.5470581054688,
  "fd_mean": 0.1028064493315046,
  "fd_num": 17,
  "fd_perc": 6.538461538461538,
  "fwhm_avg": 1.9340394444444444,
  "fwhm_x": 1.938475,
  "fwhm_y": 2.23138,
  "fwhm_z": 1.6322633333333334,
  "gcor": 0.0119155,
  "gsr_x": -0.006232176907360554,
  "gsr_y": 0.03342956677079201,
  "provenance": {
    "md5sum": "fbf384e94609bce18c0885b0df5ff09e",
    "settings": {
      "fd_thres": 0.2,
      "testing": false
    },
    "software": "mriqc",
    "version": "22.0.1",
    "webapi_port": null,
    "webapi_url": "https://mriqc.nimh.nih.gov/api/v1"
  },
  "size_t": 260,
  "size_x": 96,
  "size_y": 96,
  "size_z": 39,
  "snr": 5.671523867783375,
  "spacing_tr": 2.5,
  "spacing_x": 2.0,
  "spacing_y": 2.0,
  "spacing_z": 3.0,
  "summary_bg_k": 41.750474845245435,
  "summary_bg_mad": 13.04119605373594,
  "summary_bg_mean": 36.18970489501953,
  "summary_bg_median": 24.33846092224121,
  "summary_bg_n": 207703.0,
  "summary_bg_p05": 12.050000190734863,
  "summary_bg_p95": 95.1423110961914,
  "summary_bg_stdv": 41.54937744140625,
  "summary_fg_k": 1.7226536649150272,
  "summary_fg_mad": 95.67345048607513,
  "summary_fg_mean": 583.4425048828125,
  "summary_fg_median": 577.5999755859375,
  "summary_fg_n": 87295.0,
  "summary_fg_p05": 439.5961608886719,
  "summary_fg_p95": 751.6723266601563,
  "summary_fg_stdv": 101.8415298461914,
  "tsnr": 24.734915886307135
}