{
  "aor": 0.00039538461538461537,
  "aqi": 0.033872074230769225,
  "bids_meta": {
    "EchoTime": 0.03,
    "EffectiveEchoSpacing": 0.000370002,
    "FlipAngle": 90,
    "ImageType": [
      "ORIGINAL",
      "PRIMARY",
      "M",
      "ND",
      "NORM",
      "MOS"
    ],
    "MagneticFieldStrength": 3,
    "Manufacturer": "Siemens",
    "ManufacturersModelName": "TrioTim",
    "PhaseEncodingDirection": "j-",
    "PulseSequenceType": "Gradient Echo EPI",
    "RepetitionTime": 2.5,
    "SliceTiming": [
      0,
      1.2875,
      0.065,
      1.3525,
      0.13,
      1.415,
      0.1925,
      1.48,
      0.2575,
      1.545,
      0.3225,
      1.61,
      0.3875,
      1.6725,
      0.45,
      1.7375,
      0.515,
      1.8025,
      0.58,
      1.8675,
      0.645,
      1.93,
      0.7075,
      1.995,
      0.7725,
      2.06,
      0.8375,
      2.125,
      0.9025,
      2.1875,
      0.965,
      2.2525,
      1.03,
      2.3175,
      1.095,
      2.3825,
      1.16,
      2.445,
      1.2225
    ],
    "TaskName": "Experimental Run 4",
    "dataset": "ds000253",
    "modality": "bold",
    "subject_id": "12",
    "task_id": "run4"
  },
  "dummy_trs": 0,
  "dvars_nstd": 47.472842507451745,
  "dvars_std": 1.0859700809652506,
  "dvars_vstd": 0.9813765867181468,
  "efc": 0.6020222269715463,
  "fber": 620.3198852539062,
  "fd_mean": 0.11437206306512515,
  "fd_num": 31,
  "fd_perc": 11.923076923076923,
  "fwhm_avg": 1.9331872222222224,
  "fwhm_x": 1.92669,
  "fwhm_y": 2.216435,
  "fwhm_z": 1.6564366666666668,
  "gcor": 0.00357523,
  "gsr_x": 0.0022585438564419746,
  "gsr_y": 0.03553852066397667,
  "provenance": {
    "md5sum": "e7832c503c62ca089cdc6b26e4f41fd5",
    "settings": {
      "fd_thres": 0.2,
      "testing": false
    },
    "software": "mriqc",
    "version": "22.0.1",
    "webapi_port": null,
    "webapi_url": "https://mriqc.nimh.nih.gov/api/v1"
  },
  "size_t": 260,
  "size_x": 96,
  "size_y": 96,
  "size_z": 39,
  "snr": 7.072553785197767,
  "spacing_tr": 2.5,
  "spacing_x": 2.0,
  "spacing_y": 2.0,
  "spacing_z": 3.0,
  "summary_bg_k": 38.63710036454813,
  "summary_bg_mad": 12.174443508975243,
  "summary_bg_mean": 35.46609115600586,
  "summary_bg_median": 21.330768585205078,
  "summary_bg_n": 199618.0,
  "summary_bg_p05": 10.5115385055542,
  "summary_bg_p95": 102.17038230895992,
  "summary_bg_stdv": 47.87278747558594,
  "summary_fg_k": 2.9877437097145707,
  "summary_fg_mad": 68.06858079792428,
  "summary_fg_mean": 548.723388671875,
  "summary_fg_median": 545.3961791992188,
  "summary_fg_n": 95813.0,
  "summary_fg_p05": 437.8876892089844,
  "summary_fg_p95": 673.0376831054687,
  "summary_fg_stdv": 77.11405944824219,
  "tsnr": 31.037672868173104
}