{
  "aor": 0.0004662025316455696,
  "aqi": 0.028109048417721515,
  "bids_meta": {
    "EchoTime": 0.03,
    "EffectiveEchoSpacing": 0.000370002,
    "FlipAngle": 90,
    "ImageType": [
      "ORIGINAL",
      "PRIMARY",
      "M",
      "ND",
      "NORM",
      "MOS"
    ],
    "MagneticFieldStrength": 3,
    "Manufacturer": "Siemens",
    "ManufacturersModelName": "TrioTim",
    "PhaseEncodingDirection": "j-",
    "PulseSequenceType": "Gradient Echo EPI",
    "RepetitionTime": 2.5,
    "SliceTiming": [
      0,
      1.2875,
      0.065,
      1.3525,
      0.13,
      1.4175,
      0.195,
      1.48,
      0.2575,
      1.545,
      0.3225,
      1.61,
      0.3875,
      1.675,
      0.4525,
      1.7375,
      0.515,
      1.8025,
      0.58,
      1.8675,
      0.645,
      1.9325,
      0.71,
      1.995,
      0.7725,
      2.06,
      0.8375,
      2.125,
      0.9025,
      2.19,
      0.9675,
      2.2525,
      1.03,
      2.3175,
      1.095,
      2.3825,
      1.16,
      2.4475,
      1.2225
    ],
    "TaskName": "Localizer",
    "dataset": "ds000253",
    "modality": "bold",
    "subject_id": "12",
    "task_id": "localizer"
  },
  "dummy_trs": 0,
  "dvars_nstd": 45.49333724984128,
  "dvars_std": 1.0808249666031744,
  "dvars_vstd": 1.0015800298412696,
  "efc": 0.5988054790667916,
  "fber": 645.9818115234375,
  "fd_mean": 0.09902751160936536,
  "fd_num": 35,
  "fd_perc": 11.075949367088608,
  "fwhm_avg": 1.9210044444444445,
  "fwhm_x": 1.91147,
  "fwhm_y": 2.1974,
  "fwhm_z": 1.6541433333333335,
  "gcor": 0.00928474,
  "gsr_x": 0.0040403129532933235,
  "gsr_y": 0.03529908508062363,
  "provenance": {
    "md5sum": "2fb6949cc55523a3da8a041a9ff1a0d4",
    "settings": {
      "fd_thres": 0.2,
      "testing": false
    },
    "software": "mriqc",
    "version": "22.0.1",
    "webapi_port": null,
    "webapi_url": "https://mriqc.nimh.nih.gov/api/v1"
  },
  "size_t": 316,
  "size_x": 96,
  "size_y": 96,
  "size_z": 39,
  "snr": 7.051426503147485,
  "spacing_tr": 2.5,
  "spacing_x": 2.0,
  "spacing_y": 2.0,
  "spacing_z": 3.0,
  "summary_bg_k": 41.94309911720067,
  "summary_bg_mad": 11.236811171797319,
  "summary_bg_mean": 34.29411315917969,
  "summary_bg_median": 20.787975311279297,
  "summary_bg_n": 200203.0,
  "summary_bg_p05": 10.594937324523926,
  "summary_bg_p95": 96.5816497802734,
  "summary_bg_stdv": 46.9534797668457,
  "summary_fg_k": 2.9263256757819764,
  "summary_fg_mad": 68.53750442440719,
  "summary_fg_mean": 548.532958984375,
  "summary_fg_median": 545.2911376953125,
  "summary_fg_n": 95306.0,
  "summary_fg_p05": 437.16773986816406,
  "summary_fg_p95": 673.3378295898438,
  "summary_fg_stdv": 77.33020782470703,
  "tsnr": 32.13030902668834
}