{
  "aor": 0.0013722692307692307,
  "aqi": 0.031423785,
  "bids_meta": {
    "EchoTime": 0.03,
    "EffectiveEchoSpacing": 0.000370002,
    "FlipAngle": 90,
    "ImageType": [
      "ORIGINAL",
      "PRIMARY",
      "M",
      "ND",
      "NORM",
      "MOS"
    ],
    "MagneticFieldStrength": 3,
    "Manufacturer": "Siemens",
    "ManufacturersModelName": "TrioTim",
    "PhaseEncodingDirection": "j-",
    "PulseSequenceType": "Gradient Echo EPI",
    "RepetitionTime": 2.5,
    "SliceTiming": [
      0,
      1.2875,
      0.065,
      1.3525,
      0.1275,
      1.415,
      0.1925,
      1.48,
      0.2575,
      1.545,
      0.3225,
      1.6075,
      0.385,
      1.6725,
      0.45,
      1.7375,
      0.515,
      1.8025,
      0.58,
      1.865,
      0.6425,
      1.93,
      0.7075,
      1.995,
      0.7725,
      2.06,
      0.8375,
      2.1225,
      0.9,
      2.1875,
      0.965,
      2.2525,
      1.03,
      2.3175,
      1.095,
      2.38,
      1.1575,
      2.445,
      1.2225
    ],
    "TaskName": "Experimental Run 3",
    "dataset": "ds000253",
    "modality": "bold",
    "subject_id": "12",
    "task_id": "run3"
  },
  "dummy_trs": 0,
  "dvars_nstd": 47.2996651488803,
  "dvars_std": 1.1039163790733584,
  "dvars_vstd": 1.000952886795367,
  "efc": 0.6015214166829943,
  "fber": 642.0759887695312,
  "fd_mean": 0.128406434316553,
  "fd_num": 37,
  "fd_perc": 14.23076923076923,
  "fwhm_avg": 1.9278855555555554,
  "fwhm_x": 1.928285,
  "fwhm_y": 2.218795,
  "fwhm_z": 1.6365766666666666,
  "gcor": 0.00474408,
  "gsr_x": 0.0020342848729342222,
  "gsr_y": 0.036110635846853256,
  "provenance": {
    "md5sum": "66fcf842aebe3b5455dcdf2cf9c7f1f4",
    "settings": {
      "fd_thres": 0.2,
      "testing": false
    },
    "software": "mriqc",
    "version": "22.0.1",
    "webapi_port": null,
    "webapi_url": "https://mriqc.nimh.nih.gov/api/v1"
  },
  "size_t": 260,
  "size_x": 96,
  "size_y": 96,
  "size_z": 39,
  "snr": 7.055285947642137,
  "spacing_tr": 2.5,
  "spacing_x": 2.0,
  "spacing_y": 2.0,
  "spacing_z": 3.0,
  "summary_bg_k": 38.95161338846694,
  "summary_bg_mad": 12.04899490130666,
  "summary_bg_mean": 35.36653137207031,
  "summary_bg_median": 21.123077392578125,
  "summary_bg_n": 199649.0,
  "summary_bg_p05": 10.538461685180664,
  "summary_bg_p95": 101.67615356445286,
  "summary_bg_stdv": 47.69367980957031,
  "summary_fg_k": 2.8812351209669806,
  "summary_fg_mad": 68.30806485378824,
  "summary_fg_mean": 549.7840576171875,
  "summary_fg_median": 546.1692504882812,
  "summary_fg_n": 95722.0,
  "summary_fg_p05": 438.2655731201172,
  "summary_fg_p95": 675.715200805664,
  "summary_fg_stdv": 77.41236877441406,
  "tsnr": 31.653413213789463
}