{
  "aor": 0.0012893076923076922,
  "aqi": 0.03033980153846154,
  "bids_meta": {
    "EchoTime": 0.03,
    "EffectiveEchoSpacing": 0.000370002,
    "FlipAngle": 90,
    "ImageType": [
      "ORIGINAL",
      "PRIMARY",
      "M",
      "ND",
      "NORM",
      "MOS"
    ],
    "MagneticFieldStrength": 3,
    "Manufacturer": "Siemens",
    "ManufacturersModelName": "TrioTim",
    "PhaseEncodingDirection": "j-",
    "PulseSequenceType": "Gradient Echo EPI",
    "RepetitionTime": 2.5,
    "SliceTiming": [
      0,
      1.2875,
      0.065,
      1.3525,
      0.13,
      1.4175,
      0.1925,
      1.48,
      0.2575,
      1.545,
      0.3225,
      1.61,
      0.3875,
      1.6725,
      0.45,
      1.7375,
      0.515,
      1.8025,
      0.58,
      1.8675,
      0.645,
      1.93,
      0.7075,
      1.995,
      0.7725,
      2.06,
      0.8375,
      2.125,
      0.9025,
      2.1875,
      0.965,
      2.2525,
      1.03,
      2.3175,
      1.095,
      2.3825,
      1.16,
      2.445,
      1.2225
    ],
    "TaskName": "Experimental Run 1",
    "dataset": "ds000253",
    "modality": "bold",
    "subject_id": "12",
    "task_id": "run1"
  },
  "dummy_trs": 0,
  "dvars_nstd": 46.02221457277992,
  "dvars_std": 1.0911165589961391,
  "dvars_vstd": 1.0134750680308884,
  "efc": 0.5998034705838337,
  "fber": 672.7377319335938,
  "fd_mean": 0.14959796808919454,
  "fd_num": 56,
  "fd_perc": 21.53846153846154,
  "fwhm_avg": 1.9174072222222225,
  "fwhm_x": 1.92077,
  "fwhm_y": 2.201265,
  "fwhm_z": 1.6301866666666667,
  "gcor": 0.0111249,
  "gsr_x": 0.00291971187107265,
  "gsr_y": 0.03632868453860283,
  "provenance": {
    "md5sum": "82ee7109f925e168946afa99a6061f3a",
    "settings": {
      "fd_thres": 0.2,
      "testing": false
    },
    "software": "mriqc",
    "version": "22.0.1",
    "webapi_port": null,
    "webapi_url": "https://mriqc.nimh.nih.gov/api/v1"
  },
  "size_t": 260,
  "size_x": 96,
  "size_y": 96,
  "size_z": 39,
  "snr": 7.094740354627997,
  "spacing_tr": 2.5,
  "spacing_x": 2.0,
  "spacing_y": 2.0,
  "spacing_z": 3.0,
  "summary_bg_k": 39.60453485695756,
  "summary_bg_mad": 11.558595249149995,
  "summary_bg_mean": 34.602439880371094,
  "summary_bg_median": 20.63846206665039,
  "summary_bg_n": 199934.0,
  "summary_bg_p05": 10.396153450012207,
  "summary_bg_p95": 97.86288757324209,
  "summary_bg_stdv": 46.85931396484375,
  "summary_fg_k": 2.9068395834194583,
  "summary_fg_mad": 68.17119743096782,
  "summary_fg_mean": 548.7422485351562,
  "summary_fg_median": 545.2269287109375,
  "summary_fg_n": 95479.0,
  "summary_fg_p05": 437.8919189453125,
  "summary_fg_p95": 673.2426940917968,
  "summary_fg_stdv": 76.84905242919922,
  "tsnr": 31.673988899914548
}