{
  "aor": 0.0006924230769230769,
  "aqi": 0.033443945384615384,
  "bids_meta": {
    "EchoTime": 0.03,
    "EffectiveEchoSpacing": 0.000370002,
    "FlipAngle": 90,
    "ImageType": [
      "ORIGINAL",
      "PRIMARY",
      "M",
      "ND",
      "NORM",
      "MOS"
    ],
    "MagneticFieldStrength": 3,
    "Manufacturer": "Siemens",
    "ManufacturersModelName": "TrioTim",
    "PhaseEncodingDirection": "j-",
    "PulseSequenceType": "Gradient Echo EPI",
    "RepetitionTime": 2.5,
    "SliceTiming": [
      0,
      1.2875,
      0.065,
      1.35,
      0.1275,
      1.415,
      0.1925,
      1.48,
      0.2575,
      1.545,
      0.32,
      1.6075,
      0.385,
      1.6725,
      0.45,
      1.7375,
      0.515,
      1.8,
      0.5775,
      1.865,
      0.6425,
      1.93,
      0.7075,
      1.995,
      0.7725,
      2.0575,
      0.835,
      2.1225,
      0.9,
      2.1875,
      0.965,
      2.2525,
      1.03,
      2.315,
      1.0925,
      2.38,
      1.1575,
      2.445,
      1.2225
    ],
    "TaskName": "Experimental Run 2",
    "dataset": "ds000253",
    "modality": "bold",
    "subject_id": "12",
    "task_id": "run2"
  },
  "dummy_trs": 0,
  "dvars_nstd": 46.24536284513513,
  "dvars_std": 1.0840739647876454,
  "dvars_vstd": 0.9942277777992277,
  "efc": 0.6005246985203601,
  "fber": 654.0586547851562,
  "fd_mean": 0.13376056192633465,
  "fd_num": 40,
  "fd_perc": 15.384615384615385,
  "fwhm_avg": 1.929616111111111,
  "fwhm_x": 1.922145,
  "fwhm_y": 2.21153,
  "fwhm_z": 1.6551733333333332,
  "gcor": 0.0138051,
  "gsr_x": 0.0026051276363432407,
  "gsr_y": 0.03585850074887276,
  "provenance": {
    "md5sum": "60a3a434a797e2acd13505ac24fec107",
    "settings": {
      "fd_thres": 0.2,
      "testing": false
    },
    "software": "mriqc",
    "version": "22.0.1",
    "webapi_port": null,
    "webapi_url": "https://mriqc.nimh.nih.gov/api/v1"
  },
  "size_t": 260,
  "size_x": 96,
  "size_y": 96,
  "size_z": 39,
  "snr": 7.094187628826574,
  "spacing_tr": 2.5,
  "spacing_x": 2.0,
  "spacing_y": 2.0,
  "spacing_z": 3.0,
  "summary_bg_k": 39.47883309211427,
  "summary_bg_mad": 12.009078535463239,
  "summary_bg_mean": 34.944679260253906,
  "summary_bg_median": 20.865385055541992,
  "summary_bg_n": 199912.0,
  "summary_bg_p05": 10.380768775939941,
  "summary_bg_p95": 100.89788665771478,
  "summary_bg_stdv": 47.352684020996094,
  "summary_fg_k": 2.8641348472327772,
  "summary_fg_mad": 68.16262342216635,
  "summary_fg_mean": 549.416015625,
  "summary_fg_median": 546.0884399414062,
  "summary_fg_n": 95540.0,
  "summary_fg_p05": 438.48423461914064,
  "summary_fg_p95": 674.5817108154297,
  "summary_fg_stdv": 76.97647857666016,
  "tsnr": 30.9257435859181
}