{
  "aor": 0.00043354430379746836,
  "aqi": 0.029827318354430383,
  "bids_meta": {
    "EchoTime": 0.03,
    "EffectiveEchoSpacing": 0.000370002,
    "FlipAngle": 90,
    "ImageType": [
      "ORIGINAL",
      "PRIMARY",
      "M",
      "ND",
      "NORM",
      "MOS"
    ],
    "MagneticFieldStrength": 3,
    "Manufacturer": "Siemens",
    "ManufacturersModelName": "TrioTim",
    "PhaseEncodingDirection": "j-",
    "PulseSequenceType": "Gradient Echo EPI",
    "RepetitionTime": 2.5,
    "SliceTiming": [
      0,
      1.2875,
      0.065,
      1.35,
      0.1275,
      1.415,
      0.1925,
      1.48,
      0.2575,
      1.545,
      0.3225,
      1.6075,
      0.385,
      1.6725,
      0.45,
      1.7375,
      0.515,
      1.8025,
      0.58,
      1.865,
      0.6425,
      1.93,
      0.7075,
      1.995,
      0.7725,
      2.06,
      0.8375,
      2.1225,
      0.9,
      2.1875,
      0.965,
      2.2525,
      1.03,
      2.3175,
      1.0925,
      2.38,
      1.1575,
      2.445,
      1.2225
    ],
    "TaskName": "Localizer",
    "dataset": "ds000253",
    "modality": "bold",
    "subject_id": "05",
    "task_id": "localizer"
  },
  "dummy_trs": 0,
  "dvars_nstd": 51.69300977914289,
  "dvars_std": 1.0447652991746037,
  "dvars_vstd": 0.9992139173015868,
  "efc": 0.6165901654083832,
  "fber": 419.58807373046875,
  "fd_mean": 0.17774984748597317,
  "fd_num": 94,
  "fd_perc": 29.746835443037973,
  "fwhm_avg": 1.9502444882971304,
  "fwhm_x": 1.953185,
  "fwhm_y": 2.242165,
  "fwhm_z": 1.6553834648913912,
  "gcor": 0.0139242,
  "gsr_x": -0.010135006159543991,
  "gsr_y": 0.045355457812547684,
  "provenance": {
    "md5sum": "ac7da9b1b39384a15a91f7e1abbe8b95",
    "settings": {
      "fd_thres": 0.2,
      "testing": false
    },
    "software": "mriqc",
    "version": "22.0.1",
    "webapi_port": null,
    "webapi_url": "https://mriqc.nimh.nih.gov/api/v1"
  },
  "size_t": 316,
  "size_x": 96,
  "size_y": 96,
  "size_z": 39,
  "snr": 6.3134457123876375,
  "spacing_tr": 2.5,
  "spacing_x": 2.0,
  "spacing_y": 2.0,
  "spacing_z": 2.999999761581421,
  "summary_bg_k": 36.336783941281965,
  "summary_bg_mad": 9.805818434700477,
  "summary_bg_mean": 25.4104061126709,
  "summary_bg_median": 17.857595443725586,
  "summary_bg_n": 193585.0,
  "summary_bg_p05": 8.65506362915039,
  "summary_bg_p95": 59.55633163452145,
  "summary_bg_stdv": 26.666452407836914,
  "summary_fg_k": 1.9029526129298695,
  "summary_fg_mad": 52.83648088731016,
  "summary_fg_mean": 377.3471374511719,
  "summary_fg_median": 373.1819763183594,
  "summary_fg_n": 100584.0,
  "summary_fg_p05": 292.3829040527344,
  "summary_fg_p95": 475.4145812988281,
  "summary_fg_stdv": 59.108787536621094,
  "tsnr": 27.60810608556494
}