{
  "aor": 0.0004725384615384616,
  "aqi": 0.030861464615384616,
  "bids_meta": {
    "EchoTime": 0.03,
    "EffectiveEchoSpacing": 0.000370002,
    "FlipAngle": 90,
    "ImageType": [
      "ORIGINAL",
      "PRIMARY",
      "M",
      "ND",
      "NORM",
      "MOS"
    ],
    "MagneticFieldStrength": 3,
    "Manufacturer": "Siemens",
    "ManufacturersModelName": "TrioTim",
    "PhaseEncodingDirection": "j-",
    "PulseSequenceType": "Gradient Echo EPI",
    "RepetitionTime": 2.5,
    "SliceTiming": [
      0,
      1.285,
      0.0625,
      1.35,
      0.1275,
      1.415,
      0.1925,
      1.48,
      0.2575,
      1.5425,
      0.32,
      1.6075,
      0.385,
      1.6725,
      0.45,
      1.7375,
      0.515,
      1.8,
      0.5775,
      1.865,
      0.6425,
      1.93,
      0.7075,
      1.995,
      0.77,
      2.0575,
      0.835,
      2.1225,
      0.9,
      2.1875,
      0.965,
      2.25,
      1.0275,
      2.315,
      1.0925,
      2.38,
      1.1575,
      2.445,
      1.2225
    ],
    "TaskName": "Experimental Run 2",
    "dataset": "ds000253",
    "modality": "bold",
    "subject_id": "05",
    "task_id": "run2"
  },
  "dummy_trs": 0,
  "dvars_nstd": 52.800275751389925,
  "dvars_std": 1.0438109476061777,
  "dvars_vstd": 1.001814982934363,
  "efc": 0.6181309242417111,
  "fber": 393.9458312988281,
  "fd_mean": 0.12641669987831158,
  "fd_num": 35,
  "fd_perc": 13.461538461538462,
  "fwhm_avg": 1.9446350438250473,
  "fwhm_x": 1.94539,
  "fwhm_y": 2.234175,
  "fwhm_z": 1.6543401314751411,
  "gcor": 0.00980582,
  "gsr_x": -0.010408584959805012,
  "gsr_y": 0.04733624681830406,
  "provenance": {
    "md5sum": "59117f85a06aef788edd27836b1d4733",
    "settings": {
      "fd_thres": 0.2,
      "testing": false
    },
    "software": "mriqc",
    "version": "22.0.1",
    "webapi_port": null,
    "webapi_url": "https://mriqc.nimh.nih.gov/api/v1"
  },
  "size_t": 260,
  "size_x": 96,
  "size_y": 96,
  "size_z": 39,
  "snr": 6.323035192679826,
  "spacing_tr": 2.5,
  "spacing_x": 2.0,
  "spacing_y": 2.0,
  "spacing_z": 2.999999761581421,
  "summary_bg_k": 36.112359146357434,
  "summary_bg_mad": 10.195740714255,
  "summary_bg_mean": 25.72064208984375,
  "summary_bg_median": 18.2269229888916,
  "summary_bg_n": 193539.0,
  "summary_bg_p05": 8.823077201843262,
  "summary_bg_p95": 60.17307662963867,
  "summary_bg_stdv": 26.54988670349121,
  "summary_fg_k": 1.8499393721092536,
  "summary_fg_mad": 52.41284793528782,
  "summary_fg_mean": 375.7511291503906,
  "summary_fg_median": 371.75,
  "summary_fg_n": 100648.0,
  "summary_fg_p05": 290.71539306640625,
  "summary_fg_p95": 473.3588500976562,
  "summary_fg_stdv": 58.79267501831055,
  "tsnr": 27.201342094223946
}