{
  "aor": 0.0007646124031007753,
  "aqi": 0.031196332170542632,
  "bids_meta": {
    "EchoTime": 0.03,
    "EffectiveEchoSpacing": 0.000370002,
    "FlipAngle": 90,
    "ImageType": [
      "ORIGINAL",
      "PRIMARY",
      "M",
      "ND",
      "NORM",
      "MOS"
    ],
    "MagneticFieldStrength": 3,
    "Manufacturer": "Siemens",
    "ManufacturersModelName": "TrioTim",
    "PhaseEncodingDirection": "j-",
    "PulseSequenceType": "Gradient Echo EPI",
    "RepetitionTime": 2.5,
    "SliceTiming": [
      0,
      1.2875,
      0.065,
      1.3525,
      0.13,
      1.415,
      0.1925,
      1.48,
      0.2575,
      1.545,
      0.3225,
      1.61,
      0.3875,
      1.6725,
      0.45,
      1.7375,
      0.515,
      1.8025,
      0.58,
      1.8675,
      0.6425,
      1.93,
      0.7075,
      1.995,
      0.7725,
      2.06,
      0.8375,
      2.1225,
      0.9,
      2.1875,
      0.965,
      2.2525,
      1.03,
      2.3175,
      1.095,
      2.38,
      1.1575,
      2.445,
      1.2225
    ],
    "TaskName": "Experimental Run 4",
    "dataset": "ds000253",
    "modality": "bold",
    "subject_id": "05",
    "task_id": "run4"
  },
  "dummy_trs": 2,
  "dvars_nstd": 53.40420487700387,
  "dvars_std": 1.0572861043968866,
  "dvars_vstd": 1.0169021120233463,
  "efc": 0.6195254383213138,
  "fber": 387.8788757324219,
  "fd_mean": 0.12426728851271235,
  "fd_num": 34,
  "fd_perc": 13.178294573643411,
  "fwhm_avg": 1.9444489326666936,
  "fwhm_x": 1.945315,
  "fwhm_y": 2.235475,
  "fwhm_z": 1.6525567980000813,
  "gcor": 0.00696124,
  "gsr_x": -0.010921109467744827,
  "gsr_y": 0.04621490463614464,
  "provenance": {
    "md5sum": "d6c410feade226e0b89fda1b165a2f41",
    "settings": {
      "fd_thres": 0.2,
      "testing": false
    },
    "software": "mriqc",
    "version": "22.0.1",
    "webapi_port": null,
    "webapi_url": "https://mriqc.nimh.nih.gov/api/v1"
  },
  "size_t": 258,
  "size_x": 96,
  "size_y": 96,
  "size_z": 39,
  "snr": 6.295400104935046,
  "spacing_tr": 2.5,
  "spacing_x": 2.0,
  "spacing_y": 2.0,
  "spacing_z": 2.999999761581421,
  "summary_bg_k": 33.55795507885616,
  "summary_bg_mad": 10.326497176316845,
  "summary_bg_mean": 26.01270866394043,
  "summary_bg_median": 18.43410873413086,
  "summary_bg_n": 193282.0,
  "summary_bg_p05": 8.883721351623535,
  "summary_bg_p95": 61.16279220581055,
  "summary_bg_stdv": 26.603370666503906,
  "summary_fg_k": 1.854706132108216,
  "summary_fg_mad": 52.72431746874096,
  "summary_fg_mean": 375.5400695800781,
  "summary_fg_median": 371.4573669433594,
  "summary_fg_n": 100946.0,
  "summary_fg_p05": 290.655029296875,
  "summary_fg_p95": 473.7790832519531,
  "summary_fg_stdv": 59.004276275634766,
  "tsnr": 26.966077826800756
}