{
  "aor": 0.000358923076923077,
  "aqi": 0.029544088461538456,
  "bids_meta": {
    "EchoTime": 0.03,
    "EffectiveEchoSpacing": 0.000370002,
    "FlipAngle": 90,
    "ImageType": [
      "ORIGINAL",
      "PRIMARY",
      "M",
      "ND",
      "NORM",
      "MOS"
    ],
    "MagneticFieldStrength": 3,
    "Manufacturer": "Siemens",
    "ManufacturersModelName": "TrioTim",
    "PhaseEncodingDirection": "j-",
    "PulseSequenceType": "Gradient Echo EPI",
    "RepetitionTime": 2.5,
    "SliceTiming": [
      0,
      1.2875,
      0.065,
      1.3525,
      0.13,
      1.4175,
      0.195,
      1.48,
      0.2575,
      1.545,
      0.3225,
      1.61,
      0.3875,
      1.675,
      0.4525,
      1.7375,
      0.515,
      1.8025,
      0.58,
      1.8675,
      0.645,
      1.9325,
      0.71,
      1.995,
      0.7725,
      2.06,
      0.8375,
      2.125,
      0.9025,
      2.19,
      0.965,
      2.2525,
      1.03,
      2.3175,
      1.095,
      2.3825,
      1.16,
      2.445,
      1.2225
    ],
    "TaskName": "Experimental Run 1",
    "dataset": "ds000253",
    "modality": "bold",
    "subject_id": "05",
    "task_id": "run1"
  },
  "dummy_trs": 0,
  "dvars_nstd": 53.26838984563703,
  "dvars_std": 1.0470679996525096,
  "dvars_vstd": 1.0020841113127417,
  "efc": 0.6175682925966649,
  "fber": 403.9011535644531,
  "fd_mean": 0.14991289076954017,
  "fd_num": 55,
  "fd_perc": 21.153846153846153,
  "fwhm_avg": 1.9373667107394041,
  "fwhm_x": 1.933755,
  "fwhm_y": 2.214655,
  "fwhm_z": 1.6636901322182123,
  "gcor": 0.00937788,
  "gsr_x": -0.010305650532245636,
  "gsr_y": 0.045915260910987854,
  "provenance": {
    "md5sum": "96eb60c68727e6274ef0c465305c1515",
    "settings": {
      "fd_thres": 0.2,
      "testing": false
    },
    "software": "mriqc",
    "version": "22.0.1",
    "webapi_port": null,
    "webapi_url": "https://mriqc.nimh.nih.gov/api/v1"
  },
  "size_t": 260,
  "size_x": 96,
  "size_y": 96,
  "size_z": 39,
  "snr": 6.302799586720461,
  "spacing_tr": 2.5,
  "spacing_x": 2.0,
  "spacing_y": 2.0,
  "spacing_z": 2.999999761581421,
  "summary_bg_k": 35.40679449056914,
  "summary_bg_mad": 9.76806819377194,
  "summary_bg_mean": 25.410381317138672,
  "summary_bg_median": 17.919231414794922,
  "summary_bg_n": 193557.0,
  "summary_bg_p05": 8.880768775939941,
  "summary_bg_p95": 59.68846130371094,
  "summary_bg_stdv": 26.352283477783203,
  "summary_fg_k": 1.9492578306884143,
  "summary_fg_mad": 52.72361616459098,
  "summary_fg_mean": 375.94793701171875,
  "summary_fg_median": 372.0384521484375,
  "summary_fg_n": 100660.0,
  "summary_fg_p05": 291.0032684326172,
  "summary_fg_p95": 473.234619140625,
  "summary_fg_stdv": 59.027198791503906,
  "tsnr": 27.90878215560224
}