{
  "aor": 0.0005530000000000001,
  "aqi": 0.030707378846153845,
  "bids_meta": {
    "EchoTime": 0.03,
    "EffectiveEchoSpacing": 0.000370002,
    "FlipAngle": 90,
    "ImageType": [
      "ORIGINAL",
      "PRIMARY",
      "M",
      "ND",
      "NORM",
      "MOS"
    ],
    "MagneticFieldStrength": 3,
    "Manufacturer": "Siemens",
    "ManufacturersModelName": "TrioTim",
    "PhaseEncodingDirection": "j-",
    "PulseSequenceType": "Gradient Echo EPI",
    "RepetitionTime": 2.5,
    "SliceTiming": [
      0,
      1.2875,
      0.065,
      1.3525,
      0.13,
      1.415,
      0.1925,
      1.48,
      0.2575,
      1.545,
      0.3225,
      1.61,
      0.3875,
      1.6725,
      0.45,
      1.7375,
      0.515,
      1.8025,
      0.58,
      1.8675,
      0.645,
      1.93,
      0.7075,
      1.995,
      0.7725,
      2.06,
      0.8375,
      2.125,
      0.9025,
      2.1875,
      0.965,
      2.2525,
      1.03,
      2.3175,
      1.095,
      2.3825,
      1.16,
      2.445,
      1.2225
    ],
    "TaskName": "Experimental Run 3",
    "dataset": "ds000253",
    "modality": "bold",
    "subject_id": "05",
    "task_id": "run3"
  },
  "dummy_trs": 0,
  "dvars_nstd": 53.94122361610039,
  "dvars_std": 1.0462483888803091,
  "dvars_vstd": 1.0033882513513512,
  "efc": 0.6187292098101733,
  "fber": 392.7973327636719,
  "fd_mean": 0.1522527046376935,
  "fd_num": 54,
  "fd_perc": 20.76923076923077,
  "fwhm_avg": 1.9368828212905849,
  "fwhm_x": 1.94056,
  "fwhm_y": 2.227535,
  "fwhm_z": 1.6425534638717545,
  "gcor": 0.00948422,
  "gsr_x": -0.010843521915376186,
  "gsr_y": 0.04674448445439339,
  "provenance": {
    "md5sum": "0900edba26100eada9466730c685a050",
    "settings": {
      "fd_thres": 0.2,
      "testing": false
    },
    "software": "mriqc",
    "version": "22.0.1",
    "webapi_port": null,
    "webapi_url": "https://mriqc.nimh.nih.gov/api/v1"
  },
  "size_t": 260,
  "size_x": 96,
  "size_y": 96,
  "size_z": 39,
  "snr": 6.307598389984615,
  "spacing_tr": 2.5,
  "spacing_x": 2.0,
  "spacing_y": 2.0,
  "spacing_z": 2.999999761581421,
  "summary_bg_k": 34.72974939423308,
  "summary_bg_mad": 10.406727219427372,
  "summary_bg_mean": 25.946001052856445,
  "summary_bg_median": 18.41538429260254,
  "summary_bg_n": 193487.0,
  "summary_bg_p05": 8.796154022216797,
  "summary_bg_p95": 61.371923828124935,
  "summary_bg_stdv": 26.616987228393555,
  "summary_fg_k": 1.818208848812577,
  "summary_fg_mad": 52.409952227829805,
  "summary_fg_mean": 375.4670715332031,
  "summary_fg_median": 371.1615295410156,
  "summary_fg_n": 100717.0,
  "summary_fg_p05": 290.61000366210936,
  "summary_fg_p95": 473.4546264648437,
  "summary_fg_stdv": 58.843265533447266,
  "tsnr": 27.0206506177783
}