{
  "aor": 0.0026745384615384617,
  "aqi": 0.03056962923076923,
  "bids_meta": {
    "EchoTime": 0.03,
    "EffectiveEchoSpacing": 0.000370002,
    "FlipAngle": 90,
    "ImageType": [
      "ORIGINAL",
      "PRIMARY",
      "M",
      "ND",
      "NORM",
      "MOS"
    ],
    "MagneticFieldStrength": 3,
    "Manufacturer": "Siemens",
    "ManufacturersModelName": "TrioTim",
    "PhaseEncodingDirection": "j-",
    "PulseSequenceType": "Gradient Echo EPI",
    "RepetitionTime": 2.5,
    "SliceTiming": [
      0,
      1.2875,
      0.065,
      1.3525,
      0.13,
      1.4175,
      0.195,
      1.48,
      0.2575,
      1.545,
      0.3225,
      1.61,
      0.3875,
      1.675,
      0.4525,
      1.7375,
      0.515,
      1.8025,
      0.58,
      1.8675,
      0.645,
      1.9325,
      0.7075,
      1.995,
      0.7725,
      2.06,
      0.8375,
      2.125,
      0.9025,
      2.1875,
      0.965,
      2.2525,
      1.03,
      2.3175,
      1.095,
      2.3825,
      1.16,
      2.445,
      1.2225
    ],
    "TaskName": "Experimental Run 3",
    "dataset": "ds000253",
    "modality": "bold",
    "subject_id": "03",
    "task_id": "run3"
  },
  "dummy_trs": 0,
  "dvars_nstd": 52.90585340386101,
  "dvars_std": 1.0632753424710428,
  "dvars_vstd": 1.0194286827799226,
  "efc": 0.6144041978966689,
  "fber": 452.7340393066406,
  "fd_mean": 0.21509565639061934,
  "fd_num": 95,
  "fd_perc": 36.53846153846154,
  "fwhm_avg": 1.9897844444444444,
  "fwhm_x": 2.00526,
  "fwhm_y": 2.28625,
  "fwhm_z": 1.6778433333333334,
  "gcor": 0.00949925,
  "gsr_x": -0.006203087512403727,
  "gsr_y": 0.05180754140019417,
  "provenance": {
    "md5sum": "537a0275ca369d2023ffcb80eaab9e2c",
    "settings": {
      "fd_thres": 0.2,
      "testing": false
    },
    "software": "mriqc",
    "version": "22.0.1",
    "webapi_port": null,
    "webapi_url": "https://mriqc.nimh.nih.gov/api/v1"
  },
  "size_t": 260,
  "size_x": 96,
  "size_y": 96,
  "size_z": 39,
  "snr": 5.39795630694803,
  "spacing_tr": 2.5,
  "spacing_x": 2.0,
  "spacing_y": 2.0,
  "spacing_z": 3.0,
  "summary_bg_k": 26.76941801579953,
  "summary_bg_mad": 10.526477730877295,
  "summary_bg_mean": 27.260883331298828,
  "summary_bg_median": 18.253847122192383,
  "summary_bg_n": 193036.0,
  "summary_bg_p05": 8.969230651855469,
  "summary_bg_p95": 69.52788543701172,
  "summary_bg_stdv": 28.337631225585938,
  "summary_fg_k": 1.265823703865542,
  "summary_fg_mad": 65.11473296359999,
  "summary_fg_mean": 407.7908020019531,
  "summary_fg_median": 398.1615295410156,
  "summary_fg_n": 101583.0,
  "summary_fg_p05": 306.84654541015624,
  "summary_fg_p95": 543.5111511230468,
  "summary_fg_stdv": 73.76116943359375,
  "tsnr": 26.00136721006129
}