{
  "aor": 0.0013890822784810128,
  "aqi": 0.04348376202531646,
  "bids_meta": {
    "EchoTime": 0.03,
    "EffectiveEchoSpacing": 0.000370002,
    "FlipAngle": 90,
    "ImageType": [
      "ORIGINAL",
      "PRIMARY",
      "M",
      "ND",
      "NORM",
      "MOS"
    ],
    "MagneticFieldStrength": 3,
    "Manufacturer": "Siemens",
    "ManufacturersModelName": "TrioTim",
    "PhaseEncodingDirection": "j-",
    "PulseSequenceType": "Gradient Echo EPI",
    "RepetitionTime": 2.5,
    "SliceTiming": [
      0,
      1.2875,
      0.065,
      1.3525,
      0.13,
      1.4175,
      0.195,
      1.48,
      0.2575,
      1.545,
      0.3225,
      1.61,
      0.3875,
      1.675,
      0.4525,
      1.7375,
      0.515,
      1.8025,
      0.58,
      1.8675,
      0.645,
      1.9325,
      0.71,
      1.995,
      0.7725,
      2.06,
      0.8375,
      2.125,
      0.9025,
      2.19,
      0.965,
      2.2525,
      1.03,
      2.3175,
      1.095,
      2.3825,
      1.16,
      2.445,
      1.2225
    ],
    "TaskName": "Localizer",
    "dataset": "ds000253",
    "modality": "bold",
    "subject_id": "03",
    "task_id": "localizer"
  },
  "dummy_trs": 0,
  "dvars_nstd": 52.4956361439365,
  "dvars_std": 0.9977619387301591,
  "dvars_vstd": 0.968955555714286,
  "efc": 0.6160650977183643,
  "fber": 465.5718688964844,
  "fd_mean": 0.2963677373669658,
  "fd_num": 171,
  "fd_perc": 54.11392405063291,
  "fwhm_avg": 2.041218888888889,
  "fwhm_x": 2.075935,
  "fwhm_y": 2.380125,
  "fwhm_z": 1.6675966666666666,
  "gcor": 0.00929291,
  "gsr_x": -0.008144322782754898,
  "gsr_y": 0.050990328192710876,
  "provenance": {
    "md5sum": "2136ca975862aed72630da4a2b47f8af",
    "settings": {
      "fd_thres": 0.2,
      "testing": false
    },
    "software": "mriqc",
    "version": "22.0.1",
    "webapi_port": null,
    "webapi_url": "https://mriqc.nimh.nih.gov/api/v1"
  },
  "size_t": 316,
  "size_x": 96,
  "size_y": 96,
  "size_z": 39,
  "snr": 5.426472428904265,
  "spacing_tr": 2.5,
  "spacing_x": 2.0,
  "spacing_y": 2.0,
  "spacing_z": 3.0,
  "summary_bg_k": 28.871310222334976,
  "summary_bg_mad": 10.82393532052723,
  "summary_bg_mean": 27.97537612915039,
  "summary_bg_median": 18.43987464904785,
  "summary_bg_n": 192068.0,
  "summary_bg_p05": 8.971519470214844,
  "summary_bg_p95": 72.36170845031735,
  "summary_bg_stdv": 29.606916427612305,
  "summary_fg_k": 1.181011424224577,
  "summary_fg_mad": 66.5669302537964,
  "summary_fg_mean": 412.0682373046875,
  "summary_fg_median": 402.4557189941406,
  "summary_fg_n": 102357.0,
  "summary_fg_p05": 310.55316772460935,
  "summary_fg_p95": 547.8880004882812,
  "summary_fg_stdv": 74.1648941040039,
  "tsnr": 23.16905608435627
}