{
  "aor": 0.0004686538461538461,
  "aqi": 0.028132085769230767,
  "bids_meta": {
    "EchoTime": 0.03,
    "EffectiveEchoSpacing": 0.000370002,
    "FlipAngle": 90,
    "ImageType": [
      "ORIGINAL",
      "PRIMARY",
      "M",
      "ND",
      "NORM",
      "MOS"
    ],
    "MagneticFieldStrength": 3,
    "Manufacturer": "Siemens",
    "ManufacturersModelName": "TrioTim",
    "PhaseEncodingDirection": "j-",
    "PulseSequenceType": "Gradient Echo EPI",
    "RepetitionTime": 2.5,
    "SliceTiming": [
      0,
      1.285,
      0.0625,
      1.35,
      0.1275,
      1.415,
      0.1925,
      1.48,
      0.2575,
      1.5425,
      0.32,
      1.6075,
      0.385,
      1.6725,
      0.45,
      1.7375,
      0.515,
      1.8,
      0.5775,
      1.865,
      0.6425,
      1.93,
      0.7075,
      1.995,
      0.77,
      2.0575,
      0.835,
      2.1225,
      0.9,
      2.1875,
      0.965,
      2.25,
      1.0275,
      2.315,
      1.0925,
      2.38,
      1.1575,
      2.445,
      1.2225
    ],
    "TaskName": "Experimental Run 2",
    "dataset": "ds000253",
    "modality": "bold",
    "subject_id": "03",
    "task_id": "run2"
  },
  "dummy_trs": 0,
  "dvars_nstd": 51.04376792162161,
  "dvars_std": 1.0322699255212346,
  "dvars_vstd": 0.9848873328957523,
  "efc": 0.6135959361863755,
  "fber": 480.7282409667969,
  "fd_mean": 0.22019374469396702,
  "fd_num": 118,
  "fd_perc": 45.38461538461539,
  "fwhm_avg": 1.9979972222222224,
  "fwhm_x": 2.016325,
  "fwhm_y": 2.30347,
  "fwhm_z": 1.6741966666666668,
  "gcor": 0.00609015,
  "gsr_x": -0.006333386525511742,
  "gsr_y": 0.05342109128832817,
  "provenance": {
    "md5sum": "fb81a35e539593c718de01651a1c1dd5",
    "settings": {
      "fd_thres": 0.2,
      "testing": false
    },
    "software": "mriqc",
    "version": "22.0.1",
    "webapi_port": null,
    "webapi_url": "https://mriqc.nimh.nih.gov/api/v1"
  },
  "size_t": 260,
  "size_x": 96,
  "size_y": 96,
  "size_z": 39,
  "snr": 5.3862874339875555,
  "spacing_tr": 2.5,
  "spacing_x": 2.0,
  "spacing_y": 2.0,
  "spacing_z": 3.0,
  "summary_bg_k": 28.498263298701367,
  "summary_bg_mad": 10.646225414487901,
  "summary_bg_mean": 27.703153610229492,
  "summary_bg_median": 18.115385055541992,
  "summary_bg_n": 192991.0,
  "summary_bg_p05": 8.765384674072266,
  "summary_bg_p95": 71.93269348144531,
  "summary_bg_stdv": 29.580846786499023,
  "summary_fg_k": 1.204038440615384,
  "summary_fg_mad": 66.4120099047924,
  "summary_fg_mean": 410.7581481933594,
  "summary_fg_median": 401.2096252441406,
  "summary_fg_n": 101548.0,
  "summary_fg_p05": 308.7373107910156,
  "summary_fg_p95": 547.4384765625,
  "summary_fg_stdv": 74.48686218261719,
  "tsnr": 27.311756688694004
}