{
  "aor": 0.0007821153846153846,
  "aqi": 0.03327901923076923,
  "bids_meta": {
    "EchoTime": 0.03,
    "EffectiveEchoSpacing": 0.000370002,
    "FlipAngle": 90,
    "ImageType": [
      "ORIGINAL",
      "PRIMARY",
      "M",
      "ND",
      "NORM",
      "MOS"
    ],
    "MagneticFieldStrength": 3,
    "Manufacturer": "Siemens",
    "ManufacturersModelName": "TrioTim",
    "PhaseEncodingDirection": "j-",
    "PulseSequenceType": "Gradient Echo EPI",
    "RepetitionTime": 2.5,
    "SliceTiming": [
      0,
      1.285,
      0.0625,
      1.35,
      0.1275,
      1.415,
      0.1925,
      1.48,
      0.2575,
      1.5425,
      0.32,
      1.6075,
      0.385,
      1.6725,
      0.45,
      1.7375,
      0.515,
      1.8,
      0.5775,
      1.865,
      0.6425,
      1.93,
      0.7075,
      1.995,
      0.77,
      2.0575,
      0.835,
      2.1225,
      0.9,
      2.1875,
      0.965,
      2.25,
      1.0275,
      2.315,
      1.0925,
      2.38,
      1.1575,
      2.445,
      1.2225
    ],
    "TaskName": "Experimental Run 4",
    "dataset": "ds000253",
    "modality": "bold",
    "subject_id": "03",
    "task_id": "run4"
  },
  "dummy_trs": 0,
  "dvars_nstd": 52.57062119594598,
  "dvars_std": 1.0320382439768332,
  "dvars_vstd": 0.9911942412741312,
  "efc": 0.6145751457259039,
  "fber": 462.34423828125,
  "fd_mean": 0.27437169009100515,
  "fd_num": 155,
  "fd_perc": 59.61538461538461,
  "fwhm_avg": 2.0149677777777777,
  "fwhm_x": 2.03897,
  "fwhm_y": 2.32953,
  "fwhm_z": 1.6764033333333332,
  "gcor": 0.00489881,
  "gsr_x": -0.006183764897286892,
  "gsr_y": 0.05325686186552048,
  "provenance": {
    "md5sum": "39654cfdfecd3bab4d02a36848812a52",
    "settings": {
      "fd_thres": 0.2,
      "testing": false
    },
    "software": "mriqc",
    "version": "22.0.1",
    "webapi_port": null,
    "webapi_url": "https://mriqc.nimh.nih.gov/api/v1"
  },
  "size_t": 260,
  "size_x": 96,
  "size_y": 96,
  "size_z": 39,
  "snr": 5.374521593832438,
  "spacing_tr": 2.5,
  "spacing_x": 2.0,
  "spacing_y": 2.0,
  "spacing_z": 3.0,
  "summary_bg_k": 26.403263860362706,
  "summary_bg_mad": 10.743163746187982,
  "summary_bg_mean": 27.893346786499023,
  "summary_bg_median": 18.58461570739746,
  "summary_bg_n": 192890.0,
  "summary_bg_p05": 9.026923179626465,
  "summary_bg_p95": 71.42692565917969,
  "summary_bg_stdv": 28.825634002685547,
  "summary_fg_k": 1.2640552855588059,
  "summary_fg_mad": 65.98149964755726,
  "summary_fg_mean": 409.397216796875,
  "summary_fg_median": 399.94232177734375,
  "summary_fg_n": 101666.0,
  "summary_fg_p05": 307.13365173339844,
  "summary_fg_p95": 545.1028594970703,
  "summary_fg_stdv": 74.41413116455078,
  "tsnr": 25.421261971467175
}