{
  "aor": 0.0009955,
  "aqi": 0.027197516153846153,
  "bids_meta": {
    "EchoTime": 0.03,
    "EffectiveEchoSpacing": 0.000370002,
    "FlipAngle": 90,
    "ImageType": [
      "ORIGINAL",
      "PRIMARY",
      "M",
      "ND",
      "NORM",
      "MOS"
    ],
    "MagneticFieldStrength": 3,
    "Manufacturer": "Siemens",
    "ManufacturersModelName": "TrioTim",
    "PhaseEncodingDirection": "j-",
    "PulseSequenceType": "Gradient Echo EPI",
    "RepetitionTime": 2.5,
    "SliceTiming": [
      0,
      1.2875,
      0.065,
      1.3525,
      0.13,
      1.4175,
      0.1925,
      1.48,
      0.2575,
      1.545,
      0.3225,
      1.61,
      0.3875,
      1.6725,
      0.45,
      1.7375,
      0.515,
      1.8025,
      0.58,
      1.8675,
      0.645,
      1.93,
      0.7075,
      1.995,
      0.7725,
      2.06,
      0.8375,
      2.125,
      0.9025,
      2.1875,
      0.965,
      2.2525,
      1.03,
      2.3175,
      1.095,
      2.3825,
      1.16,
      2.445,
      1.2225
    ],
    "TaskName": "Experimental Run 1",
    "dataset": "ds000253",
    "modality": "bold",
    "subject_id": "03",
    "task_id": "run1"
  },
  "dummy_trs": 0,
  "dvars_nstd": 52.540570365675705,
  "dvars_std": 1.057966676447876,
  "dvars_vstd": 1.002158691428572,
  "efc": 0.6145990847887688,
  "fber": 457.11981201171875,
  "fd_mean": 0.22513737188655472,
  "fd_num": 104,
  "fd_perc": 40.0,
  "fwhm_avg": 2.0050811111111115,
  "fwhm_x": 2.018305,
  "fwhm_y": 2.307885,
  "fwhm_z": 1.6890533333333335,
  "gcor": 0.0066828,
  "gsr_x": -0.006590758915990591,
  "gsr_y": 0.049909692257642746,
  "provenance": {
    "md5sum": "81fe6369a80f4f340d25e5ff4bd86b25",
    "settings": {
      "fd_thres": 0.2,
      "testing": false
    },
    "software": "mriqc",
    "version": "22.0.1",
    "webapi_port": null,
    "webapi_url": "https://mriqc.nimh.nih.gov/api/v1"
  },
  "size_t": 260,
  "size_x": 96,
  "size_y": 96,
  "size_z": 39,
  "snr": 5.384935422966181,
  "spacing_tr": 2.5,
  "spacing_x": 2.0,
  "spacing_y": 2.0,
  "spacing_z": 3.0,
  "summary_bg_k": 28.020539587845015,
  "summary_bg_mad": 10.395322543472108,
  "summary_bg_mean": 27.33222007751465,
  "summary_bg_median": 18.28076934814453,
  "summary_bg_n": 192567.0,
  "summary_bg_p05": 8.953845977783203,
  "summary_bg_p95": 69.5846176147461,
  "summary_bg_stdv": 28.570068359375,
  "summary_fg_k": 1.2900766788028406,
  "summary_fg_mad": 66.11264352360519,
  "summary_fg_mean": 409.43585205078125,
  "summary_fg_median": 399.95001220703125,
  "summary_fg_n": 101964.0,
  "summary_fg_p05": 308.4775054931641,
  "summary_fg_p95": 545.2538452148438,
  "summary_fg_stdv": 74.27165222167969,
  "tsnr": 27.28251810115762
}